{
  "bids_meta": {
    "AcquisitionDateTime": "2018-06-04T19:31:49.235000",
    "BodyPartExamined": "BRAIN",
    "ConversionSoftware": "dcm2niix",
    "ConversionSoftwareVersion": "v1.0.20170411 GCC4.2.1",
    "EchoTime": 0.00207,
    "FlipAngle": 9,
    "ImageType": [
      "ORIGINAL",
      "PRIMARY",
      "M",
      "ND",
      "NORM"
    ],
    "InversionTime": 0.9,
    "MagneticFieldStrength": 3,
    "Manufacturer": "Philips",
    "PhaseEncodingDirection": "i-",
    "ProcedureStepDescription": "funktionales_Schadel-MRT",
    "ProtocolName": "t1_mprage_sag_p2_iso_1.0",
    "RepetitionTime": 2.3,
    "ScanningSequence": "GR_IR",
    "SequenceName": "_tfl3d1_16ns",
    "SequenceVariant": "SK_SP_MP",
    "SeriesDescription": "t1_mprage_sag_p2_iso_1.0",
    "dataset": "ds002608",
    "modality": "T1w",
    "subject_id": "037"
  },
  "cjv": 0.3022453776059892,
  "cnr": 4.514819142960317,
  "efc": 0.7518838818714173,
  "fber": 659.3475931065587,
  "fwhm_avg": 4.526691233506342,
  "fwhm_x": 4.169605594494186,
  "fwhm_y": 4.488212998372441,
  "fwhm_z": 4.9222551076524,
  "icvs_csf": 0.2689818933686773,
  "icvs_gm": 0.414940066650113,
  "icvs_wm": 0.31607803998120976,
  "inu_med": 0.7176563143730164,
  "inu_range": 0.24673303961753845,
  "provenance": {
    "md5sum": "ac540ea8bc15be006bdfe6e11f5bcdbf",
    "settings": {
      "testing": false
    },
    "software": "mriqc",
    "version": "22.0.6",
    "warnings": {
      "large_rot_frame": true,
      "small_air_mask": true
    },
    "webapi_port": null,
    "webapi_url": "https://mriqc.nimh.nih.gov/api/v1"
  },
  "qi_1": 0.0,
  "qi_2": 0.0008613542337035993,
  "rpve_csf": 21.7020623360486,
  "rpve_gm": 13.598093053671084,
  "rpve_wm": 20.964366572332278,
  "size_x": 240,
  "size_y": 240,
  "size_z": 220,
  "snr_csf": 1.7540722620157279,
  "snr_gm": 8.160671997263364,
  "snr_total": 10.000517250487798,
  "snr_wm": 20.0868074921843,
  "snrd_csf": 12.885719811365837,
  "snrd_gm": 53.02466438724386,
  "snrd_total": 51.504831541075895,
  "snrd_wm": 88.60411042461797,
  "spacing_x": 0.9989410042762756,
  "spacing_y": 0.9989410042762756,
  "spacing_z": 0.9999847412109375,
  "summary_bg_k": 101.00135377134656,
  "summary_bg_mad": 0.0,
  "summary_bg_mean": 1.4837988635296204,
  "summary_bg_median": 0.0,
  "summary_bg_n": 95849.0,
  "summary_bg_p05": 0.0,
  "summary_bg_p95": 10.774347484111786,
  "summary_bg_stdv": 7.393972861254609,
  "summary_csf_k": 0.7213598470650102,
  "summary_csf_mad": 78.58548644736955,
  "summary_csf_mean": 158.22943509811932,
  "summary_csf_median": 145.43026854097843,
  "summary_csf_n": 34283.0,
  "summary_csf_p05": 44.481659363210206,
  "summary_csf_p95": 312.54742476791137,
  "summary_csf_stdv": 82.90886906357667,
  "summary_gm_k": 0.025228999126785112,
  "summary_gm_mad": 73.96689621427183,
  "summary_gm_mean": 597.7324178358085,
  "summary_gm_median": 598.4447352588177,
  "summary_gm_n": 29382.0,
  "summary_gm_p05": 475.8513988852501,
  "summary_gm_p95": 715.6977428793907,
  "summary_gm_stdv": 73.33152851949876,
  "summary_wm_k": 0.4627777802294206,
  "summary_wm_mad": 47.40132081337138,
  "summary_wm_mean": 997.9565545157168,
  "summary_wm_median": 999.9999814927578,
  "summary_wm_n": 178314.0,
  "summary_wm_p05": 913.1025267839432,
  "summary_wm_p95": 1076.4357790194454,
  "summary_wm_stdv": 49.783778623639726,
  "tpm_overlap_csf": 0.1622992610423453,
  "tpm_overlap_gm": 0.4739960300166313,
  "tpm_overlap_wm": 0.5124436849790536,
  "wm2max": 0.7302863335988521
}