{
  "bids_meta": {
    "AcquisitionDateTime": "2018-06-04T19:31:49.235000",
    "BodyPartExamined": "BRAIN",
    "ConversionSoftware": "dcm2niix",
    "ConversionSoftwareVersion": "v1.0.20170411 GCC4.2.1",
    "EchoTime": 0.00207,
    "FlipAngle": 9,
    "ImageType": [
      "ORIGINAL",
      "PRIMARY",
      "M",
      "ND",
      "NORM"
    ],
    "InversionTime": 0.9,
    "MagneticFieldStrength": 3,
    "Manufacturer": "Philips",
    "PhaseEncodingDirection": "i-",
    "ProcedureStepDescription": "funktionales_Schadel-MRT",
    "ProtocolName": "t1_mprage_sag_p2_iso_1.0",
    "RepetitionTime": 2.3,
    "ScanningSequence": "GR_IR",
    "SequenceName": "_tfl3d1_16ns",
    "SequenceVariant": "SK_SP_MP",
    "SeriesDescription": "t1_mprage_sag_p2_iso_1.0",
    "dataset": "ds002608",
    "modality": "T1w",
    "subject_id": "028"
  },
  "cjv": 0.29974981366194087,
  "cnr": 4.429484250898388,
  "efc": 0.7471612598305006,
  "fber": -1.0,
  "fwhm_avg": 4.444231347434807,
  "fwhm_x": 4.160395841405049,
  "fwhm_y": 4.398427916354529,
  "fwhm_z": 4.773870284544842,
  "icvs_csf": 0.25285236777152853,
  "icvs_gm": 0.4184196352280068,
  "icvs_wm": 0.3287279970004647,
  "inu_med": 0.6789676547050476,
  "inu_range": 0.2229996919631958,
  "provenance": {
    "md5sum": "0fcc868c38837087cf96823fa5d511cc",
    "settings": {
      "testing": false
    },
    "software": "mriqc",
    "version": "22.0.6",
    "warnings": {
      "large_rot_frame": true,
      "small_air_mask": true
    },
    "webapi_port": null,
    "webapi_url": "https://mriqc.nimh.nih.gov/api/v1"
  },
  "qi_1": 0.0,
  "qi_2": 0.0018563351637251534,
  "rpve_csf": 19.885033969466253,
  "rpve_gm": 11.744091390015324,
  "rpve_wm": 17.608467659547074,
  "size_x": 240,
  "size_y": 240,
  "size_z": 220,
  "snr_csf": 1.5017981334554549,
  "snr_gm": 7.263795991499499,
  "snr_total": 9.385072437421078,
  "snr_wm": 19.389623187308278,
  "snrd_csf": 20.654326271803264,
  "snrd_gm": 81.0654921233622,
  "snrd_total": 80.57864884058546,
  "snrd_wm": 140.0161281265909,
  "spacing_x": 0.9989410042762756,
  "spacing_y": 0.9989410042762756,
  "spacing_z": 0.9999999403953552,
  "summary_bg_k": 418.89658095113174,
  "summary_bg_mad": 0.0,
  "summary_bg_mean": 0.8071381303707847,
  "summary_bg_median": 0.0,
  "summary_bg_n": 182215.0,
  "summary_bg_p05": 0.0,
  "summary_bg_p95": 0.0,
  "summary_bg_stdv": 4.679006817331771,
  "summary_csf_k": 0.062312302530378005,
  "summary_csf_mad": 105.38925569968517,
  "summary_csf_mean": 162.6540261855167,
  "summary_csf_median": 147.51391226798296,
  "summary_csf_n": 30278.0,
  "summary_csf_p05": 32.5506354582496,
  "summary_csf_p95": 342.59280324494443,
  "summary_csf_stdv": 98.22323850994644,
  "summary_gm_k": 0.021694558748744264,
  "summary_gm_mad": 79.80714960810765,
  "summary_gm_mean": 580.4975430699931,
  "summary_gm_median": 578.97254723683,
  "summary_gm_n": 34838.0,
  "summary_gm_p05": 451.6190145226196,
  "summary_gm_p95": 712.9292181718164,
  "summary_gm_stdv": 79.70546507050089,
  "summary_wm_k": 1.2798992473092978,
  "summary_wm_mad": 46.39575915852847,
  "summary_wm_mean": 997.6786616080675,
  "summary_wm_median": 1000.0000275373459,
  "summary_wm_n": 213833.0,
  "summary_wm_p05": 909.4011029284447,
  "summary_wm_p95": 1076.3647723384202,
  "summary_wm_stdv": 51.57385884196982,
  "tpm_overlap_csf": 0.1455580081513471,
  "tpm_overlap_gm": 0.45626785105053064,
  "tpm_overlap_wm": 0.4914644278385509,
  "wm2max": 0.7508525740393245
}