{
  "bids_meta": {
    "AcquisitionDateTime": "2018-06-04T19:31:49.235000",
    "BodyPartExamined": "BRAIN",
    "ConversionSoftware": "dcm2niix",
    "ConversionSoftwareVersion": "v1.0.20170411 GCC4.2.1",
    "EchoTime": 0.00207,
    "FlipAngle": 9,
    "ImageType": [
      "ORIGINAL",
      "PRIMARY",
      "M",
      "ND",
      "NORM"
    ],
    "InversionTime": 0.9,
    "MagneticFieldStrength": 3,
    "Manufacturer": "Philips",
    "PhaseEncodingDirection": "i-",
    "ProcedureStepDescription": "funktionales_Schadel-MRT",
    "ProtocolName": "t1_mprage_sag_p2_iso_1.0",
    "RepetitionTime": 2.3,
    "ScanningSequence": "GR_IR",
    "SequenceName": "_tfl3d1_16ns",
    "SequenceVariant": "SK_SP_MP",
    "SeriesDescription": "t1_mprage_sag_p2_iso_1.0",
    "dataset": "ds002608",
    "modality": "T1w",
    "subject_id": "023"
  },
  "cjv": 0.29773601076942796,
  "cnr": 4.461151698470199,
  "efc": 0.749935342821239,
  "fber": 690.8356644272106,
  "fwhm_avg": 4.664408926790092,
  "fwhm_x": 4.335080832063155,
  "fwhm_y": 4.663799221415884,
  "fwhm_z": 4.994346726891237,
  "icvs_csf": 0.2541570437630295,
  "icvs_gm": 0.41071676725769446,
  "icvs_wm": 0.335126188979276,
  "inu_med": 0.6401210725307465,
  "inu_range": 0.1987373173236846,
  "provenance": {
    "md5sum": "9cf738bdd823a723c5179bfe30c25ef7",
    "settings": {
      "testing": false
    },
    "software": "mriqc",
    "version": "22.0.6",
    "warnings": {
      "large_rot_frame": true,
      "small_air_mask": true
    },
    "webapi_port": null,
    "webapi_url": "https://mriqc.nimh.nih.gov/api/v1"
  },
  "qi_1": 0.0,
  "qi_2": 0.0038503374671026917,
  "rpve_csf": 21.23084082156611,
  "rpve_gm": 12.896754254535917,
  "rpve_wm": 19.000772524677032,
  "size_x": 240,
  "size_y": 240,
  "size_z": 220,
  "snr_csf": 1.692648632292225,
  "snr_gm": 7.740761382403858,
  "snr_total": 10.240894798621333,
  "snr_wm": 21.289274381167917,
  "snrd_csf": 37.0260289119292,
  "snrd_gm": 130.90333970230546,
  "snrd_total": 129.07162506161578,
  "snrd_wm": 219.28550657061268,
  "spacing_x": 0.9989410042762756,
  "spacing_y": 0.9989409446716309,
  "spacing_z": 0.9999465942382812,
  "summary_bg_k": 53.88546795909394,
  "summary_bg_mad": 0.0,
  "summary_bg_mean": 0.5642557794856857,
  "summary_bg_median": 0.0,
  "summary_bg_n": 47246.0,
  "summary_bg_p05": 0.0,
  "summary_bg_p95": 0.0,
  "summary_bg_stdv": 2.987595482608763,
  "summary_csf_k": -0.16071135633034572,
  "summary_csf_mad": 107.43903793945829,
  "summary_csf_mean": 179.7356296966817,
  "summary_csf_median": 168.8484973758459,
  "summary_csf_n": 41989.0,
  "summary_csf_p05": 36.337060895562175,
  "summary_csf_p95": 357.6427663147449,
  "summary_csf_stdv": 99.75282732333316,
  "summary_gm_k": 0.06371144544668894,
  "summary_gm_mad": 77.06968696387918,
  "summary_gm_mean": 597.5552908677514,
  "summary_gm_median": 596.9538959413767,
  "summary_gm_n": 38533.0,
  "summary_gm_p05": 471.8522203922272,
  "summary_gm_p95": 724.4068678408862,
  "summary_gm_stdv": 77.117239557277,
  "summary_wm_k": 0.7934293211702106,
  "summary_wm_mad": 42.931647139210604,
  "summary_wm_mean": 998.6057738290656,
  "summary_wm_median": 999.9999829530716,
  "summary_wm_n": 225251.0,
  "summary_wm_p05": 919.9182185158134,
  "summary_wm_p95": 1073.3138268142939,
  "summary_wm_stdv": 46.97190450461066,
  "tpm_overlap_csf": 0.15029470284417681,
  "tpm_overlap_gm": 0.48208953256771986,
  "tpm_overlap_wm": 0.5273593174664645,
  "wm2max": 0.7954170042894926
}