{
  "bids_meta": {
    "AcquisitionDateTime": "2018-06-04T19:31:49.235000",
    "BodyPartExamined": "BRAIN",
    "ConversionSoftware": "dcm2niix",
    "ConversionSoftwareVersion": "v1.0.20170411 GCC4.2.1",
    "EchoTime": 0.00207,
    "FlipAngle": 9,
    "ImageType": [
      "ORIGINAL",
      "PRIMARY",
      "M",
      "ND",
      "NORM"
    ],
    "InversionTime": 0.9,
    "MagneticFieldStrength": 3,
    "Manufacturer": "Philips",
    "PhaseEncodingDirection": "i-",
    "ProcedureStepDescription": "funktionales_Schadel-MRT",
    "ProtocolName": "t1_mprage_sag_p2_iso_1.0",
    "RepetitionTime": 2.3,
    "ScanningSequence": "GR_IR",
    "SequenceName": "_tfl3d1_16ns",
    "SequenceVariant": "SK_SP_MP",
    "SeriesDescription": "t1_mprage_sag_p2_iso_1.0",
    "dataset": "ds002608",
    "modality": "T1w",
    "subject_id": "038"
  },
  "cjv": 0.30220999978540847,
  "cnr": 4.38238970570436,
  "efc": 0.7470281923082195,
  "fber": 856.4673783080029,
  "fwhm_avg": 4.583149884639624,
  "fwhm_x": 4.287500444636336,
  "fwhm_y": 4.456930135608285,
  "fwhm_z": 5.005019073674252,
  "icvs_csf": 0.274774469657071,
  "icvs_gm": 0.39994716182217466,
  "icvs_wm": 0.3252783685207544,
  "inu_med": 0.6460626721382141,
  "inu_range": 0.1633209824562073,
  "provenance": {
    "md5sum": "062e22f1c1d0354b78b0789feb1f6f55",
    "settings": {
      "testing": false
    },
    "software": "mriqc",
    "version": "22.0.6",
    "warnings": {
      "large_rot_frame": true,
      "small_air_mask": true
    },
    "webapi_port": null,
    "webapi_url": "https://mriqc.nimh.nih.gov/api/v1"
  },
  "qi_1": 0.0,
  "qi_2": 0.0037921744652721035,
  "rpve_csf": 21.250329249345306,
  "rpve_gm": 13.846650075678838,
  "rpve_wm": 20.88784959962864,
  "size_x": 240,
  "size_y": 240,
  "size_z": 220,
  "snr_csf": 1.5966563018567625,
  "snr_gm": 7.468143539870742,
  "snr_total": 10.645274028177534,
  "snr_wm": 22.871022242805097,
  "snrd_csf": 24.34472983400427,
  "snrd_gm": 104.28406783499146,
  "snrd_total": 100.88740692963297,
  "snrd_wm": 174.0334231199032,
  "spacing_x": 0.9989410042762756,
  "spacing_y": 0.9989409446716309,
  "spacing_z": 1.0000381469726562,
  "summary_bg_k": 35.861604336465774,
  "summary_bg_mad": 0.0,
  "summary_bg_mean": 0.8363913774627713,
  "summary_bg_median": 0.0,
  "summary_bg_n": 23921.0,
  "summary_bg_p05": 0.0,
  "summary_bg_p95": 9.648688361048698,
  "summary_bg_stdv": 3.7644284679807942,
  "summary_csf_k": 0.15324333332188722,
  "summary_csf_mad": 87.57329657128706,
  "summary_csf_mean": 154.80702644029685,
  "summary_csf_median": 139.8853643797338,
  "summary_csf_n": 35707.0,
  "summary_csf_p05": 35.41975770145655,
  "summary_csf_p95": 318.0294274594634,
  "summary_csf_stdv": 87.61021730766505,
  "summary_gm_k": 0.15387087605796346,
  "summary_gm_mad": 80.22203031460485,
  "summary_gm_mean": 598.0308637914349,
  "summary_gm_median": 599.2185958754271,
  "summary_gm_n": 29264.0,
  "summary_gm_p05": 464.37714518699795,
  "summary_gm_p95": 727.7131476067007,
  "summary_gm_stdv": 80.23524915346289,
  "summary_wm_k": 0.4798921255213302,
  "summary_wm_mad": 40.898104995595844,
  "summary_wm_mean": 999.7959538988805,
  "summary_wm_median": 999.9999578297138,
  "summary_wm_n": 189308.0,
  "summary_wm_p05": 927.5935614109039,
  "summary_wm_p95": 1071.9527834281325,
  "summary_wm_stdv": 43.72333278380035,
  "tpm_overlap_csf": 0.16469425323613954,
  "tpm_overlap_gm": 0.47022379889123067,
  "tpm_overlap_wm": 0.5188023527283032,
  "wm2max": 0.8086830390636723
}