{
  "bids_meta": {
    "AcquisitionDateTime": "2018-06-04T19:31:49.235000",
    "BodyPartExamined": "BRAIN",
    "ConversionSoftware": "dcm2niix",
    "ConversionSoftwareVersion": "v1.0.20170411 GCC4.2.1",
    "EchoTime": 0.00207,
    "FlipAngle": 9,
    "ImageType": [
      "ORIGINAL",
      "PRIMARY",
      "M",
      "ND",
      "NORM"
    ],
    "InversionTime": 0.9,
    "MagneticFieldStrength": 3,
    "Manufacturer": "Philips",
    "PhaseEncodingDirection": "i-",
    "ProcedureStepDescription": "funktionales_Schadel-MRT",
    "ProtocolName": "t1_mprage_sag_p2_iso_1.0",
    "RepetitionTime": 2.3,
    "ScanningSequence": "GR_IR",
    "SequenceName": "_tfl3d1_16ns",
    "SequenceVariant": "SK_SP_MP",
    "SeriesDescription": "t1_mprage_sag_p2_iso_1.0",
    "dataset": "ds002608",
    "modality": "T1w",
    "subject_id": "029"
  },
  "cjv": 0.30863347805488744,
  "cnr": 4.324186339133469,
  "efc": 0.7643300252218237,
  "fber": 243.18907112028523,
  "fwhm_avg": 4.523735235590036,
  "fwhm_x": 4.309823828118464,
  "fwhm_y": 4.318763552133486,
  "fwhm_z": 4.942618326518157,
  "icvs_csf": 0.2373635898663434,
  "icvs_gm": 0.41264277715008707,
  "icvs_wm": 0.3499936329835695,
  "inu_med": 0.620162844657898,
  "inu_range": 0.22084911167621613,
  "provenance": {
    "md5sum": "ad58b562c78cbebb44cb1c9b74af19a1",
    "settings": {
      "testing": false
    },
    "software": "mriqc",
    "version": "22.0.6",
    "warnings": {
      "large_rot_frame": true,
      "small_air_mask": true
    },
    "webapi_port": null,
    "webapi_url": "https://mriqc.nimh.nih.gov/api/v1"
  },
  "qi_1": 0.0,
  "qi_2": 0.0032586338394510377,
  "rpve_csf": 19.840767564319485,
  "rpve_gm": 11.483090384652613,
  "rpve_wm": 16.66997990331867,
  "size_x": 240,
  "size_y": 240,
  "size_z": 220,
  "snr_csf": 1.8267847935917294,
  "snr_gm": 7.751457808349729,
  "snr_total": 9.961597924503806,
  "snr_wm": 20.30655117156996,
  "snrd_csf": 31.499121337536447,
  "snrd_gm": 100.87556287112234,
  "snrd_total": 99.9810973007555,
  "snrd_wm": 167.5686076936077,
  "spacing_x": 0.9989410638809204,
  "spacing_y": 0.9989410042762756,
  "spacing_z": 1.00006103515625,
  "summary_bg_k": 73.3216369572218,
  "summary_bg_mad": 0.0,
  "summary_bg_mean": 0.7271024861417699,
  "summary_bg_median": 0.0,
  "summary_bg_n": 45596.0,
  "summary_bg_p05": 0.0,
  "summary_bg_p95": 0.0,
  "summary_bg_stdv": 3.909660630484716,
  "summary_csf_k": 0.13996283959221723,
  "summary_csf_mad": 108.63852675009787,
  "summary_csf_mean": 197.7766043020237,
  "summary_csf_median": 187.9774571955204,
  "summary_csf_n": 32685.0,
  "summary_csf_p05": 44.70032661035657,
  "summary_csf_p95": 375.5451057165861,
  "summary_csf_stdv": 102.89913855250279,
  "summary_gm_k": -0.01627072042874733,
  "summary_gm_mad": 77.30176021944654,
  "summary_gm_mean": 602.6248619265973,
  "summary_gm_median": 601.9955794475973,
  "summary_gm_n": 38091.0,
  "summary_gm_p05": 474.57626278698444,
  "summary_gm_p95": 731.2634895853698,
  "summary_gm_stdv": 77.66122092236607,
  "summary_wm_k": 0.9758567495352395,
  "summary_wm_mad": 45.535722914402726,
  "summary_wm_mean": 999.6589145455988,
  "summary_wm_median": 999.9999823011458,
  "summary_wm_n": 242129.0,
  "summary_wm_p05": 919.686390992254,
  "summary_wm_p95": 1079.7344961352646,
  "summary_wm_stdv": 49.245088879699075,
  "tpm_overlap_csf": 0.14088789474440586,
  "tpm_overlap_gm": 0.4583517345054148,
  "tpm_overlap_wm": 0.5008849859122824,
  "wm2max": 0.756767227736653
}