{
  "bids_meta": {
    "AcquisitionDateTime": "2018-06-04T19:31:49.235000",
    "BodyPartExamined": "BRAIN",
    "ConversionSoftware": "dcm2niix",
    "ConversionSoftwareVersion": "v1.0.20170411 GCC4.2.1",
    "EchoTime": 0.00207,
    "FlipAngle": 9,
    "ImageType": [
      "ORIGINAL",
      "PRIMARY",
      "M",
      "ND",
      "NORM"
    ],
    "InversionTime": 0.9,
    "MagneticFieldStrength": 3,
    "Manufacturer": "Philips",
    "PhaseEncodingDirection": "i-",
    "ProcedureStepDescription": "funktionales_Schadel-MRT",
    "ProtocolName": "t1_mprage_sag_p2_iso_1.0",
    "RepetitionTime": 2.3,
    "ScanningSequence": "GR_IR",
    "SequenceName": "_tfl3d1_16ns",
    "SequenceVariant": "SK_SP_MP",
    "SeriesDescription": "t1_mprage_sag_p2_iso_1.0",
    "dataset": "ds002608",
    "modality": "T1w",
    "subject_id": "015"
  },
  "cjv": 0.28966203252470957,
  "cnr": 4.7443339023473925,
  "efc": 0.7551792655540076,
  "fber": 500.7443312969964,
  "fwhm_avg": 4.601899158665985,
  "fwhm_x": 4.268960811243853,
  "fwhm_y": 4.583193582404768,
  "fwhm_z": 4.9535430823493325,
  "icvs_csf": 0.23672641249298804,
  "icvs_gm": 0.4423308118736017,
  "icvs_wm": 0.3209427756334103,
  "inu_med": 0.6606576442718506,
  "inu_range": 0.2228354662656784,
  "provenance": {
    "md5sum": "12fac704bb456cea52b2d66cfc9c932f",
    "settings": {
      "testing": false
    },
    "software": "mriqc",
    "version": "22.0.6",
    "warnings": {
      "large_rot_frame": true,
      "small_air_mask": true
    },
    "webapi_port": null,
    "webapi_url": "https://mriqc.nimh.nih.gov/api/v1"
  },
  "qi_1": 0.0,
  "qi_2": 0.0012081171326913693,
  "rpve_csf": 21.55314759782495,
  "rpve_gm": 11.930162297271732,
  "rpve_wm": 18.91504111519617,
  "size_x": 240,
  "size_y": 240,
  "size_z": 220,
  "snr_csf": 1.7597444666288524,
  "snr_gm": 8.286419647615345,
  "snr_total": 10.149737907700343,
  "snr_wm": 20.403049608856833,
  "snrd_csf": 18.575897914349706,
  "snrd_gm": 63.93896349800831,
  "snrd_total": 63.674248044035664,
  "snrd_wm": 108.50788271974898,
  "spacing_x": 0.9989410042762756,
  "spacing_y": 0.9989410042762756,
  "spacing_z": 0.999977171421051,
  "summary_bg_k": 126.3230810267653,
  "summary_bg_mad": 0.0,
  "summary_bg_mean": 1.2314238867358485,
  "summary_bg_median": 0.0,
  "summary_bg_n": 115093.0,
  "summary_bg_p05": 0.0,
  "summary_bg_p95": 10.649777371436357,
  "summary_bg_stdv": 6.03768497793137,
  "summary_csf_k": -0.06300018485756054,
  "summary_csf_mad": 103.7439012157923,
  "summary_csf_mean": 180.5793018202806,
  "summary_csf_median": 171.19399836286902,
  "summary_csf_n": 32730.0,
  "summary_csf_p05": 44.00656905025244,
  "summary_csf_p95": 356.28783280821517,
  "summary_csf_stdv": 97.28195561536154,
  "summary_gm_k": -0.030103819473981996,
  "summary_gm_mad": 72.06079896718795,
  "summary_gm_mean": 590.3867878658896,
  "summary_gm_median": 589.2564043402672,
  "summary_gm_n": 51756.0,
  "summary_gm_p05": 474.3783818022348,
  "summary_gm_p95": 707.230837920215,
  "summary_gm_stdv": 71.11041158092527,
  "summary_wm_k": 0.5636226600572845,
  "summary_wm_mad": 46.91603176000798,
  "summary_wm_mean": 999.2035288077731,
  "summary_wm_median": 1000.0000205822289,
  "summary_wm_n": 212967.0,
  "summary_wm_p05": 917.2883135080338,
  "summary_wm_p95": 1077.1757200360298,
  "summary_wm_stdv": 49.012166904880274,
  "tpm_overlap_csf": 0.15012582651999953,
  "tpm_overlap_gm": 0.4851705973277922,
  "tpm_overlap_wm": 0.5157789658906979,
  "wm2max": 0.7200648615779606
}