{
  "bids_meta": {
    "AcquisitionDateTime": "2018-06-04T19:31:49.235000",
    "BodyPartExamined": "BRAIN",
    "ConversionSoftware": "dcm2niix",
    "ConversionSoftwareVersion": "v1.0.20170411 GCC4.2.1",
    "EchoTime": 0.00207,
    "FlipAngle": 9,
    "ImageType": [
      "ORIGINAL",
      "PRIMARY",
      "M",
      "ND",
      "NORM"
    ],
    "InversionTime": 0.9,
    "MagneticFieldStrength": 3,
    "Manufacturer": "Philips",
    "PhaseEncodingDirection": "i-",
    "ProcedureStepDescription": "funktionales_Schadel-MRT",
    "ProtocolName": "t1_mprage_sag_p2_iso_1.0",
    "RepetitionTime": 2.3,
    "ScanningSequence": "GR_IR",
    "SequenceName": "_tfl3d1_16ns",
    "SequenceVariant": "SK_SP_MP",
    "SeriesDescription": "t1_mprage_sag_p2_iso_1.0",
    "dataset": "ds002608",
    "modality": "T1w",
    "subject_id": "031"
  },
  "cjv": 0.2707063797522523,
  "cnr": 4.974383794000728,
  "efc": 0.7524051061334072,
  "fber": 514.9772708452282,
  "fwhm_avg": 4.615417362617092,
  "fwhm_x": 4.2348046400045725,
  "fwhm_y": 4.600712134476497,
  "fwhm_z": 5.0107353133702075,
  "icvs_csf": 0.23769922481844363,
  "icvs_gm": 0.44402197620515366,
  "icvs_wm": 0.3182787989764027,
  "inu_med": 0.6797852516174316,
  "inu_range": 0.21710513532161713,
  "provenance": {
    "md5sum": "85797660ba5869384d5e931154365d11",
    "settings": {
      "testing": false
    },
    "software": "mriqc",
    "version": "22.0.6",
    "warnings": {
      "large_rot_frame": true,
      "small_air_mask": true
    },
    "webapi_port": null,
    "webapi_url": "https://mriqc.nimh.nih.gov/api/v1"
  },
  "qi_1": 0.0,
  "qi_2": 0.0002660597689767864,
  "rpve_csf": 26.174607928782397,
  "rpve_gm": 14.507415807950451,
  "rpve_wm": 23.403603754142647,
  "size_x": 240,
  "size_y": 240,
  "size_z": 220,
  "snr_csf": 1.5977814610578984,
  "snr_gm": 8.15802135100838,
  "snr_total": 9.907558964725213,
  "snr_wm": 19.96687408210936,
  "snrd_csf": 15.385618240792011,
  "snrd_gm": 57.4238265530412,
  "snrd_total": 57.805642923480825,
  "snrd_wm": 100.60748397660926,
  "spacing_x": 0.9989410042762756,
  "spacing_y": 0.9989410042762756,
  "spacing_z": 1.0000228881835938,
  "summary_bg_k": 205.15633374192717,
  "summary_bg_mad": 0.0,
  "summary_bg_mean": 1.3184155659351526,
  "summary_bg_median": 0.0,
  "summary_bg_n": 127336.0,
  "summary_bg_p05": 0.0,
  "summary_bg_p95": 10.644270077347755,
  "summary_bg_stdv": 6.511805696845115,
  "summary_csf_k": 0.39583864318974316,
  "summary_csf_mad": 99.04878656618041,
  "summary_csf_mean": 168.64810851708964,
  "summary_csf_median": 152.9271713644266,
  "summary_csf_n": 24730.0,
  "summary_csf_p05": 34.29071816056967,
  "summary_csf_p95": 346.2778671301901,
  "summary_csf_stdv": 95.71026021016515,
  "summary_gm_k": 0.07001147135184516,
  "summary_gm_mad": 69.25091632190093,
  "summary_gm_mean": 571.9539326686843,
  "summary_gm_median": 570.7709125652909,
  "summary_gm_n": 46126.0,
  "summary_gm_p05": 458.2987043745816,
  "summary_gm_p95": 687.2964767664671,
  "summary_gm_stdv": 69.96362241400361,
  "summary_wm_k": 0.6307644331009135,
  "summary_wm_mad": 46.94413077590399,
  "summary_wm_mean": 998.4583835916374,
  "summary_wm_median": 999.9999806210399,
  "summary_wm_n": 171945.0,
  "summary_wm_p05": 914.2170445546508,
  "summary_wm_p95": 1077.8109422624111,
  "summary_wm_stdv": 50.08280558078361,
  "tpm_overlap_csf": 0.15272939442657965,
  "tpm_overlap_gm": 0.49673479209688937,
  "tpm_overlap_wm": 0.5201257223776128,
  "wm2max": 0.7438321550784768
}