{
  "aor": 0.0006757500000000001,
  "aqi": 0.01016381725,
  "bids_meta": {
    "AcquisitionDateTime": "2018-06-04T19:31:49.235000",
    "BodyPartExamined": "BRAIN",
    "ConversionSoftware": "dcm2niix",
    "ConversionSoftwareVersion": "v1.0.20170411 GCC4.2.1",
    "EchoTime": 0.00207,
    "FlipAngle": 9,
    "ImageType": [
      "ORIGINAL",
      "PRIMARY",
      "M",
      "ND",
      "NORM"
    ],
    "InversionTime": 0.9,
    "MagneticFieldStrength": 3,
    "Manufacturer": "Philips",
    "PhaseEncodingDirection": "i-",
    "ProcedureStepDescription": "funktionales_Schadel-MRT",
    "ProtocolName": "t1_mprage_sag_p2_iso_1.0",
    "RepetitionTime": 2.5,
    "ScanningSequence": "GR_IR",
    "SequenceName": "_tfl3d1_16ns",
    "SequenceVariant": "SK_SP_MP",
    "SeriesDescription": "t1_mprage_sag_p2_iso_1.0",
    "TaskName": "resting-state",
    "dataset": "ds002608",
    "modality": "bold",
    "subject_id": "042",
    "task_id": "rest"
  },
  "dummy_trs": 0,
  "dvars_nstd": 31.551735901909538,
  "dvars_std": 1.1677493009547737,
  "dvars_vstd": 0.9825197156783919,
  "efc": 0.38496964282649565,
  "fber": 152587.6875,
  "fd_mean": 0.12314947781841942,
  "fd_num": 30,
  "fd_perc": 15.0,
  "fwhm_avg": 1.7065510596493636,
  "fwhm_x": 1.6540666666666668,
  "fwhm_y": 1.83253,
  "fwhm_z": 1.6330565122814238,
  "gcor": 0.0180772,
  "gsr_x": -0.009958412498235703,
  "gsr_y": 0.010213328525424004,
  "provenance": {
    "md5sum": "6b658998b1b4af6c626bd2749fbb03d0",
    "settings": {
      "fd_thres": 0.2,
      "testing": false
    },
    "software": "mriqc",
    "version": "22.0.6",
    "webapi_port": null,
    "webapi_url": "https://mriqc.nimh.nih.gov/api/v1"
  },
  "size_t": 200,
  "size_x": 80,
  "size_y": 80,
  "size_z": 40,
  "snr": 5.167263955234784,
  "spacing_tr": 2.5,
  "spacing_x": 3.0,
  "spacing_y": 3.0,
  "spacing_z": 3.3000450134277344,
  "summary_bg_k": 293.35153616146425,
  "summary_bg_mad": 3.231625120450148,
  "summary_bg_mean": 17.093753814697266,
  "summary_bg_median": 2.7078475952148438,
  "summary_bg_n": 181604.0,
  "summary_bg_p05": 0.11252380460500716,
  "summary_bg_p95": 69.81477737426758,
  "summary_bg_stdv": 60.22791290283203,
  "summary_fg_k": 2.8957675842628356,
  "summary_fg_mad": 184.092746580952,
  "summary_fg_mean": 1086.5458984375,
  "summary_fg_median": 1065.54345703125,
  "summary_fg_n": 33062.0,
  "summary_fg_p05": 811.6857727050781,
  "summary_fg_p95": 1426.5320556640625,
  "summary_fg_stdv": 206.20726013183594,
  "tsnr": 48.145668029785156
}