{
  "aor": 0.00194855,
  "aqi": 0.006680384850000001,
  "bids_meta": {
    "AcquisitionDateTime": "2018-06-04T19:31:49.235000",
    "BodyPartExamined": "BRAIN",
    "ConversionSoftware": "dcm2niix",
    "ConversionSoftwareVersion": "v1.0.20170411 GCC4.2.1",
    "EchoTime": 0.00207,
    "FlipAngle": 9,
    "ImageType": [
      "ORIGINAL",
      "PRIMARY",
      "M",
      "ND",
      "NORM"
    ],
    "InversionTime": 0.9,
    "MagneticFieldStrength": 3,
    "Manufacturer": "Philips",
    "PhaseEncodingDirection": "i-",
    "ProcedureStepDescription": "funktionales_Schadel-MRT",
    "ProtocolName": "t1_mprage_sag_p2_iso_1.0",
    "RepetitionTime": 2.5,
    "ScanningSequence": "GR_IR",
    "SequenceName": "_tfl3d1_16ns",
    "SequenceVariant": "SK_SP_MP",
    "SeriesDescription": "t1_mprage_sag_p2_iso_1.0",
    "TaskName": "resting-state",
    "dataset": "ds002608",
    "modality": "bold",
    "subject_id": "020",
    "task_id": "rest"
  },
  "dummy_trs": 0,
  "dvars_nstd": 35.458565228341705,
  "dvars_std": 1.2672175904020095,
  "dvars_vstd": 1.0114799126633167,
  "efc": 0.4150086988620955,
  "fber": 142878.140625,
  "fd_mean": 0.1362184555198609,
  "fd_num": 37,
  "fd_perc": 18.5,
  "fwhm_avg": 2.0079579438367157,
  "fwhm_x": 2.0532833333333333,
  "fwhm_y": 2.0941566666666667,
  "fwhm_z": 1.8764338315101476,
  "gcor": 0.0125767,
  "gsr_x": -0.0092292046174407,
  "gsr_y": 0.01527320221066475,
  "provenance": {
    "md5sum": "75b6a0aad95ed944c4170d241681cfcb",
    "settings": {
      "fd_thres": 0.2,
      "testing": false
    },
    "software": "mriqc",
    "version": "22.0.6",
    "webapi_port": null,
    "webapi_url": "https://mriqc.nimh.nih.gov/api/v1"
  },
  "size_t": 200,
  "size_x": 80,
  "size_y": 80,
  "size_z": 40,
  "snr": 4.101009841974105,
  "spacing_tr": 2.5,
  "spacing_x": 3.0,
  "spacing_y": 3.0,
  "spacing_z": 3.299945831298828,
  "summary_bg_k": 150.1345563908823,
  "summary_bg_mad": 2.7190248529803855,
  "summary_bg_mean": 20.900516510009766,
  "summary_bg_median": 2.536065101623535,
  "summary_bg_n": 174881.0,
  "summary_bg_p05": 0.1464073657989502,
  "summary_bg_p95": 102.9350357055664,
  "summary_bg_stdv": 65.01516723632812,
  "summary_fg_k": 8.487415335506277,
  "summary_fg_mad": 192.47952979709686,
  "summary_fg_mean": 999.1021118164062,
  "summary_fg_median": 968.7471923828125,
  "summary_fg_n": 37916.0,
  "summary_fg_p05": 709.3652801513672,
  "summary_fg_p95": 1355.9205627441406,
  "summary_fg_stdv": 236.218505859375,
  "tsnr": 53.107383728027344
}