{
  "aor": 0.0016478999999999999,
  "aqi": 0.01097713525,
  "bids_meta": {
    "AcquisitionDateTime": "2018-06-04T19:31:49.235000",
    "BodyPartExamined": "BRAIN",
    "ConversionSoftware": "dcm2niix",
    "ConversionSoftwareVersion": "v1.0.20170411 GCC4.2.1",
    "EchoTime": 0.00207,
    "FlipAngle": 9,
    "ImageType": [
      "ORIGINAL",
      "PRIMARY",
      "M",
      "ND",
      "NORM"
    ],
    "InversionTime": 0.9,
    "MagneticFieldStrength": 3,
    "Manufacturer": "Philips",
    "PhaseEncodingDirection": "i-",
    "ProcedureStepDescription": "funktionales_Schadel-MRT",
    "ProtocolName": "t1_mprage_sag_p2_iso_1.0",
    "RepetitionTime": 2.5,
    "ScanningSequence": "GR_IR",
    "SequenceName": "_tfl3d1_16ns",
    "SequenceVariant": "SK_SP_MP",
    "SeriesDescription": "t1_mprage_sag_p2_iso_1.0",
    "TaskName": "resting-state",
    "dataset": "ds002608",
    "modality": "bold",
    "subject_id": "007",
    "task_id": "rest"
  },
  "dummy_trs": 0,
  "dvars_nstd": 34.92244871869346,
  "dvars_std": 1.1638200596984922,
  "dvars_vstd": 1.0311824769849247,
  "efc": 0.42825719493934117,
  "fber": 142655.609375,
  "fd_mean": 0.053886987648053,
  "fd_num": 0,
  "fd_perc": 0.0,
  "fwhm_avg": 1.6937277557648962,
  "fwhm_x": 1.6945633333333332,
  "fwhm_y": 1.8087866666666665,
  "fwhm_z": 1.5778332672946889,
  "gcor": 0.0285338,
  "gsr_x": 0.002702894853428006,
  "gsr_y": 0.0068198456428945065,
  "provenance": {
    "md5sum": "7a7c78baf7b3338f80d9580ad327f76d",
    "settings": {
      "fd_thres": 0.2,
      "testing": false
    },
    "software": "mriqc",
    "version": "22.0.6",
    "webapi_port": null,
    "webapi_url": "https://mriqc.nimh.nih.gov/api/v1"
  },
  "size_t": 200,
  "size_x": 80,
  "size_y": 80,
  "size_z": 40,
  "snr": 5.947910157386872,
  "spacing_tr": 2.5,
  "spacing_x": 3.0,
  "spacing_y": 3.0,
  "spacing_z": 3.3002853393554688,
  "summary_bg_k": 129.33073368651839,
  "summary_bg_mad": 4.040509777734256,
  "summary_bg_mean": 29.8286075592041,
  "summary_bg_median": 3.197624444961548,
  "summary_bg_n": 174225.0,
  "summary_bg_p05": 0.07400110363960266,
  "summary_bg_p95": 139.26254577636695,
  "summary_bg_stdv": 86.4599838256836,
  "summary_fg_k": 1.9467259681364268,
  "summary_fg_mad": 186.46700046938219,
  "summary_fg_mean": 1226.3253173828125,
  "summary_fg_median": 1217.698974609375,
  "summary_fg_n": 38426.0,
  "summary_fg_p05": 925.3164978027344,
  "summary_fg_p95": 1553.5880737304688,
  "summary_fg_stdv": 204.7245330810547,
  "tsnr": 44.317420959472656
}