{
  "aor": 0.0053847,
  "aqi": 0.01978629465,
  "bids_meta": {
    "AcquisitionDateTime": "2018-06-04T19:31:49.235000",
    "BodyPartExamined": "BRAIN",
    "ConversionSoftware": "dcm2niix",
    "ConversionSoftwareVersion": "v1.0.20170411 GCC4.2.1",
    "EchoTime": 0.00207,
    "FlipAngle": 9,
    "ImageType": [
      "ORIGINAL",
      "PRIMARY",
      "M",
      "ND",
      "NORM"
    ],
    "InversionTime": 0.9,
    "MagneticFieldStrength": 3,
    "Manufacturer": "Philips",
    "PhaseEncodingDirection": "i-",
    "ProcedureStepDescription": "funktionales_Schadel-MRT",
    "ProtocolName": "t1_mprage_sag_p2_iso_1.0",
    "RepetitionTime": 2.5,
    "ScanningSequence": "GR_IR",
    "SequenceName": "_tfl3d1_16ns",
    "SequenceVariant": "SK_SP_MP",
    "SeriesDescription": "t1_mprage_sag_p2_iso_1.0",
    "TaskName": "resting-state",
    "dataset": "ds002608",
    "modality": "bold",
    "subject_id": "040",
    "task_id": "rest"
  },
  "dummy_trs": 0,
  "dvars_nstd": 38.93883332331658,
  "dvars_std": 1.125982573919598,
  "dvars_vstd": 1.0356171931658302,
  "efc": 0.41283447540923035,
  "fber": 117948.7421875,
  "fd_mean": 0.2680175708804264,
  "fd_num": 85,
  "fd_perc": 42.5,
  "fwhm_avg": 1.6803788915264388,
  "fwhm_x": 1.6649900000000002,
  "fwhm_y": 1.8687566666666668,
  "fwhm_z": 1.5073900079126499,
  "gcor": 0.0186451,
  "gsr_x": -0.001992333447560668,
  "gsr_y": 0.011137321591377258,
  "provenance": {
    "md5sum": "71420b5cb2d3efd92a829f416beabdd3",
    "settings": {
      "fd_thres": 0.2,
      "testing": false
    },
    "software": "mriqc",
    "version": "22.0.6",
    "webapi_port": null,
    "webapi_url": "https://mriqc.nimh.nih.gov/api/v1"
  },
  "size_t": 200,
  "size_x": 80,
  "size_y": 80,
  "size_z": 40,
  "snr": 5.3435118579465986,
  "spacing_tr": 2.5,
  "spacing_x": 3.0,
  "spacing_y": 3.0,
  "spacing_z": 3.2999820709228516,
  "summary_bg_k": 144.86381267738514,
  "summary_bg_mad": 3.731845725991005,
  "summary_bg_mean": 24.741254806518555,
  "summary_bg_median": 3.052912473678589,
  "summary_bg_n": 177731.0,
  "summary_bg_p05": 0.1626788079738617,
  "summary_bg_p95": 104.67020797729492,
  "summary_bg_stdv": 74.73236846923828,
  "summary_fg_k": 2.7154021102937804,
  "summary_fg_mad": 175.59370945537984,
  "summary_fg_mean": 1074.3341064453125,
  "summary_fg_median": 1056.350341796875,
  "summary_fg_n": 35715.0,
  "summary_fg_p05": 798.0113220214844,
  "summary_fg_p95": 1389.1314331054687,
  "summary_fg_stdv": 197.68563842773438,
  "tsnr": 35.177886962890625
}