{
  "aor": 0.0022511,
  "aqi": 0.012818384150000002,
  "bids_meta": {
    "AcquisitionDateTime": "2018-06-04T19:31:49.235000",
    "BodyPartExamined": "BRAIN",
    "ConversionSoftware": "dcm2niix",
    "ConversionSoftwareVersion": "v1.0.20170411 GCC4.2.1",
    "EchoTime": 0.00207,
    "FlipAngle": 9,
    "ImageType": [
      "ORIGINAL",
      "PRIMARY",
      "M",
      "ND",
      "NORM"
    ],
    "InversionTime": 0.9,
    "MagneticFieldStrength": 3,
    "Manufacturer": "Philips",
    "PhaseEncodingDirection": "i-",
    "ProcedureStepDescription": "funktionales_Schadel-MRT",
    "ProtocolName": "t1_mprage_sag_p2_iso_1.0",
    "RepetitionTime": 2.5,
    "ScanningSequence": "GR_IR",
    "SequenceName": "_tfl3d1_16ns",
    "SequenceVariant": "SK_SP_MP",
    "SeriesDescription": "t1_mprage_sag_p2_iso_1.0",
    "TaskName": "resting-state",
    "dataset": "ds002608",
    "modality": "bold",
    "subject_id": "005",
    "task_id": "rest"
  },
  "dummy_trs": 0,
  "dvars_nstd": 39.51991388879399,
  "dvars_std": 1.153407353065327,
  "dvars_vstd": 1.027572228090452,
  "efc": 0.4333784691684141,
  "fber": 101627.84375,
  "fd_mean": 0.17147008475584982,
  "fd_num": 58,
  "fd_perc": 29.0,
  "fwhm_avg": 1.8052679040653843,
  "fwhm_x": 1.7456366666666667,
  "fwhm_y": 1.9944199999999999,
  "fwhm_z": 1.6757470455294867,
  "gcor": 0.0157125,
  "gsr_x": -0.007738105487078428,
  "gsr_y": 0.01811569184064865,
  "provenance": {
    "md5sum": "47864757a2444b5b138ab20027ec4b1c",
    "settings": {
      "fd_thres": 0.2,
      "testing": false
    },
    "software": "mriqc",
    "version": "22.0.6",
    "webapi_port": null,
    "webapi_url": "https://mriqc.nimh.nih.gov/api/v1"
  },
  "size_t": 200,
  "size_x": 80,
  "size_y": 80,
  "size_z": 40,
  "snr": 5.096667672029203,
  "spacing_tr": 2.5,
  "spacing_x": 3.0,
  "spacing_y": 3.0,
  "spacing_z": 3.299984931945801,
  "summary_bg_k": 95.71651125833307,
  "summary_bg_mad": 3.8733666676983103,
  "summary_bg_mean": 27.05596160888672,
  "summary_bg_median": 3.158118963241577,
  "summary_bg_n": 173076.0,
  "summary_bg_p05": 0.14057062566280365,
  "summary_bg_p95": 126.0493221282959,
  "summary_bg_stdv": 75.70252990722656,
  "summary_fg_k": 3.0169944427061814,
  "summary_fg_mad": 174.8201031097985,
  "summary_fg_mean": 1030.8900146484375,
  "summary_fg_median": 1012.8696899414062,
  "summary_fg_n": 38757.0,
  "summary_fg_p05": 760.8076782226562,
  "summary_fg_p95": 1348.7575439453124,
  "summary_fg_stdv": 198.72918701171875,
  "tsnr": 39.274986267089844
}