{
  "bids_meta": {
    "AcquisitionDateTime": "2018-06-04T19:31:49.235000",
    "BodyPartExamined": "BRAIN",
    "ConversionSoftware": "dcm2niix",
    "ConversionSoftwareVersion": "v1.0.20170411 GCC4.2.1",
    "EchoTime": 0.00207,
    "FlipAngle": 9,
    "ImageType": [
      "ORIGINAL",
      "PRIMARY",
      "M",
      "ND",
      "NORM"
    ],
    "InversionTime": 0.9,
    "MagneticFieldStrength": 3,
    "Manufacturer": "Philips",
    "PhaseEncodingDirection": "i-",
    "ProcedureStepDescription": "funktionales_Schadel-MRT",
    "ProtocolName": "t1_mprage_sag_p2_iso_1.0",
    "RepetitionTime": 2.3,
    "ScanningSequence": "GR_IR",
    "SequenceName": "_tfl3d1_16ns",
    "SequenceVariant": "SK_SP_MP",
    "SeriesDescription": "t1_mprage_sag_p2_iso_1.0",
    "dataset": "ds002608",
    "modality": "T1w",
    "subject_id": "008"
  },
  "cjv": 0.2943126926695124,
  "cnr": 4.649402640622547,
  "efc": 0.7604397410761337,
  "fber": -1.0,
  "fwhm_avg": 4.750456905180889,
  "fwhm_x": 4.404514624682149,
  "fwhm_y": 4.6919087112613305,
  "fwhm_z": 5.154947379599185,
  "icvs_csf": 0.2390557006119432,
  "icvs_gm": 0.42603902998356963,
  "icvs_wm": 0.33490526940448717,
  "inu_med": 0.6193146109580994,
  "inu_range": 0.2066708207130432,
  "provenance": {
    "md5sum": "28812176342df3b4a8a89261c85782ce",
    "settings": {
      "testing": false
    },
    "software": "mriqc",
    "version": "22.0.6",
    "warnings": {
      "large_rot_frame": true,
      "small_air_mask": true
    },
    "webapi_port": null,
    "webapi_url": "https://mriqc.nimh.nih.gov/api/v1"
  },
  "qi_1": 0.0,
  "qi_2": 0.0006294880347658175,
  "rpve_csf": 21.113318279114623,
  "rpve_gm": 12.005418367621767,
  "rpve_wm": 17.989776711253906,
  "size_x": 240,
  "size_y": 240,
  "size_z": 220,
  "snr_csf": 1.7574434755378845,
  "snr_gm": 8.236654679731467,
  "snr_total": 10.4103461833321,
  "snr_wm": 21.23694039472695,
  "snrd_csf": 20.286043651851923,
  "snrd_gm": 73.53249704822225,
  "snrd_total": 72.31184167169572,
  "snrd_wm": 123.11698431501299,
  "spacing_x": 0.9989409446716309,
  "spacing_y": 0.9989410042762756,
  "spacing_z": 1.0000839233398438,
  "summary_bg_k": 193.47298572428,
  "summary_bg_mad": 0.0,
  "summary_bg_mean": 0.8613329121459503,
  "summary_bg_median": 0.0,
  "summary_bg_n": 125220.0,
  "summary_bg_p05": 0.0,
  "summary_bg_p95": 0.0,
  "summary_bg_stdv": 5.321251074562977,
  "summary_csf_k": 0.568991606059988,
  "summary_csf_mad": 94.11323565485448,
  "summary_csf_mean": 174.47443722387692,
  "summary_csf_median": 164.7704685330391,
  "summary_csf_n": 33891.0,
  "summary_csf_p05": 43.292762607336044,
  "summary_csf_p95": 345.01917457580566,
  "summary_csf_stdv": 93.75438807578767,
  "summary_gm_k": -0.08274312098104053,
  "summary_gm_mad": 74.3687430061806,
  "summary_gm_mean": 598.0659586721569,
  "summary_gm_median": 597.257119178772,
  "summary_gm_n": 47380.0,
  "summary_gm_p05": 481.2585329413414,
  "summary_gm_p95": 717.5805719226596,
  "summary_gm_stdv": 72.51133373057449,
  "summary_wm_k": 0.5906469389143019,
  "summary_wm_mad": 44.1635920005934,
  "summary_wm_mean": 997.5845858343627,
  "summary_wm_median": 999.9999772310257,
  "summary_wm_n": 226146.0,
  "summary_wm_p05": 916.3028410673141,
  "summary_wm_p95": 1070.4678505659103,
  "summary_wm_stdv": 47.08765705797559,
  "tpm_overlap_csf": 0.14530291500196607,
  "tpm_overlap_gm": 0.4721215227431457,
  "tpm_overlap_wm": 0.5079626981707901,
  "wm2max": 0.778957131079967
}