{
  "aor": 0.0033749500000000003,
  "aqi": 0.010394287200000001,
  "bids_meta": {
    "AcquisitionDateTime": "2018-06-04T19:31:49.235000",
    "BodyPartExamined": "BRAIN",
    "ConversionSoftware": "dcm2niix",
    "ConversionSoftwareVersion": "v1.0.20170411 GCC4.2.1",
    "EchoTime": 0.00207,
    "FlipAngle": 9,
    "ImageType": [
      "ORIGINAL",
      "PRIMARY",
      "M",
      "ND",
      "NORM"
    ],
    "InversionTime": 0.9,
    "MagneticFieldStrength": 3,
    "Manufacturer": "Philips",
    "PhaseEncodingDirection": "i-",
    "ProcedureStepDescription": "funktionales_Schadel-MRT",
    "ProtocolName": "t1_mprage_sag_p2_iso_1.0",
    "RepetitionTime": 2.5,
    "ScanningSequence": "GR_IR",
    "SequenceName": "_tfl3d1_16ns",
    "SequenceVariant": "SK_SP_MP",
    "SeriesDescription": "t1_mprage_sag_p2_iso_1.0",
    "TaskName": "resting-state",
    "dataset": "ds002608",
    "modality": "bold",
    "subject_id": "004",
    "task_id": "rest"
  },
  "dummy_trs": 0,
  "dvars_nstd": 29.98318169954773,
  "dvars_std": 1.0924074112562816,
  "dvars_vstd": 1.013771689346733,
  "efc": 0.4132281930543787,
  "fber": 115417.3515625,
  "fd_mean": 0.11107870139679418,
  "fd_num": 11,
  "fd_perc": 5.5,
  "fwhm_avg": 1.72844685801771,
  "fwhm_x": 1.6472133333333332,
  "fwhm_y": 1.9372233333333335,
  "fwhm_z": 1.6009039073864626,
  "gcor": 0.0164615,
  "gsr_x": -0.012854758650064468,
  "gsr_y": 0.022495517507195473,
  "provenance": {
    "md5sum": "49067297f1fb7df462f42c00ee77e943",
    "settings": {
      "fd_thres": 0.2,
      "testing": false
    },
    "software": "mriqc",
    "version": "22.0.6",
    "webapi_port": null,
    "webapi_url": "https://mriqc.nimh.nih.gov/api/v1"
  },
  "size_t": 200,
  "size_x": 80,
  "size_y": 80,
  "size_z": 40,
  "snr": 5.2190386790458385,
  "spacing_tr": 2.5,
  "spacing_x": 3.0,
  "spacing_y": 3.0,
  "spacing_z": 3.300260543823242,
  "summary_bg_k": 137.03036691215493,
  "summary_bg_mad": 3.216833709250902,
  "summary_bg_mean": 24.821842193603516,
  "summary_bg_median": 2.934920072555542,
  "summary_bg_n": 178027.0,
  "summary_bg_p05": 0.27099710404872895,
  "summary_bg_p95": 118.8569633483886,
  "summary_bg_stdv": 73.5918197631836,
  "summary_fg_k": 1.9480629397864915,
  "summary_fg_mad": 187.07437510870164,
  "summary_fg_mean": 1021.2210693359375,
  "summary_fg_median": 1011.4111938476562,
  "summary_fg_n": 35412.0,
  "summary_fg_p05": 736.70458984375,
  "summary_fg_p95": 1323.930737304687,
  "summary_fg_stdv": 193.78988647460938,
  "tsnr": 43.150386810302734
}