{
  "aor": 0.00095945,
  "aqi": 0.0093148474,
  "bids_meta": {
    "AcquisitionDateTime": "2018-06-04T19:31:49.235000",
    "BodyPartExamined": "BRAIN",
    "ConversionSoftware": "dcm2niix",
    "ConversionSoftwareVersion": "v1.0.20170411 GCC4.2.1",
    "EchoTime": 0.00207,
    "FlipAngle": 9,
    "ImageType": [
      "ORIGINAL",
      "PRIMARY",
      "M",
      "ND",
      "NORM"
    ],
    "InversionTime": 0.9,
    "MagneticFieldStrength": 3,
    "Manufacturer": "Philips",
    "PhaseEncodingDirection": "i-",
    "ProcedureStepDescription": "funktionales_Schadel-MRT",
    "ProtocolName": "t1_mprage_sag_p2_iso_1.0",
    "RepetitionTime": 2.5,
    "ScanningSequence": "GR_IR",
    "SequenceName": "_tfl3d1_16ns",
    "SequenceVariant": "SK_SP_MP",
    "SeriesDescription": "t1_mprage_sag_p2_iso_1.0",
    "TaskName": "resting-state",
    "dataset": "ds002608",
    "modality": "bold",
    "subject_id": "025",
    "task_id": "rest"
  },
  "dummy_trs": 0,
  "dvars_nstd": 31.677911077336685,
  "dvars_std": 1.1492558196984926,
  "dvars_vstd": 0.9904578789447235,
  "efc": 0.4262633043199097,
  "fber": 115505.0078125,
  "fd_mean": 0.06504945793438595,
  "fd_num": 0,
  "fd_perc": 0.0,
  "fwhm_avg": 1.7120828500840517,
  "fwhm_x": 1.67985,
  "fwhm_y": 1.8720066666666666,
  "fwhm_z": 1.584391883585488,
  "gcor": 0.0154651,
  "gsr_x": -0.017907550558447838,
  "gsr_y": 0.02398497611284256,
  "provenance": {
    "md5sum": "00ef56e8970d8803f871663da564de7b",
    "settings": {
      "fd_thres": 0.2,
      "testing": false
    },
    "software": "mriqc",
    "version": "22.0.6",
    "webapi_port": null,
    "webapi_url": "https://mriqc.nimh.nih.gov/api/v1"
  },
  "size_t": 200,
  "size_x": 80,
  "size_y": 80,
  "size_z": 40,
  "snr": 5.160287031219812,
  "spacing_tr": 2.5,
  "spacing_x": 3.0,
  "spacing_y": 3.0,
  "spacing_z": 3.2996950149536133,
  "summary_bg_k": 178.32381577516205,
  "summary_bg_mad": 3.1426514865492545,
  "summary_bg_mean": 26.117610931396484,
  "summary_bg_median": 2.9293007850646973,
  "summary_bg_n": 174300.0,
  "summary_bg_p05": 0.3604044407606125,
  "summary_bg_p95": 123.76298332214343,
  "summary_bg_stdv": 82.39932250976562,
  "summary_fg_k": 2.6429652615420673,
  "summary_fg_mad": 175.71193576143926,
  "summary_fg_mean": 1034.5157470703125,
  "summary_fg_median": 1018.91064453125,
  "summary_fg_n": 38010.0,
  "summary_fg_p05": 761.6520202636718,
  "summary_fg_p95": 1352.28994140625,
  "summary_fg_stdv": 197.44972229003906,
  "tsnr": 48.848270416259766
}