{
  "bids_meta": {
    "AcquisitionDateTime": "2018-06-04T19:31:49.235000",
    "BodyPartExamined": "BRAIN",
    "ConversionSoftware": "dcm2niix",
    "ConversionSoftwareVersion": "v1.0.20170411 GCC4.2.1",
    "EchoTime": 0.00207,
    "FlipAngle": 9,
    "ImageType": [
      "ORIGINAL",
      "PRIMARY",
      "M",
      "ND",
      "NORM"
    ],
    "InversionTime": 0.9,
    "MagneticFieldStrength": 3,
    "Manufacturer": "Philips",
    "PhaseEncodingDirection": "i-",
    "ProcedureStepDescription": "funktionales_Schadel-MRT",
    "ProtocolName": "t1_mprage_sag_p2_iso_1.0",
    "RepetitionTime": 2.3,
    "ScanningSequence": "GR_IR",
    "SequenceName": "_tfl3d1_16ns",
    "SequenceVariant": "SK_SP_MP",
    "SeriesDescription": "t1_mprage_sag_p2_iso_1.0",
    "dataset": "ds002608",
    "modality": "T1w",
    "subject_id": "027"
  },
  "cjv": 0.3035219311936864,
  "cnr": 4.453220526222426,
  "efc": 0.7501871627483793,
  "fber": 64.43346770039611,
  "fwhm_avg": 4.726001422923016,
  "fwhm_x": 4.464587979578565,
  "fwhm_y": 4.595806939896413,
  "fwhm_z": 5.11760934929407,
  "icvs_csf": 0.26711595302843555,
  "icvs_gm": 0.4043862697877366,
  "icvs_wm": 0.32849777718382783,
  "inu_med": 0.6217390894889832,
  "inu_range": 0.17249050140380862,
  "provenance": {
    "md5sum": "e75380b80df483356f3c9445f5839fa2",
    "settings": {
      "testing": false
    },
    "software": "mriqc",
    "version": "22.0.6",
    "warnings": {
      "large_rot_frame": true,
      "small_air_mask": true
    },
    "webapi_port": null,
    "webapi_url": "https://mriqc.nimh.nih.gov/api/v1"
  },
  "qi_1": 0.0,
  "qi_2": 0.0016474302364952586,
  "rpve_csf": 19.711060799329733,
  "rpve_gm": 12.50505067709732,
  "rpve_wm": 18.613763934901225,
  "size_x": 240,
  "size_y": 240,
  "size_z": 220,
  "snr_csf": 1.7826018617342132,
  "snr_gm": 7.744394588354094,
  "snr_total": 10.260397000138124,
  "snr_wm": 21.254194550326062,
  "snrd_csf": 22.003864918763245,
  "snrd_gm": 79.5644654770868,
  "snrd_total": 78.26922163117432,
  "snrd_wm": 133.2393344976729,
  "spacing_x": 0.9989410042762756,
  "spacing_y": 0.9989410042762756,
  "spacing_z": 0.999992311000824,
  "summary_bg_k": 75.83512574793056,
  "summary_bg_mad": 0.0,
  "summary_bg_mean": 1.1456448835321966,
  "summary_bg_median": 0.0,
  "summary_bg_n": 95893.0,
  "summary_bg_p05": 0.0,
  "summary_bg_p95": 9.69419782422483,
  "summary_bg_stdv": 4.916989523845866,
  "summary_csf_k": -0.09246584477313524,
  "summary_csf_mad": 97.81796199310854,
  "summary_csf_mean": 173.01021215230514,
  "summary_csf_median": 165.1454159617424,
  "summary_csf_n": 41573.0,
  "summary_csf_p05": 40.29467195831239,
  "summary_csf_p95": 338.4550060410053,
  "summary_csf_stdv": 92.64179135275104,
  "summary_gm_k": -0.0393273769980933,
  "summary_gm_mad": 77.71427041783777,
  "summary_gm_mean": 596.6873839841654,
  "summary_gm_median": 597.154490608722,
  "summary_gm_n": 37267.0,
  "summary_gm_p05": 468.83488333374265,
  "summary_gm_p95": 722.1469034738839,
  "summary_gm_stdv": 77.10692835988073,
  "summary_wm_k": 0.5216563612703138,
  "summary_wm_mad": 44.55818207354791,
  "summary_wm_mean": 998.3362960940201,
  "summary_wm_median": 1000.0000181477517,
  "summary_wm_n": 219650.0,
  "summary_wm_p05": 918.3987537901849,
  "summary_wm_p95": 1072.4737601280212,
  "summary_wm_stdv": 47.04943014559175,
  "tpm_overlap_csf": 0.14091356159192092,
  "tpm_overlap_gm": 0.47447005427794064,
  "tpm_overlap_wm": 0.5279827149685528,
  "wm2max": 0.8303950991513304
}