{
  "bids_meta": {
    "AcquisitionDateTime": "2018-06-04T19:31:49.235000",
    "BodyPartExamined": "BRAIN",
    "ConversionSoftware": "dcm2niix",
    "ConversionSoftwareVersion": "v1.0.20170411 GCC4.2.1",
    "EchoTime": 0.00207,
    "FlipAngle": 9,
    "ImageType": [
      "ORIGINAL",
      "PRIMARY",
      "M",
      "ND",
      "NORM"
    ],
    "InversionTime": 0.9,
    "MagneticFieldStrength": 3,
    "Manufacturer": "Philips",
    "PhaseEncodingDirection": "i-",
    "ProcedureStepDescription": "funktionales_Schadel-MRT",
    "ProtocolName": "t1_mprage_sag_p2_iso_1.0",
    "RepetitionTime": 2.3,
    "ScanningSequence": "GR_IR",
    "SequenceName": "_tfl3d1_16ns",
    "SequenceVariant": "SK_SP_MP",
    "SeriesDescription": "t1_mprage_sag_p2_iso_1.0",
    "dataset": "ds002608",
    "modality": "T1w",
    "subject_id": "009"
  },
  "cjv": 0.27171497950463297,
  "cnr": 4.964600870378751,
  "efc": 0.7426404304100255,
  "fber": 3711.565511621315,
  "fwhm_avg": 4.7046099963389905,
  "fwhm_x": 4.395674738748586,
  "fwhm_y": 4.6033952502683855,
  "fwhm_z": 5.11476,
  "icvs_csf": 0.22704571103835347,
  "icvs_gm": 0.4483057568422381,
  "icvs_wm": 0.3246485321194084,
  "inu_med": 0.6331211924552917,
  "inu_range": 0.22212977409362789,
  "provenance": {
    "md5sum": "5c9527322aa6f21e8aeac4c7a7f06b38",
    "settings": {
      "testing": false
    },
    "software": "mriqc",
    "version": "22.0.6",
    "warnings": {
      "large_rot_frame": true,
      "small_air_mask": true
    },
    "webapi_port": null,
    "webapi_url": "https://mriqc.nimh.nih.gov/api/v1"
  },
  "qi_1": 0.0,
  "qi_2": 0.0020655409963788,
  "rpve_csf": 24.768337213287168,
  "rpve_gm": 13.297139058760967,
  "rpve_wm": 21.326015869362113,
  "size_x": 240,
  "size_y": 240,
  "size_z": 220,
  "snr_csf": 1.7599595414206037,
  "snr_gm": 8.263210365968122,
  "snr_total": 10.586907087589308,
  "snr_wm": 21.7375513553792,
  "snrd_csf": 27.170288857298182,
  "snrd_gm": 91.68756523505222,
  "snrd_total": 92.14152581267348,
  "snrd_wm": 157.56672334567003,
  "spacing_x": 0.9989410638809204,
  "spacing_y": 0.9989409446716309,
  "spacing_z": 1.0,
  "summary_bg_k": 119.81963781171841,
  "summary_bg_mad": 0.0,
  "summary_bg_mean": 0.7207501907391286,
  "summary_bg_median": 0.0,
  "summary_bg_n": 136250.0,
  "summary_bg_p05": 0.0,
  "summary_bg_p95": 0.0,
  "summary_bg_stdv": 4.157834783094285,
  "summary_csf_k": -0.04879318123056908,
  "summary_csf_mad": 101.24813600818871,
  "summary_csf_mean": 185.66553142551186,
  "summary_csf_median": 172.43672016635537,
  "summary_csf_n": 21895.0,
  "summary_csf_p05": 42.88597635533661,
  "summary_csf_p95": 360.2507496111095,
  "summary_csf_stdv": 97.97542400988654,
  "summary_gm_k": 0.023856706927976923,
  "summary_gm_mad": 70.30338233948291,
  "summary_gm_mean": 583.327674202266,
  "summary_gm_median": 581.8967590741813,
  "summary_gm_n": 49159.0,
  "summary_gm_p05": 468.9153272064403,
  "summary_gm_p95": 698.6750281155109,
  "summary_gm_stdv": 70.41946347191417,
  "summary_wm_k": 0.6087724737959124,
  "summary_wm_mad": 43.30153243743815,
  "summary_wm_mean": 997.7880562500172,
  "summary_wm_median": 1000.00000455603,
  "summary_wm_n": 187005.0,
  "summary_wm_p05": 918.6731295119971,
  "summary_wm_p95": 1068.8607162721455,
  "summary_wm_stdv": 46.00321878387105,
  "tpm_overlap_csf": 0.13449194999475936,
  "tpm_overlap_gm": 0.4737938742710498,
  "tpm_overlap_wm": 0.49860356750974844,
  "wm2max": 0.7309174089534713
}