{
  "aor": 0.0035422000000000006,
  "aqi": 0.0149197322,
  "bids_meta": {
    "AcquisitionDateTime": "2018-06-04T19:31:49.235000",
    "BodyPartExamined": "BRAIN",
    "ConversionSoftware": "dcm2niix",
    "ConversionSoftwareVersion": "v1.0.20170411 GCC4.2.1",
    "EchoTime": 0.00207,
    "FlipAngle": 9,
    "ImageType": [
      "ORIGINAL",
      "PRIMARY",
      "M",
      "ND",
      "NORM"
    ],
    "InversionTime": 0.9,
    "MagneticFieldStrength": 3,
    "Manufacturer": "Philips",
    "PhaseEncodingDirection": "i-",
    "ProcedureStepDescription": "funktionales_Schadel-MRT",
    "ProtocolName": "t1_mprage_sag_p2_iso_1.0",
    "RepetitionTime": 2.5,
    "ScanningSequence": "GR_IR",
    "SequenceName": "_tfl3d1_16ns",
    "SequenceVariant": "SK_SP_MP",
    "SeriesDescription": "t1_mprage_sag_p2_iso_1.0",
    "TaskName": "resting-state",
    "dataset": "ds002608",
    "modality": "bold",
    "subject_id": "029",
    "task_id": "rest"
  },
  "dummy_trs": 0,
  "dvars_nstd": 31.953104901407038,
  "dvars_std": 1.1064751773366837,
  "dvars_vstd": 1.0016964497989946,
  "efc": 0.4254746678440014,
  "fber": 140489.015625,
  "fd_mean": 0.20149597412492073,
  "fd_num": 65,
  "fd_perc": 32.5,
  "fwhm_avg": 1.688943406257683,
  "fwhm_x": 1.6495666666666666,
  "fwhm_y": 1.8613633333333333,
  "fwhm_z": 1.5559002187730488,
  "gcor": 0.0263374,
  "gsr_x": -0.0034945630468428135,
  "gsr_y": 0.014390348456799984,
  "provenance": {
    "md5sum": "9eee92f24262926517442c011e479b35",
    "settings": {
      "fd_thres": 0.2,
      "testing": false
    },
    "software": "mriqc",
    "version": "22.0.6",
    "webapi_port": null,
    "webapi_url": "https://mriqc.nimh.nih.gov/api/v1"
  },
  "size_t": 200,
  "size_x": 80,
  "size_y": 80,
  "size_z": 40,
  "snr": 5.875758924760035,
  "spacing_tr": 2.5,
  "spacing_x": 3.0,
  "spacing_y": 3.0,
  "spacing_z": 3.2997360229492188,
  "summary_bg_k": 177.98193569508632,
  "summary_bg_mad": 2.8443744862729607,
  "summary_bg_mean": 21.675979614257812,
  "summary_bg_median": 2.6220884323120117,
  "summary_bg_n": 173510.0,
  "summary_bg_p05": 0.18837935850024223,
  "summary_bg_p95": 103.33659248352005,
  "summary_bg_stdv": 70.3858642578125,
  "summary_fg_k": 3.4375087115627307,
  "summary_fg_mad": 150.16057511531403,
  "summary_fg_mean": 1010.60107421875,
  "summary_fg_median": 1004.7412109375,
  "summary_fg_n": 38458.0,
  "summary_fg_p05": 762.6084838867188,
  "summary_fg_p95": 1271.273211669922,
  "summary_fg_stdv": 170.99546813964844,
  "tsnr": 45.01072311401367
}