{
  "aor": 0.00054745,
  "aqi": 0.0156577662,
  "bids_meta": {
    "AcquisitionDateTime": "2018-06-04T19:31:49.235000",
    "BodyPartExamined": "BRAIN",
    "ConversionSoftware": "dcm2niix",
    "ConversionSoftwareVersion": "v1.0.20170411 GCC4.2.1",
    "EchoTime": 0.00207,
    "FlipAngle": 9,
    "ImageType": [
      "ORIGINAL",
      "PRIMARY",
      "M",
      "ND",
      "NORM"
    ],
    "InversionTime": 0.9,
    "MagneticFieldStrength": 3,
    "Manufacturer": "Philips",
    "PhaseEncodingDirection": "i-",
    "ProcedureStepDescription": "funktionales_Schadel-MRT",
    "ProtocolName": "t1_mprage_sag_p2_iso_1.0",
    "RepetitionTime": 2.5,
    "ScanningSequence": "GR_IR",
    "SequenceName": "_tfl3d1_16ns",
    "SequenceVariant": "SK_SP_MP",
    "SeriesDescription": "t1_mprage_sag_p2_iso_1.0",
    "TaskName": "resting-state",
    "dataset": "ds002608",
    "modality": "bold",
    "subject_id": "045",
    "task_id": "rest"
  },
  "dummy_trs": 0,
  "dvars_nstd": 33.0828524642211,
  "dvars_std": 1.0909297910050246,
  "dvars_vstd": 0.9369286092964823,
  "efc": 0.3766480613967794,
  "fber": 107576.0078125,
  "fd_mean": 0.12477855992756733,
  "fd_num": 37,
  "fd_perc": 18.5,
  "fwhm_avg": 1.8130635550152752,
  "fwhm_x": 1.8007066666666667,
  "fwhm_y": 1.95475,
  "fwhm_z": 1.6837339983791588,
  "gcor": 0.0254845,
  "gsr_x": -0.021296905353665352,
  "gsr_y": 0.012339264154434204,
  "provenance": {
    "md5sum": "9a4eac7127cc43e2021ace94e3207ba1",
    "settings": {
      "fd_thres": 0.2,
      "testing": false
    },
    "software": "mriqc",
    "version": "22.0.6",
    "webapi_port": null,
    "webapi_url": "https://mriqc.nimh.nih.gov/api/v1"
  },
  "size_t": 200,
  "size_x": 80,
  "size_y": 80,
  "size_z": 40,
  "snr": 4.631911593112013,
  "spacing_tr": 2.5,
  "spacing_x": 3.0,
  "spacing_y": 3.0,
  "spacing_z": 3.2996482849121094,
  "summary_bg_k": 116.50112207926605,
  "summary_bg_mad": 3.2436998617679733,
  "summary_bg_mean": 17.738706588745117,
  "summary_bg_median": 3.092620372772217,
  "summary_bg_n": 183861.0,
  "summary_bg_p05": 0.42607009410858154,
  "summary_bg_p95": 76.20020294189453,
  "summary_bg_stdv": 49.11411666870117,
  "summary_fg_k": 2.59384030539829,
  "summary_fg_mad": 188.53788375615594,
  "summary_fg_mean": 1051.3419189453125,
  "summary_fg_median": 1022.169921875,
  "summary_fg_n": 29779.0,
  "summary_fg_p05": 759.5314147949218,
  "summary_fg_p95": 1445.3966796874997,
  "summary_fg_stdv": 220.6762237548828,
  "tsnr": 38.309722900390625
}