{
  "bids_meta": {
    "AcquisitionDateTime": "2018-06-04T19:31:49.235000",
    "BodyPartExamined": "BRAIN",
    "ConversionSoftware": "dcm2niix",
    "ConversionSoftwareVersion": "v1.0.20170411 GCC4.2.1",
    "EchoTime": 0.00207,
    "FlipAngle": 9,
    "ImageType": [
      "ORIGINAL",
      "PRIMARY",
      "M",
      "ND",
      "NORM"
    ],
    "InversionTime": 0.9,
    "MagneticFieldStrength": 3,
    "Manufacturer": "Philips",
    "PhaseEncodingDirection": "i-",
    "ProcedureStepDescription": "funktionales_Schadel-MRT",
    "ProtocolName": "t1_mprage_sag_p2_iso_1.0",
    "RepetitionTime": 2.3,
    "ScanningSequence": "GR_IR",
    "SequenceName": "_tfl3d1_16ns",
    "SequenceVariant": "SK_SP_MP",
    "SeriesDescription": "t1_mprage_sag_p2_iso_1.0",
    "dataset": "ds002608",
    "modality": "T1w",
    "subject_id": "036"
  },
  "cjv": 0.2869802072843925,
  "cnr": 4.69014430778823,
  "efc": 0.7410751829411889,
  "fber": 1835.4790215889118,
  "fwhm_avg": 4.903105869825012,
  "fwhm_x": 4.63333668373465,
  "fwhm_y": 4.817391884544168,
  "fwhm_z": 5.258589041196216,
  "icvs_csf": 0.24433606232763502,
  "icvs_gm": 0.42246839385912227,
  "icvs_wm": 0.33319554381324273,
  "inu_med": 0.5804402232170105,
  "inu_range": 0.1549993395805358,
  "provenance": {
    "md5sum": "4a542cd32b3802ca01e89e3704256a02",
    "settings": {
      "testing": false
    },
    "software": "mriqc",
    "version": "22.0.6",
    "warnings": {
      "large_rot_frame": true,
      "small_air_mask": true
    },
    "webapi_port": null,
    "webapi_url": "https://mriqc.nimh.nih.gov/api/v1"
  },
  "qi_1": 0.0,
  "qi_2": 0.0010396876385254962,
  "rpve_csf": 27.97458590776037,
  "rpve_gm": 15.997209942564401,
  "rpve_wm": 23.69070911308708,
  "size_x": 240,
  "size_y": 240,
  "size_z": 220,
  "snr_csf": 1.6524195295546278,
  "snr_gm": 8.38587208180906,
  "snr_total": 11.098646781910977,
  "snr_wm": 23.257648734369244,
  "snrd_csf": 19.47651302578101,
  "snrd_gm": 71.8375137867714,
  "snrd_total": 70.0069317493376,
  "snrd_wm": 118.70676843546038,
  "spacing_x": 0.9989410042762756,
  "spacing_y": 0.9989409446716309,
  "spacing_z": 1.00006103515625,
  "summary_bg_k": 32.93457773186305,
  "summary_bg_mad": 0.0,
  "summary_bg_mean": 1.7499683681213867,
  "summary_bg_median": 0.0,
  "summary_bg_n": 135233.0,
  "summary_bg_p05": 0.0,
  "summary_bg_p95": 9.903028387576342,
  "summary_bg_stdv": 5.518833586848648,
  "summary_csf_k": -0.15160615211985107,
  "summary_csf_mad": 110.25424887469612,
  "summary_csf_mean": 173.93113022202738,
  "summary_csf_median": 164.06909193471074,
  "summary_csf_n": 41787.0,
  "summary_csf_p05": 34.526774648576975,
  "summary_csf_p95": 345.85863404236727,
  "summary_csf_stdv": 99.2890278945611,
  "summary_gm_k": -0.10209363024592344,
  "summary_gm_mad": 73.83860133662512,
  "summary_gm_mean": 606.1067048475409,
  "summary_gm_median": 605.1553293056786,
  "summary_gm_n": 41761.0,
  "summary_gm_p05": 488.5219492316246,
  "summary_gm_p95": 724.9799139536917,
  "summary_gm_stdv": 72.16280881684126,
  "summary_wm_k": 0.7126937465887777,
  "summary_wm_mad": 39.46809075165617,
  "summary_wm_mean": 998.5260335622216,
  "summary_wm_median": 999.9793945625424,
  "summary_wm_n": 165628.0,
  "summary_wm_p05": 924.8934391997755,
  "summary_wm_p95": 1066.027035035193,
  "summary_wm_stdv": 42.99559199762183,
  "tpm_overlap_csf": 0.13104034178443116,
  "tpm_overlap_gm": 0.4846803802949899,
  "tpm_overlap_wm": 0.5265553381811512,
  "wm2max": 0.8617814052519518
}