{
  "bids_meta": {
    "AcquisitionDateTime": "2018-06-04T19:31:49.235000",
    "BodyPartExamined": "BRAIN",
    "ConversionSoftware": "dcm2niix",
    "ConversionSoftwareVersion": "v1.0.20170411 GCC4.2.1",
    "EchoTime": 0.00207,
    "FlipAngle": 9,
    "ImageType": [
      "ORIGINAL",
      "PRIMARY",
      "M",
      "ND",
      "NORM"
    ],
    "InversionTime": 0.9,
    "MagneticFieldStrength": 3,
    "Manufacturer": "Philips",
    "PhaseEncodingDirection": "i-",
    "ProcedureStepDescription": "funktionales_Schadel-MRT",
    "ProtocolName": "t1_mprage_sag_p2_iso_1.0",
    "RepetitionTime": 2.3,
    "ScanningSequence": "GR_IR",
    "SequenceName": "_tfl3d1_16ns",
    "SequenceVariant": "SK_SP_MP",
    "SeriesDescription": "t1_mprage_sag_p2_iso_1.0",
    "dataset": "ds002608",
    "modality": "T1w",
    "subject_id": "042"
  },
  "cjv": 0.3107055917677165,
  "cnr": 4.397023869017473,
  "efc": 0.7135909488181108,
  "fber": 734.0689207296201,
  "fwhm_avg": 4.506547438222514,
  "fwhm_x": 4.241872124440368,
  "fwhm_y": 4.346623055228128,
  "fwhm_z": 4.931147134999046,
  "icvs_csf": 0.2612189233511638,
  "icvs_gm": 0.4225191919014616,
  "icvs_wm": 0.3162618847473746,
  "inu_med": 0.7570767402648926,
  "inu_range": 0.2665264904499054,
  "provenance": {
    "md5sum": "6b82c4d20f0bbfe22d7febcc660ede06",
    "settings": {
      "testing": false
    },
    "software": "mriqc",
    "version": "22.0.6",
    "warnings": {
      "large_rot_frame": true,
      "small_air_mask": true
    },
    "webapi_port": null,
    "webapi_url": "https://mriqc.nimh.nih.gov/api/v1"
  },
  "qi_1": 0.0,
  "qi_2": 0.002312746324641449,
  "rpve_csf": 23.874015165455997,
  "rpve_gm": 14.390513400302257,
  "rpve_wm": 22.321857897357123,
  "size_x": 240,
  "size_y": 240,
  "size_z": 220,
  "snr_csf": 1.4489439943361866,
  "snr_gm": 7.43784755595109,
  "snr_total": 8.965190679604357,
  "snr_wm": 18.00878048852579,
  "snrd_csf": 9.94535429463663,
  "snrd_gm": 44.37040305473252,
  "snrd_total": 43.682756853102205,
  "snrd_wm": 76.73251320993745,
  "spacing_x": 0.9989410042762756,
  "spacing_y": 0.9989410042762756,
  "spacing_z": 1.0000228881835938,
  "summary_bg_k": 18.44318962283298,
  "summary_bg_mad": 0.0,
  "summary_bg_mean": 3.241509520388494,
  "summary_bg_median": 0.0,
  "summary_bg_n": 157450.0,
  "summary_bg_p05": 0.0,
  "summary_bg_p95": 18.25573021173477,
  "summary_bg_stdv": 8.537924608385184,
  "summary_csf_k": 0.754917332909677,
  "summary_csf_mad": 83.97111265186389,
  "summary_csf_mean": 146.99969529434262,
  "summary_csf_median": 129.61069659888744,
  "summary_csf_n": 33004.0,
  "summary_csf_p05": 29.981046549230815,
  "summary_csf_p95": 316.95638696849346,
  "summary_csf_stdv": 89.4504780931619,
  "summary_gm_k": 0.002067906213669257,
  "summary_gm_mad": 77.98109933191587,
  "summary_gm_mean": 578.1629500088832,
  "summary_gm_median": 578.2477605044842,
  "summary_gm_n": 28157.0,
  "summary_gm_p05": 449.5997294604778,
  "summary_gm_p95": 704.1175287812948,
  "summary_gm_stdv": 77.74258450262138,
  "summary_wm_k": 0.49157945339735587,
  "summary_wm_mad": 53.05968588966301,
  "summary_wm_mean": 998.6224234695203,
  "summary_wm_median": 1000.0000195354223,
  "summary_wm_n": 169172.0,
  "summary_wm_p05": 905.0939149804414,
  "summary_wm_p95": 1086.365584731102,
  "summary_wm_stdv": 55.52830546167723,
  "tpm_overlap_csf": 0.15011420936211425,
  "tpm_overlap_gm": 0.469490290386097,
  "tpm_overlap_wm": 0.505632751551085,
  "wm2max": 0.65567256434575
}