{
  "aor": 0.00127885,
  "aqi": 0.014156892400000001,
  "bids_meta": {
    "AcquisitionDateTime": "2018-06-04T19:31:49.235000",
    "BodyPartExamined": "BRAIN",
    "ConversionSoftware": "dcm2niix",
    "ConversionSoftwareVersion": "v1.0.20170411 GCC4.2.1",
    "EchoTime": 0.00207,
    "FlipAngle": 9,
    "ImageType": [
      "ORIGINAL",
      "PRIMARY",
      "M",
      "ND",
      "NORM"
    ],
    "InversionTime": 0.9,
    "MagneticFieldStrength": 3,
    "Manufacturer": "Philips",
    "PhaseEncodingDirection": "i-",
    "ProcedureStepDescription": "funktionales_Schadel-MRT",
    "ProtocolName": "t1_mprage_sag_p2_iso_1.0",
    "RepetitionTime": 2.5,
    "ScanningSequence": "GR_IR",
    "SequenceName": "_tfl3d1_16ns",
    "SequenceVariant": "SK_SP_MP",
    "SeriesDescription": "t1_mprage_sag_p2_iso_1.0",
    "TaskName": "resting-state",
    "dataset": "ds002608",
    "modality": "bold",
    "subject_id": "010",
    "task_id": "rest"
  },
  "dummy_trs": 0,
  "dvars_nstd": 38.49698023587943,
  "dvars_std": 1.0792101464321606,
  "dvars_vstd": 1.001049062211055,
  "efc": 0.40695939908698586,
  "fber": 258597.234375,
  "fd_mean": 0.17166002191445903,
  "fd_num": 42,
  "fd_perc": 21.0,
  "fwhm_avg": 1.6732677645450351,
  "fwhm_x": 1.6346533333333333,
  "fwhm_y": 1.8033933333333334,
  "fwhm_z": 1.581756626968438,
  "gcor": 0.00766514,
  "gsr_x": -0.013799788430333138,
  "gsr_y": 0.01873553916811943,
  "provenance": {
    "md5sum": "3d2640067a09385ab5e8af97a58e6f6b",
    "settings": {
      "fd_thres": 0.2,
      "testing": false
    },
    "software": "mriqc",
    "version": "22.0.6",
    "webapi_port": null,
    "webapi_url": "https://mriqc.nimh.nih.gov/api/v1"
  },
  "size_t": 200,
  "size_x": 80,
  "size_y": 80,
  "size_z": 40,
  "snr": 5.0812703391793015,
  "spacing_tr": 2.5,
  "spacing_x": 3.0,
  "spacing_y": 3.0,
  "spacing_z": 3.2998123168945312,
  "summary_bg_k": 123.35032118546144,
  "summary_bg_mad": 2.5202001887859744,
  "summary_bg_mean": 23.440582275390625,
  "summary_bg_median": 1.8835718631744385,
  "summary_bg_n": 178648.0,
  "summary_bg_p05": 0.028159705363214018,
  "summary_bg_p95": 101.98094596862786,
  "summary_bg_stdv": 77.16487884521484,
  "summary_fg_k": 2.548652090645163,
  "summary_fg_mad": 172.98105740138243,
  "summary_fg_mean": 984.053466796875,
  "summary_fg_median": 964.3271484375,
  "summary_fg_n": 35069.0,
  "summary_fg_p05": 728.74521484375,
  "summary_fg_p95": 1299.9843505859374,
  "summary_fg_stdv": 189.77801513671875,
  "tsnr": 37.065834045410156
}