{
  "aor": 0.0006842999999999999,
  "aqi": 0.0062194582,
  "bids_meta": {
    "AcquisitionDateTime": "2018-06-04T19:31:49.235000",
    "BodyPartExamined": "BRAIN",
    "ConversionSoftware": "dcm2niix",
    "ConversionSoftwareVersion": "v1.0.20170411 GCC4.2.1",
    "EchoTime": 0.00207,
    "FlipAngle": 9,
    "ImageType": [
      "ORIGINAL",
      "PRIMARY",
      "M",
      "ND",
      "NORM"
    ],
    "InversionTime": 0.9,
    "MagneticFieldStrength": 3,
    "Manufacturer": "Philips",
    "PhaseEncodingDirection": "i-",
    "ProcedureStepDescription": "funktionales_Schadel-MRT",
    "ProtocolName": "t1_mprage_sag_p2_iso_1.0",
    "RepetitionTime": 2.5,
    "ScanningSequence": "GR_IR",
    "SequenceName": "_tfl3d1_16ns",
    "SequenceVariant": "SK_SP_MP",
    "SeriesDescription": "t1_mprage_sag_p2_iso_1.0",
    "TaskName": "resting-state",
    "dataset": "ds002608",
    "modality": "bold",
    "subject_id": "033",
    "task_id": "rest"
  },
  "dummy_trs": 0,
  "dvars_nstd": 26.065897323567842,
  "dvars_std": 1.1073877313065326,
  "dvars_vstd": 0.9917913997989946,
  "efc": 0.37585179158004894,
  "fber": 148853.375,
  "fd_mean": 0.043775054003020876,
  "fd_num": 0,
  "fd_perc": 0.0,
  "fwhm_avg": 1.7618923741510262,
  "fwhm_x": 1.7358900000000002,
  "fwhm_y": 1.9280133333333334,
  "fwhm_z": 1.6217737891197452,
  "gcor": 0.00645022,
  "gsr_x": -0.01952853985130787,
  "gsr_y": 0.01460441667586565,
  "provenance": {
    "md5sum": "88c6f50cd50406523ebf9130202c9d1c",
    "settings": {
      "fd_thres": 0.2,
      "testing": false
    },
    "software": "mriqc",
    "version": "22.0.6",
    "webapi_port": null,
    "webapi_url": "https://mriqc.nimh.nih.gov/api/v1"
  },
  "size_t": 200,
  "size_x": 80,
  "size_y": 80,
  "size_z": 40,
  "snr": 4.968632933748475,
  "spacing_tr": 2.5,
  "spacing_x": 3.0,
  "spacing_y": 3.0,
  "spacing_z": 3.300004005432129,
  "summary_bg_k": 218.9075455055013,
  "summary_bg_mad": 3.00238946355676,
  "summary_bg_mean": 17.824813842773438,
  "summary_bg_median": 2.5709400177001953,
  "summary_bg_n": 184292.0,
  "summary_bg_p05": 0.05513757243752482,
  "summary_bg_p95": 78.0460441589354,
  "summary_bg_stdv": 58.2640266418457,
  "summary_fg_k": 1.6558886503118622,
  "summary_fg_mad": 195.04707215834983,
  "summary_fg_mean": 1024.5499267578125,
  "summary_fg_median": 1001.5076904296875,
  "summary_fg_n": 29707.0,
  "summary_fg_p05": 750.2889221191406,
  "summary_fg_p95": 1358.9891357421875,
  "summary_fg_stdv": 201.56265258789062,
  "tsnr": 53.777061462402344
}