{
  "bids_meta": {
    "AcquisitionDateTime": "2018-06-04T19:31:49.235000",
    "BodyPartExamined": "BRAIN",
    "ConversionSoftware": "dcm2niix",
    "ConversionSoftwareVersion": "v1.0.20170411 GCC4.2.1",
    "EchoTime": 0.00207,
    "FlipAngle": 9,
    "ImageType": [
      "ORIGINAL",
      "PRIMARY",
      "M",
      "ND",
      "NORM"
    ],
    "InversionTime": 0.9,
    "MagneticFieldStrength": 3,
    "Manufacturer": "Philips",
    "PhaseEncodingDirection": "i-",
    "ProcedureStepDescription": "funktionales_Schadel-MRT",
    "ProtocolName": "t1_mprage_sag_p2_iso_1.0",
    "RepetitionTime": 2.3,
    "ScanningSequence": "GR_IR",
    "SequenceName": "_tfl3d1_16ns",
    "SequenceVariant": "SK_SP_MP",
    "SeriesDescription": "t1_mprage_sag_p2_iso_1.0",
    "dataset": "ds002608",
    "modality": "T1w",
    "subject_id": "011"
  },
  "cjv": 0.3097555255282003,
  "cnr": 4.307801651975436,
  "efc": 0.7212135406891982,
  "fber": 244.5018868074879,
  "fwhm_avg": 4.788030127082776,
  "fwhm_x": 4.499645104924393,
  "fwhm_y": 4.7295485717125905,
  "fwhm_z": 5.1348967046113465,
  "icvs_csf": 0.2713882891561959,
  "icvs_gm": 0.40704929933136486,
  "icvs_wm": 0.32156241151243925,
  "inu_med": 0.7178515791893005,
  "inu_range": 0.21143742799758902,
  "provenance": {
    "md5sum": "f8f61a1c582f2d596bcf62b9dca2f5d7",
    "settings": {
      "testing": false
    },
    "software": "mriqc",
    "version": "22.0.6",
    "warnings": {
      "large_rot_frame": true,
      "small_air_mask": true
    },
    "webapi_port": null,
    "webapi_url": "https://mriqc.nimh.nih.gov/api/v1"
  },
  "qi_1": 0.0,
  "qi_2": 0.00024546717162675147,
  "rpve_csf": 23.728594479862167,
  "rpve_gm": 14.990686301510932,
  "rpve_wm": 22.46909640637646,
  "size_x": 240,
  "size_y": 240,
  "size_z": 220,
  "snr_csf": 1.7350196908957862,
  "snr_gm": 7.738114960176423,
  "snr_total": 9.767969508414657,
  "snr_wm": 19.830773874171758,
  "snrd_csf": 7.394920298993065,
  "snrd_gm": 29.011734426399343,
  "snrd_total": 28.302328796003437,
  "snrd_wm": 48.5003316626179,
  "spacing_x": 0.9989410042762756,
  "spacing_y": 0.9989410042762756,
  "spacing_z": 0.999969482421875,
  "summary_bg_k": 388.26508611907303,
  "summary_bg_mad": 0.0,
  "summary_bg_mean": 2.5959738066245532,
  "summary_bg_median": 0.0,
  "summary_bg_n": 188800.0,
  "summary_bg_p05": 0.0,
  "summary_bg_p95": 10.643623849377036,
  "summary_bg_stdv": 13.507874928374578,
  "summary_csf_k": 0.23628382822467664,
  "summary_csf_mad": 86.03307575701443,
  "summary_csf_mean": 163.52294735959447,
  "summary_csf_median": 152.47154409997165,
  "summary_csf_n": 29108.0,
  "summary_csf_p05": 32.670919014140964,
  "summary_csf_p95": 324.05372570455074,
  "summary_csf_stdv": 87.8773456068355,
  "summary_gm_k": 0.08407123097327718,
  "summary_gm_mad": 75.83560691259711,
  "summary_gm_mean": 596.296667925932,
  "summary_gm_median": 598.1760135553777,
  "summary_gm_n": 37637.0,
  "summary_gm_p05": 465.8032879881561,
  "summary_gm_p95": 720.5450386703014,
  "summary_gm_stdv": 77.30152239047754,
  "summary_wm_k": 0.3257672649239298,
  "summary_wm_mad": 48.63159983714207,
  "summary_wm_mean": 999.3564500809867,
  "summary_wm_median": 1000.0000214967877,
  "summary_wm_n": 179894.0,
  "summary_wm_p05": 915.5040137600154,
  "summary_wm_p95": 1081.23111394234,
  "summary_wm_stdv": 50.42653647423966,
  "tpm_overlap_csf": 0.1314699952263438,
  "tpm_overlap_gm": 0.48094285866623543,
  "tpm_overlap_wm": 0.5297486594514397,
  "wm2max": 0.7387046982023989
}