{
  "aor": 0.0007255,
  "aqi": 0.00661542145,
  "bids_meta": {
    "AcquisitionDateTime": "2018-06-04T19:31:49.235000",
    "BodyPartExamined": "BRAIN",
    "ConversionSoftware": "dcm2niix",
    "ConversionSoftwareVersion": "v1.0.20170411 GCC4.2.1",
    "EchoTime": 0.00207,
    "FlipAngle": 9,
    "ImageType": [
      "ORIGINAL",
      "PRIMARY",
      "M",
      "ND",
      "NORM"
    ],
    "InversionTime": 0.9,
    "MagneticFieldStrength": 3,
    "Manufacturer": "Philips",
    "PhaseEncodingDirection": "i-",
    "ProcedureStepDescription": "funktionales_Schadel-MRT",
    "ProtocolName": "t1_mprage_sag_p2_iso_1.0",
    "RepetitionTime": 2.5,
    "ScanningSequence": "GR_IR",
    "SequenceName": "_tfl3d1_16ns",
    "SequenceVariant": "SK_SP_MP",
    "SeriesDescription": "t1_mprage_sag_p2_iso_1.0",
    "TaskName": "resting-state",
    "dataset": "ds002608",
    "modality": "bold",
    "subject_id": "046",
    "task_id": "rest"
  },
  "dummy_trs": 0,
  "dvars_nstd": 28.861499403015088,
  "dvars_std": 1.1204634472361812,
  "dvars_vstd": 1.0011092293467336,
  "efc": 0.41865700954794743,
  "fber": 130175.0859375,
  "fd_mean": 0.058993457130710795,
  "fd_num": 0,
  "fd_perc": 0.0,
  "fwhm_avg": 1.8490885614849546,
  "fwhm_x": 1.8329733333333333,
  "fwhm_y": 2.01186,
  "fwhm_z": 1.7024323511215305,
  "gcor": 0.0138795,
  "gsr_x": -0.008941680192947388,
  "gsr_y": 0.019358502700924873,
  "provenance": {
    "md5sum": "1794d1e4041d3496ff9cdcb646c31f22",
    "settings": {
      "fd_thres": 0.2,
      "testing": false
    },
    "software": "mriqc",
    "version": "22.0.6",
    "webapi_port": null,
    "webapi_url": "https://mriqc.nimh.nih.gov/api/v1"
  },
  "size_t": 200,
  "size_x": 80,
  "size_y": 80,
  "size_z": 40,
  "snr": 4.280112395912657,
  "spacing_tr": 2.5,
  "spacing_x": 3.0,
  "spacing_y": 3.0,
  "spacing_z": 3.2999725341796875,
  "summary_bg_k": 154.22661406210707,
  "summary_bg_mad": 3.1421076135161012,
  "summary_bg_mean": 26.219133377075195,
  "summary_bg_median": 2.7495522499084473,
  "summary_bg_n": 175594.0,
  "summary_bg_p05": 0.20862441211938854,
  "summary_bg_p95": 118.19029502868658,
  "summary_bg_stdv": 86.50516510009766,
  "summary_fg_k": 3.004555480668577,
  "summary_fg_mad": 191.9568998463535,
  "summary_fg_mean": 1031.4403076171875,
  "summary_fg_median": 998.0023803710938,
  "summary_fg_n": 37383.0,
  "summary_fg_p05": 735.9183959960938,
  "summary_fg_p95": 1441.6467163085943,
  "summary_fg_stdv": 233.16888427734375,
  "tsnr": 52.5727424621582
}