{
  "aor": 0.0007586500000000001,
  "aqi": 0.006495028050000001,
  "bids_meta": {
    "AcquisitionDateTime": "2018-06-04T19:31:49.235000",
    "BodyPartExamined": "BRAIN",
    "ConversionSoftware": "dcm2niix",
    "ConversionSoftwareVersion": "v1.0.20170411 GCC4.2.1",
    "EchoTime": 0.00207,
    "FlipAngle": 9,
    "ImageType": [
      "ORIGINAL",
      "PRIMARY",
      "M",
      "ND",
      "NORM"
    ],
    "InversionTime": 0.9,
    "MagneticFieldStrength": 3,
    "Manufacturer": "Philips",
    "PhaseEncodingDirection": "i-",
    "ProcedureStepDescription": "funktionales_Schadel-MRT",
    "ProtocolName": "t1_mprage_sag_p2_iso_1.0",
    "RepetitionTime": 2.5,
    "ScanningSequence": "GR_IR",
    "SequenceName": "_tfl3d1_16ns",
    "SequenceVariant": "SK_SP_MP",
    "SeriesDescription": "t1_mprage_sag_p2_iso_1.0",
    "TaskName": "resting-state",
    "dataset": "ds002608",
    "modality": "bold",
    "subject_id": "032",
    "task_id": "rest"
  },
  "dummy_trs": 0,
  "dvars_nstd": 30.109542425075396,
  "dvars_std": 1.148434003417086,
  "dvars_vstd": 1.0015754067336686,
  "efc": 0.4082947687557928,
  "fber": 135792.96875,
  "fd_mean": 0.06468815096565372,
  "fd_num": 0,
  "fd_perc": 0.0,
  "fwhm_avg": 1.7601214916037025,
  "fwhm_x": 1.6773066666666667,
  "fwhm_y": 1.99942,
  "fwhm_z": 1.603637808144441,
  "gcor": 0.0216616,
  "gsr_x": -0.011242370121181011,
  "gsr_y": 0.007628604304045439,
  "provenance": {
    "md5sum": "a160068549abf7b6f319ada78d68cee8",
    "settings": {
      "fd_thres": 0.2,
      "testing": false
    },
    "software": "mriqc",
    "version": "22.0.6",
    "webapi_port": null,
    "webapi_url": "https://mriqc.nimh.nih.gov/api/v1"
  },
  "size_t": 200,
  "size_x": 80,
  "size_y": 80,
  "size_z": 40,
  "snr": 4.710483618573162,
  "spacing_tr": 2.5,
  "spacing_x": 3.0,
  "spacing_y": 3.0,
  "spacing_z": 3.3002090454101562,
  "summary_bg_k": 53.43294830148816,
  "summary_bg_mad": 2.916354263998528,
  "summary_bg_mean": 23.338212966918945,
  "summary_bg_median": 2.6368937492370605,
  "summary_bg_n": 178250.0,
  "summary_bg_p05": 0.055317410640418584,
  "summary_bg_p95": 120.22701606750483,
  "summary_bg_stdv": 68.80480194091797,
  "summary_fg_k": 5.372069133076208,
  "summary_fg_mad": 168.15988546549733,
  "summary_fg_mean": 1008.6347045898438,
  "summary_fg_median": 986.8914794921875,
  "summary_fg_n": 34101.0,
  "summary_fg_p05": 745.3528442382812,
  "summary_fg_p95": 1322.4542236328125,
  "summary_fg_stdv": 209.5065155029297,
  "tsnr": 54.58171844482422
}