{
  "aor": 0.0018757500000000002,
  "aqi": 0.0087743859,
  "bids_meta": {
    "AcquisitionDateTime": "2018-06-04T19:31:49.235000",
    "BodyPartExamined": "BRAIN",
    "ConversionSoftware": "dcm2niix",
    "ConversionSoftwareVersion": "v1.0.20170411 GCC4.2.1",
    "EchoTime": 0.00207,
    "FlipAngle": 9,
    "ImageType": [
      "ORIGINAL",
      "PRIMARY",
      "M",
      "ND",
      "NORM"
    ],
    "InversionTime": 0.9,
    "MagneticFieldStrength": 3,
    "Manufacturer": "Philips",
    "PhaseEncodingDirection": "i-",
    "ProcedureStepDescription": "funktionales_Schadel-MRT",
    "ProtocolName": "t1_mprage_sag_p2_iso_1.0",
    "RepetitionTime": 2.5,
    "ScanningSequence": "GR_IR",
    "SequenceName": "_tfl3d1_16ns",
    "SequenceVariant": "SK_SP_MP",
    "SeriesDescription": "t1_mprage_sag_p2_iso_1.0",
    "TaskName": "resting-state",
    "dataset": "ds002608",
    "modality": "bold",
    "subject_id": "024",
    "task_id": "rest"
  },
  "dummy_trs": 0,
  "dvars_nstd": 27.849152550402035,
  "dvars_std": 1.1213952446733668,
  "dvars_vstd": 1.0126209730150748,
  "efc": 0.41059488421033963,
  "fber": 122210.8671875,
  "fd_mean": 0.07700355952628543,
  "fd_num": 12,
  "fd_perc": 6.0,
  "fwhm_avg": 1.7325972213937193,
  "fwhm_x": 1.7056366666666667,
  "fwhm_y": 1.8452233333333332,
  "fwhm_z": 1.6469316641811578,
  "gcor": 0.0282394,
  "gsr_x": -0.008583616465330124,
  "gsr_y": 0.017178509384393692,
  "provenance": {
    "md5sum": "892fa444f6e84d97a607a4e6af10aaa9",
    "settings": {
      "fd_thres": 0.2,
      "testing": false
    },
    "software": "mriqc",
    "version": "22.0.6",
    "webapi_port": null,
    "webapi_url": "https://mriqc.nimh.nih.gov/api/v1"
  },
  "size_t": 200,
  "size_x": 80,
  "size_y": 80,
  "size_z": 40,
  "snr": 5.399830150069755,
  "spacing_tr": 2.5,
  "spacing_x": 3.0,
  "spacing_y": 3.0,
  "spacing_z": 3.2997665405273438,
  "summary_bg_k": 188.7315821723883,
  "summary_bg_mad": 3.2554682685550604,
  "summary_bg_mean": 20.332935333251953,
  "summary_bg_median": 2.7888197898864746,
  "summary_bg_n": 177017.0,
  "summary_bg_p05": 0.07070320546627046,
  "summary_bg_p95": 86.23922729492178,
  "summary_bg_stdv": 66.70347595214844,
  "summary_fg_k": 4.3825790702003875,
  "summary_fg_mad": 145.37899292983153,
  "summary_fg_mean": 1004.9161987304688,
  "summary_fg_median": 986.216796875,
  "summary_fg_n": 36109.0,
  "summary_fg_p05": 769.7730224609375,
  "summary_fg_p95": 1300.659423828125,
  "summary_fg_stdv": 182.63595581054688,
  "tsnr": 51.791419982910156
}