{
  "aor": 0.010440149999999999,
  "aqi": 0.0249514343,
  "bids_meta": {
    "AcquisitionDateTime": "2018-06-04T19:31:49.235000",
    "BodyPartExamined": "BRAIN",
    "ConversionSoftware": "dcm2niix",
    "ConversionSoftwareVersion": "v1.0.20170411 GCC4.2.1",
    "EchoTime": 0.00207,
    "FlipAngle": 9,
    "ImageType": [
      "ORIGINAL",
      "PRIMARY",
      "M",
      "ND",
      "NORM"
    ],
    "InversionTime": 0.9,
    "MagneticFieldStrength": 3,
    "Manufacturer": "Philips",
    "PhaseEncodingDirection": "i-",
    "ProcedureStepDescription": "funktionales_Schadel-MRT",
    "ProtocolName": "t1_mprage_sag_p2_iso_1.0",
    "RepetitionTime": 2.5,
    "ScanningSequence": "GR_IR",
    "SequenceName": "_tfl3d1_16ns",
    "SequenceVariant": "SK_SP_MP",
    "SeriesDescription": "t1_mprage_sag_p2_iso_1.0",
    "TaskName": "resting-state",
    "dataset": "ds002608",
    "modality": "bold",
    "subject_id": "044",
    "task_id": "rest"
  },
  "dummy_trs": 0,
  "dvars_nstd": 35.36745813261306,
  "dvars_std": 1.0660665984924624,
  "dvars_vstd": 0.9464370418592967,
  "efc": 0.42328107042965857,
  "fber": 102602.015625,
  "fd_mean": 0.16657302754948702,
  "fd_num": 37,
  "fd_perc": 18.5,
  "fwhm_avg": 1.8950737718816557,
  "fwhm_x": 1.8305866666666668,
  "fwhm_y": 2.1041633333333336,
  "fwhm_z": 1.7504713156449672,
  "gcor": 0.0118549,
  "gsr_x": -0.019806992262601852,
  "gsr_y": 0.028898123651742935,
  "provenance": {
    "md5sum": "1a9dfaa7af303cb95f5b3efd613c4de8",
    "settings": {
      "fd_thres": 0.2,
      "testing": false
    },
    "software": "mriqc",
    "version": "22.0.6",
    "webapi_port": null,
    "webapi_url": "https://mriqc.nimh.nih.gov/api/v1"
  },
  "size_t": 200,
  "size_x": 80,
  "size_y": 80,
  "size_z": 40,
  "snr": 4.229894825434294,
  "spacing_tr": 2.5,
  "spacing_x": 3.0,
  "spacing_y": 3.0,
  "spacing_z": 3.299762725830078,
  "summary_bg_k": 230.27764684057524,
  "summary_bg_mad": 3.2473340329519726,
  "summary_bg_mean": 21.88675880432129,
  "summary_bg_median": 2.952284097671509,
  "summary_bg_n": 173284.0,
  "summary_bg_p05": 0.2984810933470726,
  "summary_bg_p95": 102.12310256958011,
  "summary_bg_stdv": 74.52497100830078,
  "summary_fg_k": 3.144053844289438,
  "summary_fg_mad": 195.75439395039996,
  "summary_fg_mean": 996.6034545898438,
  "summary_fg_median": 965.4752197265625,
  "summary_fg_n": 39008.0,
  "summary_fg_p05": 709.459228515625,
  "summary_fg_p95": 1383.8256469726564,
  "summary_fg_stdv": 228.2474822998047,
  "tsnr": 31.414348602294922
}