{
  "aor": 0.0018321500000000003,
  "aqi": 0.008357187799999999,
  "bids_meta": {
    "AcquisitionDateTime": "2018-06-04T19:31:49.235000",
    "BodyPartExamined": "BRAIN",
    "ConversionSoftware": "dcm2niix",
    "ConversionSoftwareVersion": "v1.0.20170411 GCC4.2.1",
    "EchoTime": 0.00207,
    "FlipAngle": 9,
    "ImageType": [
      "ORIGINAL",
      "PRIMARY",
      "M",
      "ND",
      "NORM"
    ],
    "InversionTime": 0.9,
    "MagneticFieldStrength": 3,
    "Manufacturer": "Philips",
    "PhaseEncodingDirection": "i-",
    "ProcedureStepDescription": "funktionales_Schadel-MRT",
    "ProtocolName": "t1_mprage_sag_p2_iso_1.0",
    "RepetitionTime": 2.5,
    "ScanningSequence": "GR_IR",
    "SequenceName": "_tfl3d1_16ns",
    "SequenceVariant": "SK_SP_MP",
    "SeriesDescription": "t1_mprage_sag_p2_iso_1.0",
    "TaskName": "resting-state",
    "dataset": "ds002608",
    "modality": "bold",
    "subject_id": "019",
    "task_id": "rest"
  },
  "dummy_trs": 0,
  "dvars_nstd": 27.524901749648247,
  "dvars_std": 1.0648232590452265,
  "dvars_vstd": 1.0013883274874373,
  "efc": 0.4394564296152523,
  "fber": 105054.9140625,
  "fd_mean": 0.09284551998466783,
  "fd_num": 15,
  "fd_perc": 7.5,
  "fwhm_avg": 1.7702935926411671,
  "fwhm_x": 1.7435066666666668,
  "fwhm_y": 1.9503166666666667,
  "fwhm_z": 1.6170574445901682,
  "gcor": 0.0153614,
  "gsr_x": -0.005755193531513214,
  "gsr_y": 0.015461264178156853,
  "provenance": {
    "md5sum": "09bbe16aa2be000b7cf46f6c278ae34d",
    "settings": {
      "fd_thres": 0.2,
      "testing": false
    },
    "software": "mriqc",
    "version": "22.0.6",
    "webapi_port": null,
    "webapi_url": "https://mriqc.nimh.nih.gov/api/v1"
  },
  "size_t": 200,
  "size_x": 80,
  "size_y": 80,
  "size_z": 40,
  "snr": 4.972400927195344,
  "spacing_tr": 2.5,
  "spacing_x": 3.0,
  "spacing_y": 3.0,
  "spacing_z": 3.299833297729492,
  "summary_bg_k": 83.5370651355746,
  "summary_bg_mad": 3.43317251891576,
  "summary_bg_mean": 22.449119567871094,
  "summary_bg_median": 3.175102710723877,
  "summary_bg_n": 169220.0,
  "summary_bg_p05": 0.23999285846948626,
  "summary_bg_p95": 98.76693305969228,
  "summary_bg_stdv": 63.85770034790039,
  "summary_fg_k": 1.4944594648756269,
  "summary_fg_mad": 206.03705113382455,
  "summary_fg_mean": 1067.88037109375,
  "summary_fg_median": 1054.161865234375,
  "summary_fg_n": 41948.0,
  "summary_fg_p05": 763.6566375732422,
  "summary_fg_p95": 1417.902081298828,
  "summary_fg_stdv": 212.00006103515625,
  "tsnr": 45.25919723510742
}