{
  "aor": 0.0012724999999999998,
  "aqi": 0.012371154399999999,
  "bids_meta": {
    "AcquisitionDateTime": "2018-06-04T19:31:49.235000",
    "BodyPartExamined": "BRAIN",
    "ConversionSoftware": "dcm2niix",
    "ConversionSoftwareVersion": "v1.0.20170411 GCC4.2.1",
    "EchoTime": 0.00207,
    "FlipAngle": 9,
    "ImageType": [
      "ORIGINAL",
      "PRIMARY",
      "M",
      "ND",
      "NORM"
    ],
    "InversionTime": 0.9,
    "MagneticFieldStrength": 3,
    "Manufacturer": "Philips",
    "PhaseEncodingDirection": "i-",
    "ProcedureStepDescription": "funktionales_Schadel-MRT",
    "ProtocolName": "t1_mprage_sag_p2_iso_1.0",
    "RepetitionTime": 2.5,
    "ScanningSequence": "GR_IR",
    "SequenceName": "_tfl3d1_16ns",
    "SequenceVariant": "SK_SP_MP",
    "SeriesDescription": "t1_mprage_sag_p2_iso_1.0",
    "TaskName": "resting-state",
    "dataset": "ds002608",
    "modality": "bold",
    "subject_id": "031",
    "task_id": "rest"
  },
  "dummy_trs": 0,
  "dvars_nstd": 35.58544534668344,
  "dvars_std": 1.1702926535678395,
  "dvars_vstd": 0.9940586616080404,
  "efc": 0.383761366344982,
  "fber": 151548.375,
  "fd_mean": 0.1146872705102648,
  "fd_num": 15,
  "fd_perc": 7.5,
  "fwhm_avg": 1.7111959374219312,
  "fwhm_x": 1.6445633333333334,
  "fwhm_y": 1.8976033333333333,
  "fwhm_z": 1.591421145599127,
  "gcor": 0.0252582,
  "gsr_x": -0.019647901877760887,
  "gsr_y": 0.018722105771303177,
  "provenance": {
    "md5sum": "269eca235a0fb13ad005688fb3da9cff",
    "settings": {
      "fd_thres": 0.2,
      "testing": false
    },
    "software": "mriqc",
    "version": "22.0.6",
    "webapi_port": null,
    "webapi_url": "https://mriqc.nimh.nih.gov/api/v1"
  },
  "size_t": 200,
  "size_x": 80,
  "size_y": 80,
  "size_z": 40,
  "snr": 5.747626364144883,
  "spacing_tr": 2.5,
  "spacing_x": 3.0,
  "spacing_y": 3.0,
  "spacing_z": 3.299968719482422,
  "summary_bg_k": 237.1815937828013,
  "summary_bg_mad": 3.6718081788003865,
  "summary_bg_mean": 27.237810134887695,
  "summary_bg_median": 3.3145084381103516,
  "summary_bg_n": 184116.0,
  "summary_bg_p05": 0.34257370233535767,
  "summary_bg_p95": 114.12371444702148,
  "summary_bg_stdv": 99.37787628173828,
  "summary_fg_k": 1.0680001515403381,
  "summary_fg_mad": 222.5039892935675,
  "summary_fg_mean": 1292.112060546875,
  "summary_fg_median": 1289.41064453125,
  "summary_fg_n": 30367.0,
  "summary_fg_p05": 949.696337890625,
  "summary_fg_p95": 1645.982568359375,
  "summary_fg_stdv": 224.33424377441406,
  "tsnr": 42.36382293701172
}