{
  "bids_meta": {
    "AcquisitionDateTime": "2018-06-04T19:31:49.235000",
    "BodyPartExamined": "BRAIN",
    "ConversionSoftware": "dcm2niix",
    "ConversionSoftwareVersion": "v1.0.20170411 GCC4.2.1",
    "EchoTime": 0.00207,
    "FlipAngle": 9,
    "ImageType": [
      "ORIGINAL",
      "PRIMARY",
      "M",
      "ND",
      "NORM"
    ],
    "InversionTime": 0.9,
    "MagneticFieldStrength": 3,
    "Manufacturer": "Philips",
    "PhaseEncodingDirection": "i-",
    "ProcedureStepDescription": "funktionales_Schadel-MRT",
    "ProtocolName": "t1_mprage_sag_p2_iso_1.0",
    "RepetitionTime": 2.3,
    "ScanningSequence": "GR_IR",
    "SequenceName": "_tfl3d1_16ns",
    "SequenceVariant": "SK_SP_MP",
    "SeriesDescription": "t1_mprage_sag_p2_iso_1.0",
    "dataset": "ds002608",
    "modality": "T1w",
    "subject_id": "012"
  },
  "cjv": 0.2910208373264474,
  "cnr": 4.606470461279623,
  "efc": 0.7381219075410856,
  "fber": -1.0,
  "fwhm_avg": 4.524724150919769,
  "fwhm_x": 4.2932565403170475,
  "fwhm_y": 4.351978726861486,
  "fwhm_z": 4.928937185580774,
  "icvs_csf": 0.23728491402073804,
  "icvs_gm": 0.43333312139434393,
  "icvs_wm": 0.32938196458491803,
  "inu_med": 0.6924028098583221,
  "inu_range": 0.2502876728773116,
  "provenance": {
    "md5sum": "4625de780a726b2247120b8451a10925",
    "settings": {
      "testing": false
    },
    "software": "mriqc",
    "version": "22.0.6",
    "warnings": {
      "large_rot_frame": true,
      "small_air_mask": true
    },
    "webapi_port": null,
    "webapi_url": "https://mriqc.nimh.nih.gov/api/v1"
  },
  "qi_1": 0.0,
  "qi_2": 0.003390664424302174,
  "rpve_csf": 22.67599536030681,
  "rpve_gm": 12.618897932170338,
  "rpve_wm": 19.484964419145253,
  "size_x": 240,
  "size_y": 240,
  "size_z": 220,
  "snr_csf": 1.535560757419904,
  "snr_gm": 8.33019724375048,
  "snr_total": 10.203969852042366,
  "snr_wm": 20.746151554956715,
  "snrd_csf": 16.87120493786124,
  "snrd_gm": 72.09519478411038,
  "snrd_total": 69.70916182881625,
  "snrd_wm": 120.16108576447711,
  "spacing_x": 0.9989410042762756,
  "spacing_y": 0.9989410042762756,
  "spacing_z": 1.0000228881835938,
  "summary_bg_k": 36.49036109023705,
  "summary_bg_mad": 0.0,
  "summary_bg_mean": 1.3968534194759274,
  "summary_bg_median": 0.0,
  "summary_bg_n": 83373.0,
  "summary_bg_p05": 0.0,
  "summary_bg_p95": 11.759000923484564,
  "summary_bg_stdv": 5.452151056198956,
  "summary_csf_k": 0.6942317383274657,
  "summary_csf_mad": 88.82313079706934,
  "summary_csf_mean": 157.20311146601597,
  "summary_csf_median": 140.40489556267858,
  "summary_csf_n": 32283.0,
  "summary_csf_p05": 35.592192485928535,
  "summary_csf_p95": 329.93089601397514,
  "summary_csf_stdv": 91.43416844464548,
  "summary_gm_k": 0.09033000357216148,
  "summary_gm_mad": 72.09016139762143,
  "summary_gm_mean": 599.8747812149406,
  "summary_gm_median": 599.9878687690943,
  "summary_gm_n": 35296.0,
  "summary_gm_p05": 481.94325898308307,
  "summary_gm_p95": 717.2323815850541,
  "summary_gm_stdv": 72.02462940288375,
  "summary_wm_k": 0.7639139078329005,
  "summary_wm_mad": 44.321699827109065,
  "summary_wm_mean": 999.6547453361861,
  "summary_wm_median": 999.9999857507646,
  "summary_wm_n": 194812.0,
  "summary_wm_p05": 919.8933072946966,
  "summary_wm_p95": 1077.6578825712204,
  "summary_wm_stdv": 48.201586521794134,
  "tpm_overlap_csf": 0.14450357474855569,
  "tpm_overlap_gm": 0.4521335451823831,
  "tpm_overlap_wm": 0.4696450174901178,
  "wm2max": 0.6688776089389099
}