{
  "aor": 0.0025023000000000003,
  "aqi": 0.012322758150000002,
  "bids_meta": {
    "AcquisitionDateTime": "2018-06-04T19:31:49.235000",
    "BodyPartExamined": "BRAIN",
    "ConversionSoftware": "dcm2niix",
    "ConversionSoftwareVersion": "v1.0.20170411 GCC4.2.1",
    "EchoTime": 0.00207,
    "FlipAngle": 9,
    "ImageType": [
      "ORIGINAL",
      "PRIMARY",
      "M",
      "ND",
      "NORM"
    ],
    "InversionTime": 0.9,
    "MagneticFieldStrength": 3,
    "Manufacturer": "Philips",
    "PhaseEncodingDirection": "i-",
    "ProcedureStepDescription": "funktionales_Schadel-MRT",
    "ProtocolName": "t1_mprage_sag_p2_iso_1.0",
    "RepetitionTime": 2.5,
    "ScanningSequence": "GR_IR",
    "SequenceName": "_tfl3d1_16ns",
    "SequenceVariant": "SK_SP_MP",
    "SeriesDescription": "t1_mprage_sag_p2_iso_1.0",
    "TaskName": "resting-state",
    "dataset": "ds002608",
    "modality": "bold",
    "subject_id": "035",
    "task_id": "rest"
  },
  "dummy_trs": 0,
  "dvars_nstd": 33.06116534457286,
  "dvars_std": 1.1795090689949739,
  "dvars_vstd": 0.9936405429145723,
  "efc": 0.41109570111453625,
  "fber": 112755.109375,
  "fd_mean": 0.1638310402261963,
  "fd_num": 34,
  "fd_perc": 17.0,
  "fwhm_avg": 1.6919127717974327,
  "fwhm_x": 1.6568366666666667,
  "fwhm_y": 1.8290966666666666,
  "fwhm_z": 1.589804982058965,
  "gcor": 0.00527664,
  "gsr_x": -0.015490053221583366,
  "gsr_y": 0.01537642627954483,
  "provenance": {
    "md5sum": "ff9dc7909b8321bbd140b1097e7752b7",
    "settings": {
      "fd_thres": 0.2,
      "testing": false
    },
    "software": "mriqc",
    "version": "22.0.6",
    "webapi_port": null,
    "webapi_url": "https://mriqc.nimh.nih.gov/api/v1"
  },
  "size_t": 200,
  "size_x": 80,
  "size_y": 80,
  "size_z": 40,
  "snr": 4.770588866896794,
  "spacing_tr": 2.5,
  "spacing_x": 3.0,
  "spacing_y": 3.0,
  "spacing_z": 3.2999267578125,
  "summary_bg_k": 317.4641782604859,
  "summary_bg_mad": 3.1561298966068003,
  "summary_bg_mean": 17.738330841064453,
  "summary_bg_median": 3.0574417114257812,
  "summary_bg_n": 174403.0,
  "summary_bg_p05": 0.1937165305018425,
  "summary_bg_p95": 75.7751899719238,
  "summary_bg_stdv": 58.24885177612305,
  "summary_fg_k": 2.7716506633154188,
  "summary_fg_mad": 188.61095512404188,
  "summary_fg_mean": 1077.247314453125,
  "summary_fg_median": 1046.3829345703125,
  "summary_fg_n": 37564.0,
  "summary_fg_p05": 795.8695037841798,
  "summary_fg_p95": 1462.3832092285156,
  "summary_fg_stdv": 219.33749389648438,
  "tsnr": 42.54859161376953
}