{
  "aor": 0.022185499999999997,
  "aqi": 0.0225792717,
  "bids_meta": {
    "AcquisitionDateTime": "2018-06-04T19:31:49.235000",
    "BodyPartExamined": "BRAIN",
    "ConversionSoftware": "dcm2niix",
    "ConversionSoftwareVersion": "v1.0.20170411 GCC4.2.1",
    "EchoTime": 0.00207,
    "FlipAngle": 9,
    "ImageType": [
      "ORIGINAL",
      "PRIMARY",
      "M",
      "ND",
      "NORM"
    ],
    "InversionTime": 0.9,
    "MagneticFieldStrength": 3,
    "Manufacturer": "Philips",
    "PhaseEncodingDirection": "i-",
    "ProcedureStepDescription": "funktionales_Schadel-MRT",
    "ProtocolName": "t1_mprage_sag_p2_iso_1.0",
    "RepetitionTime": 2.5,
    "ScanningSequence": "GR_IR",
    "SequenceName": "_tfl3d1_16ns",
    "SequenceVariant": "SK_SP_MP",
    "SeriesDescription": "t1_mprage_sag_p2_iso_1.0",
    "TaskName": "resting-state",
    "dataset": "ds002608",
    "modality": "bold",
    "subject_id": "034",
    "task_id": "rest"
  },
  "dummy_trs": 0,
  "dvars_nstd": 37.733377293718576,
  "dvars_std": 1.2621926441206024,
  "dvars_vstd": 1.1022852213065322,
  "efc": 0.3650348051640914,
  "fber": 157955.953125,
  "fd_mean": 0.2475579539742493,
  "fd_num": 39,
  "fd_perc": 19.5,
  "fwhm_avg": 1.7919528940821783,
  "fwhm_x": 1.76776,
  "fwhm_y": 1.92487,
  "fwhm_z": 1.6832286822465343,
  "gcor": 0.0221484,
  "gsr_x": -0.012614781968295574,
  "gsr_y": 0.0063477265648543835,
  "provenance": {
    "md5sum": "2ab6b9997720817f6e7c07f96c579ced",
    "settings": {
      "fd_thres": 0.2,
      "testing": false
    },
    "software": "mriqc",
    "version": "22.0.6",
    "webapi_port": null,
    "webapi_url": "https://mriqc.nimh.nih.gov/api/v1"
  },
  "size_t": 200,
  "size_x": 80,
  "size_y": 80,
  "size_z": 40,
  "snr": 4.456434838721245,
  "spacing_tr": 2.5,
  "spacing_x": 3.0,
  "spacing_y": 3.0,
  "spacing_z": 3.299896240234375,
  "summary_bg_k": 288.19027271701043,
  "summary_bg_mad": 2.8979245282262887,
  "summary_bg_mean": 17.005489349365234,
  "summary_bg_median": 2.5328116416931152,
  "summary_bg_n": 185840.0,
  "summary_bg_p05": 0.10475352481007577,
  "summary_bg_p95": 74.40962638854963,
  "summary_bg_stdv": 57.962223052978516,
  "summary_fg_k": 2.8551758396910207,
  "summary_fg_mad": 204.93998521609672,
  "summary_fg_mean": 1041.223876953125,
  "summary_fg_median": 1010.4140625,
  "summary_fg_n": 28773.0,
  "summary_fg_p05": 740.174609375,
  "summary_fg_p95": 1423.99619140625,
  "summary_fg_stdv": 226.7275390625,
  "tsnr": 30.16544532775879
}