{
  "aor": 0.0080688,
  "aqi": 0.01671812935,
  "bids_meta": {
    "AcquisitionDateTime": "2018-06-04T19:31:49.235000",
    "BodyPartExamined": "BRAIN",
    "ConversionSoftware": "dcm2niix",
    "ConversionSoftwareVersion": "v1.0.20170411 GCC4.2.1",
    "EchoTime": 0.00207,
    "FlipAngle": 9,
    "ImageType": [
      "ORIGINAL",
      "PRIMARY",
      "M",
      "ND",
      "NORM"
    ],
    "InversionTime": 0.9,
    "MagneticFieldStrength": 3,
    "Manufacturer": "Philips",
    "PhaseEncodingDirection": "i-",
    "ProcedureStepDescription": "funktionales_Schadel-MRT",
    "ProtocolName": "t1_mprage_sag_p2_iso_1.0",
    "RepetitionTime": 2.5,
    "ScanningSequence": "GR_IR",
    "SequenceName": "_tfl3d1_16ns",
    "SequenceVariant": "SK_SP_MP",
    "SeriesDescription": "t1_mprage_sag_p2_iso_1.0",
    "TaskName": "resting-state",
    "dataset": "ds002608",
    "modality": "bold",
    "subject_id": "011",
    "task_id": "rest"
  },
  "dummy_trs": 0,
  "dvars_nstd": 38.21933151150752,
  "dvars_std": 1.1453575744723608,
  "dvars_vstd": 1.0469966529145733,
  "efc": 0.3909128767452184,
  "fber": 155551.375,
  "fd_mean": 0.15247985814341986,
  "fd_num": 24,
  "fd_perc": 12.0,
  "fwhm_avg": 1.6362411248755981,
  "fwhm_x": 1.5873666666666668,
  "fwhm_y": 1.7488466666666669,
  "fwhm_z": 1.572510041293461,
  "gcor": 0.00755791,
  "gsr_x": -0.012089028023183346,
  "gsr_y": 0.014949689619243145,
  "provenance": {
    "md5sum": "d5e21ce4a508b64560fed439534abb2d",
    "settings": {
      "fd_thres": 0.2,
      "testing": false
    },
    "software": "mriqc",
    "version": "22.0.6",
    "webapi_port": null,
    "webapi_url": "https://mriqc.nimh.nih.gov/api/v1"
  },
  "size_t": 200,
  "size_x": 80,
  "size_y": 80,
  "size_z": 40,
  "snr": 5.110146528649686,
  "spacing_tr": 2.5,
  "spacing_x": 3.0,
  "spacing_y": 3.0,
  "spacing_z": 3.2998199462890625,
  "summary_bg_k": 222.94059520780473,
  "summary_bg_mad": 3.45946051084799,
  "summary_bg_mean": 21.67176055908203,
  "summary_bg_median": 2.6834239959716797,
  "summary_bg_n": 181394.0,
  "summary_bg_p05": 0.08979074954986571,
  "summary_bg_p95": 89.73991661071781,
  "summary_bg_stdv": 69.0122299194336,
  "summary_fg_k": 2.140053036136777,
  "summary_fg_mad": 185.0125409077342,
  "summary_fg_mean": 1082.9400634765625,
  "summary_fg_median": 1059.701171875,
  "summary_fg_n": 31802.0,
  "summary_fg_p05": 804.5568725585938,
  "summary_fg_p95": 1438.627685546875,
  "summary_fg_stdv": 207.36871337890625,
  "tsnr": 34.01401138305664
}