{
  "bids_meta": {
    "AcquisitionDateTime": "2018-06-04T19:31:49.235000",
    "BodyPartExamined": "BRAIN",
    "ConversionSoftware": "dcm2niix",
    "ConversionSoftwareVersion": "v1.0.20170411 GCC4.2.1",
    "EchoTime": 0.00207,
    "FlipAngle": 9,
    "ImageType": [
      "ORIGINAL",
      "PRIMARY",
      "M",
      "ND",
      "NORM"
    ],
    "InversionTime": 0.9,
    "MagneticFieldStrength": 3,
    "Manufacturer": "Philips",
    "PhaseEncodingDirection": "i-",
    "ProcedureStepDescription": "funktionales_Schadel-MRT",
    "ProtocolName": "t1_mprage_sag_p2_iso_1.0",
    "RepetitionTime": 2.3,
    "ScanningSequence": "GR_IR",
    "SequenceName": "_tfl3d1_16ns",
    "SequenceVariant": "SK_SP_MP",
    "SeriesDescription": "t1_mprage_sag_p2_iso_1.0",
    "dataset": "ds002608",
    "modality": "T1w",
    "subject_id": "025"
  },
  "cjv": 0.3058430619082744,
  "cnr": 4.43438455345706,
  "efc": 0.7581604559523837,
  "fber": -1.0,
  "fwhm_avg": 4.490409876303445,
  "fwhm_x": 4.17221836140317,
  "fwhm_y": 4.451633996027317,
  "fwhm_z": 4.847377271479846,
  "icvs_csf": 0.25557352413403217,
  "icvs_gm": 0.41599345919495767,
  "icvs_wm": 0.32843301667101016,
  "inu_med": 0.6233972311019897,
  "inu_range": 0.188898503780365,
  "provenance": {
    "md5sum": "d3494f03014fe13c4ad43deb21c00a62",
    "settings": {
      "testing": false
    },
    "software": "mriqc",
    "version": "22.0.6",
    "warnings": {
      "large_rot_frame": true,
      "small_air_mask": true
    },
    "webapi_port": null,
    "webapi_url": "https://mriqc.nimh.nih.gov/api/v1"
  },
  "qi_1": 0.0,
  "qi_2": 0.0034168261228330996,
  "rpve_csf": 20.500548009551025,
  "rpve_gm": 12.398200051835648,
  "rpve_wm": 18.48124450343338,
  "size_x": 240,
  "size_y": 240,
  "size_z": 220,
  "snr_csf": 1.7624961990744932,
  "snr_gm": 8.028118455711224,
  "snr_total": 10.340893472970428,
  "snr_wm": 21.23206576412557,
  "snrd_csf": 37.378919233322485,
  "snrd_gm": 126.54564151559177,
  "snrd_total": 124.30983170040581,
  "snrd_wm": 209.00493435230317,
  "spacing_x": 0.9989410042762756,
  "spacing_y": 0.9989410638809204,
  "spacing_z": 0.999992311000824,
  "summary_bg_k": 61.74210826259892,
  "summary_bg_mad": 0.0,
  "summary_bg_mean": 0.583771837513385,
  "summary_bg_median": 0.0,
  "summary_bg_n": 100055.0,
  "summary_bg_p05": 0.0,
  "summary_bg_p95": 0.0,
  "summary_bg_stdv": 3.1345497977766748,
  "summary_csf_k": -0.22649532738808675,
  "summary_csf_mad": 108.72246450202238,
  "summary_csf_mean": 189.0355937172241,
  "summary_csf_median": 178.8422742560506,
  "summary_csf_n": 48095.0,
  "summary_csf_p05": 42.82531219907105,
  "summary_csf_p95": 370.7806532381102,
  "summary_csf_stdv": 101.46995782443493,
  "summary_gm_k": -0.06841423155705106,
  "summary_gm_mad": 76.42017224419102,
  "summary_gm_mean": 604.7269428880214,
  "summary_gm_median": 605.4672202952206,
  "summary_gm_n": 43671.0,
  "summary_gm_p05": 479.0693503729999,
  "summary_gm_p95": 726.1022042836994,
  "summary_gm_stdv": 75.41745820678145,
  "summary_wm_k": 0.5923276437106848,
  "summary_wm_mad": 44.244929316773934,
  "summary_wm_mean": 997.4838850750244,
  "summary_wm_median": 999.9999613948166,
  "summary_wm_n": 215114.0,
  "summary_wm_p05": 915.6133156958967,
  "summary_wm_p95": 1069.7330235298723,
  "summary_wm_stdv": 47.09846173954895,
  "tpm_overlap_csf": 0.1489417004854732,
  "tpm_overlap_gm": 0.46282214561855667,
  "tpm_overlap_wm": 0.5099916228419136,
  "wm2max": 0.7722392257424104
}