{
  "aor": 0.0005687499999999999,
  "aqi": 0.005605553350000001,
  "bids_meta": {
    "AcquisitionDateTime": "2018-06-04T19:31:49.235000",
    "BodyPartExamined": "BRAIN",
    "ConversionSoftware": "dcm2niix",
    "ConversionSoftwareVersion": "v1.0.20170411 GCC4.2.1",
    "EchoTime": 0.00207,
    "FlipAngle": 9,
    "ImageType": [
      "ORIGINAL",
      "PRIMARY",
      "M",
      "ND",
      "NORM"
    ],
    "InversionTime": 0.9,
    "MagneticFieldStrength": 3,
    "Manufacturer": "Philips",
    "PhaseEncodingDirection": "i-",
    "ProcedureStepDescription": "funktionales_Schadel-MRT",
    "ProtocolName": "t1_mprage_sag_p2_iso_1.0",
    "RepetitionTime": 2.5,
    "ScanningSequence": "GR_IR",
    "SequenceName": "_tfl3d1_16ns",
    "SequenceVariant": "SK_SP_MP",
    "SeriesDescription": "t1_mprage_sag_p2_iso_1.0",
    "TaskName": "resting-state",
    "dataset": "ds002608",
    "modality": "bold",
    "subject_id": "017",
    "task_id": "rest"
  },
  "dummy_trs": 0,
  "dvars_nstd": 27.476595548090458,
  "dvars_std": 1.1904993544221105,
  "dvars_vstd": 0.990673342060302,
  "efc": 0.36858062759372673,
  "fber": 139387.609375,
  "fd_mean": 0.05876245976180103,
  "fd_num": 1,
  "fd_perc": 0.5,
  "fwhm_avg": 1.792470679924003,
  "fwhm_x": 1.7678033333333334,
  "fwhm_y": 1.9540933333333335,
  "fwhm_z": 1.6555153731053425,
  "gcor": 0.0120011,
  "gsr_x": -0.02018851228058338,
  "gsr_y": 0.016560891643166542,
  "provenance": {
    "md5sum": "f80566c5c25e46bce4ab6ce506abdd83",
    "settings": {
      "fd_thres": 0.2,
      "testing": false
    },
    "software": "mriqc",
    "version": "22.0.6",
    "webapi_port": null,
    "webapi_url": "https://mriqc.nimh.nih.gov/api/v1"
  },
  "size_t": 200,
  "size_x": 80,
  "size_y": 80,
  "size_z": 40,
  "snr": 4.735263714438366,
  "spacing_tr": 2.5,
  "spacing_x": 3.0,
  "spacing_y": 3.0,
  "spacing_z": 3.299957275390625,
  "summary_bg_k": 250.31205167948485,
  "summary_bg_mad": 3.4368586958321523,
  "summary_bg_mean": 19.521503448486328,
  "summary_bg_median": 2.867877244949341,
  "summary_bg_n": 186185.0,
  "summary_bg_p05": 0.11914177983999252,
  "summary_bg_p95": 82.47718811035149,
  "summary_bg_stdv": 65.59426879882812,
  "summary_fg_k": 2.8839938911612135,
  "summary_fg_mad": 197.48942041747253,
  "summary_fg_mean": 1102.408203125,
  "summary_fg_median": 1074.7506103515625,
  "summary_fg_n": 28923.0,
  "summary_fg_p05": 804.4824523925781,
  "summary_fg_p95": 1485.7057495117185,
  "summary_fg_stdv": 226.9635009765625,
  "tsnr": 60.68203353881836
}