{
  "bids_meta": {
    "AcquisitionDateTime": "2018-06-04T19:31:49.235000",
    "BodyPartExamined": "BRAIN",
    "ConversionSoftware": "dcm2niix",
    "ConversionSoftwareVersion": "v1.0.20170411 GCC4.2.1",
    "EchoTime": 0.00207,
    "FlipAngle": 9,
    "ImageType": [
      "ORIGINAL",
      "PRIMARY",
      "M",
      "ND",
      "NORM"
    ],
    "InversionTime": 0.9,
    "MagneticFieldStrength": 3,
    "Manufacturer": "Philips",
    "PhaseEncodingDirection": "i-",
    "ProcedureStepDescription": "funktionales_Schadel-MRT",
    "ProtocolName": "t1_mprage_sag_p2_iso_1.0",
    "RepetitionTime": 2.3,
    "ScanningSequence": "GR_IR",
    "SequenceName": "_tfl3d1_16ns",
    "SequenceVariant": "SK_SP_MP",
    "SeriesDescription": "t1_mprage_sag_p2_iso_1.0",
    "dataset": "ds002608",
    "modality": "T1w",
    "subject_id": "024"
  },
  "cjv": 0.3640373370011823,
  "cnr": 3.792653773311875,
  "efc": 0.7462376938547641,
  "fber": -1.0,
  "fwhm_avg": 4.373836411393326,
  "fwhm_x": 4.049698371877359,
  "fwhm_y": 4.293987314203468,
  "fwhm_z": 4.7778235480991516,
  "icvs_csf": 0.2347649219432735,
  "icvs_gm": 0.4108202026444641,
  "icvs_wm": 0.35441487541226235,
  "inu_med": 0.7117401957511902,
  "inu_range": 0.28285726308822634,
  "provenance": {
    "md5sum": "9f79d6adb1fb2ee313831abad82f8ccf",
    "settings": {
      "testing": false
    },
    "software": "mriqc",
    "version": "22.0.6",
    "warnings": {
      "large_rot_frame": true,
      "small_air_mask": true
    },
    "webapi_port": null,
    "webapi_url": "https://mriqc.nimh.nih.gov/api/v1"
  },
  "qi_1": 0.0,
  "qi_2": 0.0020837762901813337,
  "rpve_csf": 22.480005719545655,
  "rpve_gm": 12.753790536296933,
  "rpve_wm": 17.389656354253905,
  "size_x": 240,
  "size_y": 240,
  "size_z": 220,
  "snr_csf": 1.6636114977080678,
  "snr_gm": 7.77670452765813,
  "snr_total": 8.626276908442572,
  "snr_wm": 16.438514699961516,
  "snrd_csf": 14.575364920346054,
  "snrd_gm": 51.25365073036053,
  "snrd_total": 49.54743181499878,
  "snrd_wm": 82.81327979428974,
  "spacing_x": 0.9989410638809204,
  "spacing_y": 0.9989410042762756,
  "spacing_z": 1.0000076293945312,
  "summary_bg_k": 23.952491961034877,
  "summary_bg_mad": 0.0,
  "summary_bg_mean": 2.415122933144305,
  "summary_bg_median": 0.0,
  "summary_bg_n": 204911.0,
  "summary_bg_p05": 0.0,
  "summary_bg_p95": 21.185192208737135,
  "summary_bg_stdv": 7.911394873861153,
  "summary_csf_k": 0.02326365678259501,
  "summary_csf_mad": 113.99033026213031,
  "summary_csf_mean": 188.44493456938255,
  "summary_csf_median": 176.01138833910227,
  "summary_csf_n": 31468.0,
  "summary_csf_p05": 36.35604827478528,
  "summary_csf_p95": 375.3350800165906,
  "summary_csf_stdv": 105.79909545392219,
  "summary_gm_k": -0.07977853762352405,
  "summary_gm_mad": 80.06983607173905,
  "summary_gm_mean": 618.4849033494914,
  "summary_gm_median": 618.9365598596632,
  "summary_gm_n": 25148.0,
  "summary_gm_p05": 485.43548130951825,
  "summary_gm_p95": 749.2549499163404,
  "summary_gm_stdv": 79.58695764455425,
  "summary_wm_k": 0.5231231813005746,
  "summary_wm_mad": 58.669352612565156,
  "summary_wm_mean": 999.4703453853239,
  "summary_wm_median": 1000.0490848198533,
  "summary_wm_n": 223587.0,
  "summary_wm_p05": 899.9901700541377,
  "summary_wm_p95": 1097.8495549932122,
  "summary_wm_stdv": 60.835596566638394,
  "tpm_overlap_csf": 0.1424102729628392,
  "tpm_overlap_gm": 0.4520174444873004,
  "tpm_overlap_wm": 0.4981357644489038,
  "wm2max": 0.6754767036975626
}