{
  "aor": 0.000905,
  "aqi": 0.0064989937,
  "bids_meta": {
    "AcquisitionDateTime": "2018-06-04T19:31:49.235000",
    "BodyPartExamined": "BRAIN",
    "ConversionSoftware": "dcm2niix",
    "ConversionSoftwareVersion": "v1.0.20170411 GCC4.2.1",
    "EchoTime": 0.00207,
    "FlipAngle": 9,
    "ImageType": [
      "ORIGINAL",
      "PRIMARY",
      "M",
      "ND",
      "NORM"
    ],
    "InversionTime": 0.9,
    "MagneticFieldStrength": 3,
    "Manufacturer": "Philips",
    "PhaseEncodingDirection": "i-",
    "ProcedureStepDescription": "funktionales_Schadel-MRT",
    "ProtocolName": "t1_mprage_sag_p2_iso_1.0",
    "RepetitionTime": 2.5,
    "ScanningSequence": "GR_IR",
    "SequenceName": "_tfl3d1_16ns",
    "SequenceVariant": "SK_SP_MP",
    "SeriesDescription": "t1_mprage_sag_p2_iso_1.0",
    "TaskName": "resting-state",
    "dataset": "ds002608",
    "modality": "bold",
    "subject_id": "018",
    "task_id": "rest"
  },
  "dummy_trs": 0,
  "dvars_nstd": 32.46643395140704,
  "dvars_std": 1.1853595319095478,
  "dvars_vstd": 1.0018565114070352,
  "efc": 0.425317428772649,
  "fber": 70758.2890625,
  "fd_mean": 0.051751718960229114,
  "fd_num": 0,
  "fd_perc": 0.0,
  "fwhm_avg": 1.8381207758033995,
  "fwhm_x": 1.7517033333333334,
  "fwhm_y": 2.0266266666666666,
  "fwhm_z": 1.7360323274101992,
  "gcor": 0.0123253,
  "gsr_x": -0.012688346207141876,
  "gsr_y": 0.024108892306685448,
  "provenance": {
    "md5sum": "a7fc3efeccf6f39b091e61a905f92a9d",
    "settings": {
      "fd_thres": 0.2,
      "testing": false
    },
    "software": "mriqc",
    "version": "22.0.6",
    "webapi_port": null,
    "webapi_url": "https://mriqc.nimh.nih.gov/api/v1"
  },
  "size_t": 200,
  "size_x": 80,
  "size_y": 80,
  "size_z": 40,
  "snr": 4.614037319851302,
  "spacing_tr": 2.5,
  "spacing_x": 3.0,
  "spacing_y": 3.0,
  "spacing_z": 3.2995986938476562,
  "summary_bg_k": 221.5246952399847,
  "summary_bg_mad": 4.524201706667016,
  "summary_bg_mean": 20.676115036010742,
  "summary_bg_median": 3.6225881576538086,
  "summary_bg_n": 172957.0,
  "summary_bg_p05": 0.20613788664340973,
  "summary_bg_p95": 89.65603790283195,
  "summary_bg_stdv": 59.443580627441406,
  "summary_fg_k": 2.3144056010595957,
  "summary_fg_mad": 189.95135095910132,
  "summary_fg_mean": 991.1428833007812,
  "summary_fg_median": 975.8692626953125,
  "summary_fg_n": 38664.0,
  "summary_fg_p05": 691.3726318359375,
  "summary_fg_p95": 1348.188006591797,
  "summary_fg_stdv": 211.49734497070312,
  "tsnr": 49.883628845214844
}