{
  "bids_meta": {
    "AcquisitionDateTime": "2018-06-04T19:31:49.235000",
    "BodyPartExamined": "BRAIN",
    "ConversionSoftware": "dcm2niix",
    "ConversionSoftwareVersion": "v1.0.20170411 GCC4.2.1",
    "EchoTime": 0.00207,
    "FlipAngle": 9,
    "ImageType": [
      "ORIGINAL",
      "PRIMARY",
      "M",
      "ND",
      "NORM"
    ],
    "InversionTime": 0.9,
    "MagneticFieldStrength": 3,
    "Manufacturer": "Philips",
    "PhaseEncodingDirection": "i-",
    "ProcedureStepDescription": "funktionales_Schadel-MRT",
    "ProtocolName": "t1_mprage_sag_p2_iso_1.0",
    "RepetitionTime": 2.3,
    "ScanningSequence": "GR_IR",
    "SequenceName": "_tfl3d1_16ns",
    "SequenceVariant": "SK_SP_MP",
    "SeriesDescription": "t1_mprage_sag_p2_iso_1.0",
    "dataset": "ds002608",
    "modality": "T1w",
    "subject_id": "039"
  },
  "cjv": 0.2835355518488269,
  "cnr": 4.728971999265252,
  "efc": 0.7543663738154611,
  "fber": 552.25,
  "fwhm_avg": 4.252923093132357,
  "fwhm_x": 3.900560677077152,
  "fwhm_y": 4.2434638100286,
  "fwhm_z": 4.614744792291318,
  "icvs_csf": 0.25522775646064416,
  "icvs_gm": 0.43495736192451856,
  "icvs_wm": 0.3098148816148372,
  "inu_med": 0.7003251612186432,
  "inu_range": 0.1885425806045531,
  "provenance": {
    "md5sum": "755b243360f2b931bfc1014dc9f292c1",
    "settings": {
      "testing": false
    },
    "software": "mriqc",
    "version": "22.0.6",
    "warnings": {
      "large_rot_frame": true,
      "small_air_mask": true
    },
    "webapi_port": null,
    "webapi_url": "https://mriqc.nimh.nih.gov/api/v1"
  },
  "qi_1": 0.0013555492798644452,
  "qi_2": 0.005069888556284314,
  "rpve_csf": 20.197171076109917,
  "rpve_gm": 11.757182319660938,
  "rpve_wm": 18.97789596896325,
  "size_x": 240,
  "size_y": 240,
  "size_z": 220,
  "snr_csf": 1.6491606662631877,
  "snr_gm": 8.11135031997488,
  "snr_total": 9.725360290531816,
  "snr_wm": 19.415569885357378,
  "snrd_csf": 24.17612279301182,
  "snrd_gm": 90.62753958840945,
  "snrd_total": 90.18263346658256,
  "snrd_wm": 155.74423801832643,
  "spacing_x": 0.9989410042762756,
  "spacing_y": 0.9989410042762756,
  "spacing_z": 1.0000076293945312,
  "summary_bg_k": 76.15857531816478,
  "summary_bg_mad": 0.0,
  "summary_bg_mean": 0.8844320079819445,
  "summary_bg_median": 0.0,
  "summary_bg_n": 79478.0,
  "summary_bg_p05": 0.0,
  "summary_bg_p95": 9.937576986849308,
  "summary_bg_stdv": 4.206576666455457,
  "summary_csf_k": 0.1199728039031771,
  "summary_csf_mad": 97.48545247492922,
  "summary_csf_mean": 169.9691810131947,
  "summary_csf_median": 155.2328858943656,
  "summary_csf_n": 41450.0,
  "summary_csf_p05": 41.81715694256127,
  "summary_csf_p95": 346.3370843492445,
  "summary_csf_stdv": 94.12728336712726,
  "summary_gm_k": -0.04230683433481319,
  "summary_gm_mad": 71.96497126661707,
  "summary_gm_mean": 581.5975751118691,
  "summary_gm_median": 581.9119398202747,
  "summary_gm_n": 32430.0,
  "summary_gm_p05": 461.4710120111704,
  "summary_gm_p95": 696.7786385212094,
  "summary_gm_stdv": 71.73934609911177,
  "summary_wm_k": 1.0558840053578047,
  "summary_wm_mad": 46.5837770994661,
  "summary_wm_mean": 996.3462169414644,
  "summary_wm_median": 1000.0208774581552,
  "summary_wm_n": 176217.0,
  "summary_wm_p05": 904.820560105145,
  "summary_wm_p95": 1072.6528739649802,
  "summary_wm_stdv": 51.505984418123205,
  "tpm_overlap_csf": 0.15191674643316924,
  "tpm_overlap_gm": 0.4661042280223956,
  "tpm_overlap_wm": 0.47935896462733457,
  "wm2max": 0.7898815936984005
}