{
  "bids_meta": {
    "AcquisitionDateTime": "2018-06-04T19:31:49.235000",
    "BodyPartExamined": "BRAIN",
    "ConversionSoftware": "dcm2niix",
    "ConversionSoftwareVersion": "v1.0.20170411 GCC4.2.1",
    "EchoTime": 0.00207,
    "FlipAngle": 9,
    "ImageType": [
      "ORIGINAL",
      "PRIMARY",
      "M",
      "ND",
      "NORM"
    ],
    "InversionTime": 0.9,
    "MagneticFieldStrength": 3,
    "Manufacturer": "Philips",
    "PhaseEncodingDirection": "i-",
    "ProcedureStepDescription": "funktionales_Schadel-MRT",
    "ProtocolName": "t1_mprage_sag_p2_iso_1.0",
    "RepetitionTime": 2.3,
    "ScanningSequence": "GR_IR",
    "SequenceName": "_tfl3d1_16ns",
    "SequenceVariant": "SK_SP_MP",
    "SeriesDescription": "t1_mprage_sag_p2_iso_1.0",
    "dataset": "ds002608",
    "modality": "T1w",
    "subject_id": "046"
  },
  "cjv": 0.32306982382588295,
  "cnr": 4.1705367477679856,
  "efc": 0.7483718971121008,
  "fber": 2844.529303205154,
  "fwhm_avg": 4.454046619262987,
  "fwhm_x": 4.21649525043932,
  "fwhm_y": 4.388307198557661,
  "fwhm_z": 4.75733740879198,
  "icvs_csf": 0.2761552791444039,
  "icvs_gm": 0.39970750678108485,
  "icvs_wm": 0.32413721407451124,
  "inu_med": 0.620373010635376,
  "inu_range": 0.16430114507675175,
  "provenance": {
    "md5sum": "7f5f1579d7c88d86fdf29f0878a95944",
    "settings": {
      "testing": false
    },
    "software": "mriqc",
    "version": "22.0.6",
    "warnings": {
      "large_rot_frame": true,
      "small_air_mask": true
    },
    "webapi_port": null,
    "webapi_url": "https://mriqc.nimh.nih.gov/api/v1"
  },
  "qi_1": 0.0,
  "qi_2": 0.0013995739359166683,
  "rpve_csf": 20.101999529823427,
  "rpve_gm": 13.04794144193082,
  "rpve_wm": 19.376347362055515,
  "size_x": 240,
  "size_y": 240,
  "size_z": 220,
  "snr_csf": 1.5826325116056563,
  "snr_gm": 7.785064242391861,
  "snr_total": 10.28028348736071,
  "snr_wm": 21.473153708084613,
  "snrd_csf": 19.462189823402976,
  "snrd_gm": 88.34878837373279,
  "snrd_total": 83.71188232780978,
  "snrd_wm": 143.32466878629356,
  "spacing_x": 0.9989410042762756,
  "spacing_y": 0.9989410042762756,
  "spacing_z": 1.0000152587890625,
  "summary_bg_k": 99.42100392973877,
  "summary_bg_mad": 0.0,
  "summary_bg_mean": 0.9221149089973693,
  "summary_bg_median": 0.0,
  "summary_bg_n": 124699.0,
  "summary_bg_p05": 0.0,
  "summary_bg_p95": 8.921313293278217,
  "summary_bg_stdv": 4.570995226919311,
  "summary_csf_k": 0.7682265588749582,
  "summary_csf_mad": 79.66184619658449,
  "summary_csf_mean": 153.09922903237467,
  "summary_csf_median": 135.79092352092266,
  "summary_csf_n": 62307.0,
  "summary_csf_p05": 41.35506276041269,
  "summary_csf_p95": 318.1941848568618,
  "summary_csf_stdv": 85.79997746060891,
  "summary_gm_k": -0.08696545952358914,
  "summary_gm_mad": 80.53559564427773,
  "summary_gm_mean": 613.9897750598411,
  "summary_gm_median": 616.4241369590163,
  "summary_gm_n": 38082.0,
  "summary_gm_p05": 478.60102362185717,
  "summary_gm_p95": 739.6551113206892,
  "summary_gm_stdv": 79.17931366193217,
  "summary_wm_k": 0.5877486269210954,
  "summary_wm_mad": 43.386179471664775,
  "summary_wm_mean": 998.1821692958351,
  "summary_wm_median": 999.9999647736549,
  "summary_wm_n": 199341.0,
  "summary_wm_p05": 918.1636808738112,
  "summary_wm_p95": 1071.2891835272312,
  "summary_wm_stdv": 46.569659496702975,
  "tpm_overlap_csf": 0.15082464881401292,
  "tpm_overlap_gm": 0.4573445366780743,
  "tpm_overlap_wm": 0.4826497905618414,
  "wm2max": 0.8154850616860005
}