{
  "bids_meta": {
    "AcquisitionDateTime": "2018-06-04T19:31:49.235000",
    "BodyPartExamined": "BRAIN",
    "ConversionSoftware": "dcm2niix",
    "ConversionSoftwareVersion": "v1.0.20170411 GCC4.2.1",
    "EchoTime": 0.00207,
    "FlipAngle": 9,
    "ImageType": [
      "ORIGINAL",
      "PRIMARY",
      "M",
      "ND",
      "NORM"
    ],
    "InversionTime": 0.9,
    "MagneticFieldStrength": 3,
    "Manufacturer": "Philips",
    "PhaseEncodingDirection": "i-",
    "ProcedureStepDescription": "funktionales_Schadel-MRT",
    "ProtocolName": "t1_mprage_sag_p2_iso_1.0",
    "RepetitionTime": 2.3,
    "ScanningSequence": "GR_IR",
    "SequenceName": "_tfl3d1_16ns",
    "SequenceVariant": "SK_SP_MP",
    "SeriesDescription": "t1_mprage_sag_p2_iso_1.0",
    "dataset": "ds002608",
    "modality": "T1w",
    "subject_id": "005"
  },
  "cjv": 0.31546270247631286,
  "cnr": 4.284691320832275,
  "efc": 0.7539254117207287,
  "fber": 105.39325491399528,
  "fwhm_avg": 4.338160813289876,
  "fwhm_x": 4.016583544797923,
  "fwhm_y": 4.255476531449214,
  "fwhm_z": 4.742422363622492,
  "icvs_csf": 0.24113987752965577,
  "icvs_gm": 0.4237847249178879,
  "icvs_wm": 0.33507539755245636,
  "inu_med": 0.6559379696846008,
  "inu_range": 0.21145340204238883,
  "provenance": {
    "md5sum": "a4b661e8146592823985d4695c315347",
    "settings": {
      "testing": false
    },
    "software": "mriqc",
    "version": "22.0.6",
    "warnings": {
      "large_rot_frame": true,
      "small_air_mask": true
    },
    "webapi_port": null,
    "webapi_url": "https://mriqc.nimh.nih.gov/api/v1"
  },
  "qi_1": 0.0,
  "qi_2": 0.0017971410065473943,
  "rpve_csf": 20.109482762761992,
  "rpve_gm": 11.526723413616494,
  "rpve_wm": 17.345876508220517,
  "size_x": 240,
  "size_y": 240,
  "size_z": 220,
  "snr_csf": 1.5457157830728827,
  "snr_gm": 7.463265634353268,
  "snr_total": 9.632685224027911,
  "snr_wm": 19.889074254657586,
  "snrd_csf": 17.371143446404584,
  "snrd_gm": 66.18195419708856,
  "snrd_total": 64.91240538906256,
  "snrd_wm": 111.18411852369452,
  "spacing_x": 0.9989410042762756,
  "spacing_y": 0.9989410042762756,
  "spacing_z": 0.9999847412109375,
  "summary_bg_k": 62.42711397456448,
  "summary_bg_mad": 0.0,
  "summary_bg_mean": 1.4033718126085986,
  "summary_bg_median": 0.0,
  "summary_bg_n": 106432.0,
  "summary_bg_p05": 0.0,
  "summary_bg_p95": 10.290011242032051,
  "summary_bg_stdv": 5.892485501838647,
  "summary_csf_k": 0.1219675354932388,
  "summary_csf_mad": 100.1093077475656,
  "summary_csf_mean": 174.40894145529273,
  "summary_csf_median": 156.2410681322217,
  "summary_csf_n": 36445.0,
  "summary_csf_p05": 34.080165438354015,
  "summary_csf_p95": 359.7106494009495,
  "summary_csf_stdv": 101.0786887925481,
  "summary_gm_k": -0.10557582296342405,
  "summary_gm_mad": 80.06136757669199,
  "summary_gm_mean": 596.2979189053348,
  "summary_gm_median": 595.2595605887473,
  "summary_gm_n": 34902.0,
  "summary_gm_p05": 465.4262232305482,
  "summary_gm_p95": 729.2045050030573,
  "summary_gm_stdv": 79.75744963471324,
  "summary_wm_k": 0.5836423732450635,
  "summary_wm_mad": 47.626082259587534,
  "summary_wm_mean": 998.2681084452925,
  "summary_wm_median": 1000.0219899788499,
  "summary_wm_n": 223452.0,
  "summary_wm_p05": 912.52501297649,
  "summary_wm_p95": 1076.7452372619878,
  "summary_wm_stdv": 50.27985413026104,
  "tpm_overlap_csf": 0.15641194228830121,
  "tpm_overlap_gm": 0.4762037692211613,
  "tpm_overlap_wm": 0.4988423146246158,
  "wm2max": 0.7512098439177471
}