{
  "bids_meta": {
    "AcquisitionDateTime": "2018-06-04T19:31:49.235000",
    "BodyPartExamined": "BRAIN",
    "ConversionSoftware": "dcm2niix",
    "ConversionSoftwareVersion": "v1.0.20170411 GCC4.2.1",
    "EchoTime": 0.00207,
    "FlipAngle": 9,
    "ImageType": [
      "ORIGINAL",
      "PRIMARY",
      "M",
      "ND",
      "NORM"
    ],
    "InversionTime": 0.9,
    "MagneticFieldStrength": 3,
    "Manufacturer": "Philips",
    "PhaseEncodingDirection": "i-",
    "ProcedureStepDescription": "funktionales_Schadel-MRT",
    "ProtocolName": "t1_mprage_sag_p2_iso_1.0",
    "RepetitionTime": 2.3,
    "ScanningSequence": "GR_IR",
    "SequenceName": "_tfl3d1_16ns",
    "SequenceVariant": "SK_SP_MP",
    "SeriesDescription": "t1_mprage_sag_p2_iso_1.0",
    "dataset": "ds002608",
    "modality": "T1w",
    "subject_id": "030"
  },
  "cjv": 0.3107162286438861,
  "cnr": 4.302546757245425,
  "efc": 0.7439888252177429,
  "fber": 180.5504095804989,
  "fwhm_avg": 4.35482148766359,
  "fwhm_x": 4.144158646284851,
  "fwhm_y": 4.197765666095924,
  "fwhm_z": 4.722540150609993,
  "icvs_csf": 0.2545749781211729,
  "icvs_gm": 0.393470641990449,
  "icvs_wm": 0.35195437988837813,
  "inu_med": 0.5670531392097473,
  "inu_range": 0.13801398277282706,
  "provenance": {
    "md5sum": "a9dea2e28eeaa39a2c511e412ed6c59e",
    "settings": {
      "testing": false
    },
    "software": "mriqc",
    "version": "22.0.6",
    "warnings": {
      "large_rot_frame": true,
      "small_air_mask": true
    },
    "webapi_port": null,
    "webapi_url": "https://mriqc.nimh.nih.gov/api/v1"
  },
  "qi_1": 0.0,
  "qi_2": 0.001905612853995924,
  "rpve_csf": 23.716714858846895,
  "rpve_gm": 14.80635447663548,
  "rpve_wm": 20.719614183856155,
  "size_x": 240,
  "size_y": 240,
  "size_z": 220,
  "snr_csf": 1.460161020276113,
  "snr_gm": 7.697329958945336,
  "snr_total": 10.583343181795744,
  "snr_wm": 22.592538566165782,
  "snrd_csf": 14.77399313536651,
  "snrd_gm": 57.756572064908084,
  "snrd_total": 55.79611239671865,
  "snrd_wm": 94.85777198988134,
  "spacing_x": 0.9989410042762756,
  "spacing_y": 0.9989409446716309,
  "spacing_z": 0.9999618530273438,
  "summary_bg_k": 30.541144244838442,
  "summary_bg_mad": 0.0,
  "summary_bg_mean": 2.5578078556982056,
  "summary_bg_median": 0.0,
  "summary_bg_n": 137568.0,
  "summary_bg_p05": 0.0,
  "summary_bg_p95": 17.808023769408464,
  "summary_bg_stdv": 6.906512615588045,
  "summary_csf_k": -0.2931299760893431,
  "summary_csf_mad": 119.02142935702334,
  "summary_csf_mean": 174.16866188733724,
  "summary_csf_median": 155.74889438599348,
  "summary_csf_n": 32477.0,
  "summary_csf_p05": 36.186556309461594,
  "summary_csf_p95": 363.8704939171671,
  "summary_csf_stdv": 106.66391882199318,
  "summary_gm_k": -0.018923487031889508,
  "summary_gm_mad": 79.20664664317644,
  "summary_gm_mean": 607.3297222232927,
  "summary_gm_median": 608.8754854705185,
  "summary_gm_n": 28313.0,
  "summary_gm_p05": 474.80592436902225,
  "summary_gm_p95": 734.142911253497,
  "summary_gm_stdv": 79.10077079259486,
  "summary_wm_k": 0.33364189900914587,
  "summary_wm_mad": 42.322086936342565,
  "summary_wm_mean": 998.5613107809367,
  "summary_wm_median": 999.9999983739108,
  "summary_wm_n": 204525.0,
  "summary_wm_p05": 923.4906971678138,
  "summary_wm_p95": 1069.3371893204749,
  "summary_wm_stdv": 44.26229264822826,
  "tpm_overlap_csf": 0.15602044474768262,
  "tpm_overlap_gm": 0.4688921567257914,
  "tpm_overlap_wm": 0.5345436218506181,
  "wm2max": 0.8365405921355401
}