{
  "bids_meta": {
    "AcquisitionDateTime": "2018-06-04T19:31:49.235000",
    "BodyPartExamined": "BRAIN",
    "ConversionSoftware": "dcm2niix",
    "ConversionSoftwareVersion": "v1.0.20170411 GCC4.2.1",
    "EchoTime": 0.00207,
    "FlipAngle": 9,
    "ImageType": [
      "ORIGINAL",
      "PRIMARY",
      "M",
      "ND",
      "NORM"
    ],
    "InversionTime": 0.9,
    "MagneticFieldStrength": 3,
    "Manufacturer": "Philips",
    "PhaseEncodingDirection": "i-",
    "ProcedureStepDescription": "funktionales_Schadel-MRT",
    "ProtocolName": "t1_mprage_sag_p2_iso_1.0",
    "RepetitionTime": 2.3,
    "ScanningSequence": "GR_IR",
    "SequenceName": "_tfl3d1_16ns",
    "SequenceVariant": "SK_SP_MP",
    "SeriesDescription": "t1_mprage_sag_p2_iso_1.0",
    "dataset": "ds002608",
    "modality": "T1w",
    "subject_id": "006"
  },
  "cjv": 0.30443949484683874,
  "cnr": 4.3648699002113025,
  "efc": 0.7471614446742838,
  "fber": -1.0,
  "fwhm_avg": 4.545160481740864,
  "fwhm_x": 4.1589643254357584,
  "fwhm_y": 4.471505304996603,
  "fwhm_z": 5.005011814790231,
  "icvs_csf": 0.2479407157682341,
  "icvs_gm": 0.40755966775106905,
  "icvs_wm": 0.3444996164806968,
  "inu_med": 0.6148437261581421,
  "inu_range": 0.19748444557189937,
  "provenance": {
    "md5sum": "6d9f0e0f41304d5c82a489e510bb17bf",
    "settings": {
      "testing": false
    },
    "software": "mriqc",
    "version": "22.0.6",
    "warnings": {
      "large_rot_frame": true,
      "small_air_mask": true
    },
    "webapi_port": null,
    "webapi_url": "https://mriqc.nimh.nih.gov/api/v1"
  },
  "qi_1": 0.0,
  "qi_2": 0.003185856841708238,
  "rpve_csf": 22.524715258081798,
  "rpve_gm": 13.490822979203935,
  "rpve_wm": 19.39793710606595,
  "size_x": 240,
  "size_y": 240,
  "size_z": 220,
  "snr_csf": 1.4048886467173334,
  "snr_gm": 7.751934116644316,
  "snr_total": 10.251137657394708,
  "snr_wm": 21.596590208822477,
  "snrd_csf": 23.090018679399844,
  "snrd_gm": 100.7347974513443,
  "snrd_total": 96.86695361849023,
  "snrd_wm": 166.77604472472652,
  "spacing_x": 0.9989410042762756,
  "spacing_y": 0.9989410042762756,
  "spacing_z": 1.0000076293945312,
  "summary_bg_k": 43.94749785948296,
  "summary_bg_mad": 0.0,
  "summary_bg_mean": 0.8913790266933145,
  "summary_bg_median": 0.0,
  "summary_bg_n": 75272.0,
  "summary_bg_p05": 0.0,
  "summary_bg_p95": 10.527080157771707,
  "summary_bg_stdv": 3.928240476853626,
  "summary_csf_k": 0.38847655810513615,
  "summary_csf_mad": 95.11588350020156,
  "summary_csf_mean": 159.8779771253889,
  "summary_csf_median": 138.449254212901,
  "summary_csf_n": 29631.0,
  "summary_csf_p05": 31.823242316022515,
  "summary_csf_p95": 345.10672779288143,
  "summary_csf_stdv": 98.54654195801967,
  "summary_gm_k": 0.023578373596338853,
  "summary_gm_mad": 77.42741478439645,
  "summary_gm_mean": 603.2612468538678,
  "summary_gm_median": 604.0123992133886,
  "summary_gm_n": 28913.0,
  "summary_gm_p05": 473.8783283159137,
  "summary_gm_p95": 731.2569681089371,
  "summary_gm_stdv": 77.91629091419843,
  "summary_wm_k": 0.6912935946748764,
  "summary_wm_mad": 43.12685475942749,
  "summary_wm_mean": 999.47499834952,
  "summary_wm_median": 1000.0000144354999,
  "summary_wm_n": 215680.0,
  "summary_wm_p05": 923.0434284545481,
  "summary_wm_p95": 1073.9073771983385,
  "summary_wm_stdv": 46.30349914103614,
  "tpm_overlap_csf": 0.17126348263978725,
  "tpm_overlap_gm": 0.46771548511262717,
  "tpm_overlap_wm": 0.523065685126861,
  "wm2max": 0.7029344160675696
}