{
  "aor": 0.0005648,
  "aqi": 0.011980059199999999,
  "bids_meta": {
    "AcquisitionDateTime": "2018-06-04T19:31:49.235000",
    "BodyPartExamined": "BRAIN",
    "ConversionSoftware": "dcm2niix",
    "ConversionSoftwareVersion": "v1.0.20170411 GCC4.2.1",
    "EchoTime": 0.00207,
    "FlipAngle": 9,
    "ImageType": [
      "ORIGINAL",
      "PRIMARY",
      "M",
      "ND",
      "NORM"
    ],
    "InversionTime": 0.9,
    "MagneticFieldStrength": 3,
    "Manufacturer": "Philips",
    "PhaseEncodingDirection": "i-",
    "ProcedureStepDescription": "funktionales_Schadel-MRT",
    "ProtocolName": "t1_mprage_sag_p2_iso_1.0",
    "RepetitionTime": 2.5,
    "ScanningSequence": "GR_IR",
    "SequenceName": "_tfl3d1_16ns",
    "SequenceVariant": "SK_SP_MP",
    "SeriesDescription": "t1_mprage_sag_p2_iso_1.0",
    "TaskName": "resting-state",
    "dataset": "ds002608",
    "modality": "bold",
    "subject_id": "026",
    "task_id": "rest"
  },
  "dummy_trs": 0,
  "dvars_nstd": 31.34670035211055,
  "dvars_std": 1.1356986645728644,
  "dvars_vstd": 0.9575540399999994,
  "efc": 0.380036024788295,
  "fber": 156521.703125,
  "fd_mean": 0.08215555739240182,
  "fd_num": 6,
  "fd_perc": 3.0,
  "fwhm_avg": 1.7348134764884797,
  "fwhm_x": 1.6844733333333333,
  "fwhm_y": 1.8530966666666666,
  "fwhm_z": 1.6668704294654395,
  "gcor": 0.0105142,
  "gsr_x": -0.017468640580773354,
  "gsr_y": 0.014430072158575058,
  "provenance": {
    "md5sum": "cda76f0fbcebceb3b2ecadecdbd6b412",
    "settings": {
      "fd_thres": 0.2,
      "testing": false
    },
    "software": "mriqc",
    "version": "22.0.6",
    "webapi_port": null,
    "webapi_url": "https://mriqc.nimh.nih.gov/api/v1"
  },
  "size_t": 200,
  "size_x": 80,
  "size_y": 80,
  "size_z": 40,
  "snr": 5.259059938749025,
  "spacing_tr": 2.5,
  "spacing_x": 3.0,
  "spacing_y": 3.0,
  "spacing_z": 3.3001785278320312,
  "summary_bg_k": 140.64501583367783,
  "summary_bg_mad": 2.909139518022536,
  "summary_bg_mean": 17.88637351989746,
  "summary_bg_median": 2.6262707710266113,
  "summary_bg_n": 183181.0,
  "summary_bg_p05": 0.07538897544145584,
  "summary_bg_p95": 78.84722900390625,
  "summary_bg_stdv": 53.5409049987793,
  "summary_fg_k": 1.4854017591369706,
  "summary_fg_mad": 184.3498311087092,
  "summary_fg_mean": 1073.9188232421875,
  "summary_fg_median": 1052.17529296875,
  "summary_fg_n": 30444.0,
  "summary_fg_p05": 791.0900573730469,
  "summary_fg_p95": 1416.6335144042969,
  "summary_fg_stdv": 200.0657958984375,
  "tsnr": 44.29180145263672
}