{
  "bids_meta": {
    "AcquisitionDateTime": "2018-06-04T19:31:49.235000",
    "BodyPartExamined": "BRAIN",
    "ConversionSoftware": "dcm2niix",
    "ConversionSoftwareVersion": "v1.0.20170411 GCC4.2.1",
    "EchoTime": 0.00207,
    "FlipAngle": 9,
    "ImageType": [
      "ORIGINAL",
      "PRIMARY",
      "M",
      "ND",
      "NORM"
    ],
    "InversionTime": 0.9,
    "MagneticFieldStrength": 3,
    "Manufacturer": "Philips",
    "PhaseEncodingDirection": "i-",
    "ProcedureStepDescription": "funktionales_Schadel-MRT",
    "ProtocolName": "t1_mprage_sag_p2_iso_1.0",
    "RepetitionTime": 2.3,
    "ScanningSequence": "GR_IR",
    "SequenceName": "_tfl3d1_16ns",
    "SequenceVariant": "SK_SP_MP",
    "SeriesDescription": "t1_mprage_sag_p2_iso_1.0",
    "dataset": "ds002608",
    "modality": "T1w",
    "subject_id": "017"
  },
  "cjv": 0.3132577072801565,
  "cnr": 4.264914982320738,
  "efc": 0.7274827264538285,
  "fber": 621.1553560576034,
  "fwhm_avg": 4.791754351927305,
  "fwhm_x": 4.426377514859826,
  "fwhm_y": 4.795938592600593,
  "fwhm_z": 5.152946948321498,
  "icvs_csf": 0.27425608782573413,
  "icvs_gm": 0.40287558842412263,
  "icvs_wm": 0.3228683237501433,
  "inu_med": 0.6593054533004761,
  "inu_range": 0.1771012544631958,
  "provenance": {
    "md5sum": "eeeb6939d8f2408fcf211557b26f4b28",
    "settings": {
      "testing": false
    },
    "software": "mriqc",
    "version": "22.0.6",
    "warnings": {
      "large_rot_frame": true,
      "small_air_mask": true
    },
    "webapi_port": null,
    "webapi_url": "https://mriqc.nimh.nih.gov/api/v1"
  },
  "qi_1": 0.0,
  "qi_2": 0.0008107578983378572,
  "rpve_csf": 24.286896312297486,
  "rpve_gm": 15.533070141493521,
  "rpve_wm": 22.86931457334577,
  "size_x": 240,
  "size_y": 240,
  "size_z": 220,
  "snr_csf": 1.6885901054140795,
  "snr_gm": 7.447939512704445,
  "snr_total": 10.537630878027466,
  "snr_wm": 22.476363015963877,
  "snrd_csf": 18.897189839988,
  "snrd_gm": 75.94269912177687,
  "snrd_total": 73.48374919751988,
  "snrd_wm": 125.61135863079475,
  "spacing_x": 0.9989410042762756,
  "spacing_y": 0.9989410638809204,
  "spacing_z": 0.9999695420265198,
  "summary_bg_k": 88.08124265627809,
  "summary_bg_mad": 0.0,
  "summary_bg_mean": 1.2209998798254325,
  "summary_bg_median": 0.0,
  "summary_bg_n": 140982.0,
  "summary_bg_p05": 0.0,
  "summary_bg_p95": 9.957416374236345,
  "summary_bg_stdv": 5.215582583223595,
  "summary_csf_k": 0.0498571527422329,
  "summary_csf_mad": 91.52990316356623,
  "summary_csf_mean": 162.60978899106695,
  "summary_csf_median": 150.44173122011125,
  "summary_csf_n": 44339.0,
  "summary_csf_p05": 35.507723070681095,
  "summary_csf_p95": 321.9635247644037,
  "summary_csf_stdv": 89.0920977410591,
  "summary_gm_k": -0.062007891451128394,
  "summary_gm_mad": 82.34236140812934,
  "summary_gm_mean": 605.3752837613604,
  "summary_gm_median": 604.584661854431,
  "summary_gm_n": 33488.0,
  "summary_gm_p05": 471.7696762159467,
  "summary_gm_p95": 738.6347908431663,
  "summary_gm_stdv": 81.17354254429641,
  "summary_wm_k": 0.6455947881929931,
  "summary_wm_mad": 41.524547694658395,
  "summary_wm_mean": 998.473206828467,
  "summary_wm_median": 1000.000021873042,
  "summary_wm_n": 170741.0,
  "summary_wm_p05": 923.1796138454229,
  "summary_wm_p95": 1068.8968687858433,
  "summary_wm_stdv": 44.4910545690333,
  "tpm_overlap_csf": 0.1476797334028711,
  "tpm_overlap_gm": 0.47723576295351255,
  "tpm_overlap_wm": 0.5068956675180332,
  "wm2max": 0.7769584039768893
}