{
  "aor": 0.00210205,
  "aqi": 0.011912672599999998,
  "bids_meta": {
    "AcquisitionDateTime": "2018-06-04T19:31:49.235000",
    "BodyPartExamined": "BRAIN",
    "ConversionSoftware": "dcm2niix",
    "ConversionSoftwareVersion": "v1.0.20170411 GCC4.2.1",
    "EchoTime": 0.00207,
    "FlipAngle": 9,
    "ImageType": [
      "ORIGINAL",
      "PRIMARY",
      "M",
      "ND",
      "NORM"
    ],
    "InversionTime": 0.9,
    "MagneticFieldStrength": 3,
    "Manufacturer": "Philips",
    "PhaseEncodingDirection": "i-",
    "ProcedureStepDescription": "funktionales_Schadel-MRT",
    "ProtocolName": "t1_mprage_sag_p2_iso_1.0",
    "RepetitionTime": 2.5,
    "ScanningSequence": "GR_IR",
    "SequenceName": "_tfl3d1_16ns",
    "SequenceVariant": "SK_SP_MP",
    "SeriesDescription": "t1_mprage_sag_p2_iso_1.0",
    "TaskName": "resting-state",
    "dataset": "ds002608",
    "modality": "bold",
    "subject_id": "015",
    "task_id": "rest"
  },
  "dummy_trs": 0,
  "dvars_nstd": 35.98476986899498,
  "dvars_std": 1.1341535912060299,
  "dvars_vstd": 1.0012348926130652,
  "efc": 0.43003339972761,
  "fber": 148186.484375,
  "fd_mean": 0.10427735947944937,
  "fd_num": 12,
  "fd_perc": 6.0,
  "fwhm_avg": 1.777185521164917,
  "fwhm_x": 1.7395966666666667,
  "fwhm_y": 1.95523,
  "fwhm_z": 1.6367298968280848,
  "gcor": 0.0134182,
  "gsr_x": -0.008547764271497726,
  "gsr_y": 0.0231041107326746,
  "provenance": {
    "md5sum": "9ab441c9326813c6e331d44b2050089c",
    "settings": {
      "fd_thres": 0.2,
      "testing": false
    },
    "software": "mriqc",
    "version": "22.0.6",
    "webapi_port": null,
    "webapi_url": "https://mriqc.nimh.nih.gov/api/v1"
  },
  "size_t": 200,
  "size_x": 80,
  "size_y": 80,
  "size_z": 40,
  "snr": 5.1483787420609,
  "spacing_tr": 2.5,
  "spacing_x": 3.0,
  "spacing_y": 3.0,
  "spacing_z": 3.299945831298828,
  "summary_bg_k": 112.84579747362484,
  "summary_bg_mad": 3.4604812503780416,
  "summary_bg_mean": 30.627710342407227,
  "summary_bg_median": 2.8281002044677734,
  "summary_bg_n": 174156.0,
  "summary_bg_p05": 0.2102944515645504,
  "summary_bg_p95": 148.2251853942871,
  "summary_bg_stdv": 88.45094299316406,
  "summary_fg_k": 1.6192157620769452,
  "summary_fg_mad": 200.75623088440798,
  "summary_fg_mean": 1120.10595703125,
  "summary_fg_median": 1104.835205078125,
  "summary_fg_n": 37784.0,
  "summary_fg_p05": 804.7959381103516,
  "summary_fg_p95": 1472.7491882324218,
  "summary_fg_stdv": 214.5958251953125,
  "tsnr": 39.118595123291016
}