{
  "bids_meta": {
    "AcquisitionDateTime": "2018-06-04T19:31:49.235000",
    "BodyPartExamined": "BRAIN",
    "ConversionSoftware": "dcm2niix",
    "ConversionSoftwareVersion": "v1.0.20170411 GCC4.2.1",
    "EchoTime": 0.00207,
    "FlipAngle": 9,
    "ImageType": [
      "ORIGINAL",
      "PRIMARY",
      "M",
      "ND",
      "NORM"
    ],
    "InversionTime": 0.9,
    "MagneticFieldStrength": 3,
    "Manufacturer": "Philips",
    "PhaseEncodingDirection": "i-",
    "ProcedureStepDescription": "funktionales_Schadel-MRT",
    "ProtocolName": "t1_mprage_sag_p2_iso_1.0",
    "RepetitionTime": 2.3,
    "ScanningSequence": "GR_IR",
    "SequenceName": "_tfl3d1_16ns",
    "SequenceVariant": "SK_SP_MP",
    "SeriesDescription": "t1_mprage_sag_p2_iso_1.0",
    "dataset": "ds002608",
    "modality": "T1w",
    "subject_id": "013"
  },
  "cjv": 0.30106710185699237,
  "cnr": 4.4465807234681956,
  "efc": 0.7574398752586138,
  "fber": 285.27344581832034,
  "fwhm_avg": 4.421616066996192,
  "fwhm_x": 4.1375516495035125,
  "fwhm_y": 4.347474215733119,
  "fwhm_z": 4.779822335751943,
  "icvs_csf": 0.25314008809464117,
  "icvs_gm": 0.4102872725855415,
  "icvs_wm": 0.33657263931981735,
  "inu_med": 0.6289150416851044,
  "inu_range": 0.19070058465003958,
  "provenance": {
    "md5sum": "752b782ae9724004c29e83483b73cfe0",
    "settings": {
      "testing": false
    },
    "software": "mriqc",
    "version": "22.0.6",
    "warnings": {
      "large_rot_frame": true,
      "small_air_mask": true
    },
    "webapi_port": null,
    "webapi_url": "https://mriqc.nimh.nih.gov/api/v1"
  },
  "qi_1": 0.0,
  "qi_2": 0.00032987242941064635,
  "rpve_csf": 20.349791925511116,
  "rpve_gm": 12.382998905581337,
  "rpve_wm": 18.221184017043548,
  "size_x": 240,
  "size_y": 240,
  "size_z": 220,
  "snr_csf": 1.4798277019490846,
  "snr_gm": 7.791708299302048,
  "snr_total": 10.181090527495874,
  "snr_wm": 21.27173558123649,
  "snrd_csf": 14.081889319962828,
  "snrd_gm": 57.272161719776726,
  "snrd_total": 55.68568237811072,
  "snrd_wm": 95.7029960945926,
  "spacing_x": 0.9989410042762756,
  "spacing_y": 0.9989409446716309,
  "spacing_z": 0.9999618530273438,
  "summary_bg_k": 109.73848089597597,
  "summary_bg_mad": 0.0,
  "summary_bg_mean": 1.4242977998239246,
  "summary_bg_median": 0.0,
  "summary_bg_n": 160740.0,
  "summary_bg_p05": 0.0,
  "summary_bg_p95": 9.847331654280424,
  "summary_bg_stdv": 6.845673885844664,
  "summary_csf_k": -0.1427578263645497,
  "summary_csf_mad": 106.86483976227836,
  "summary_csf_mean": 163.87701934586826,
  "summary_csf_median": 147.14496398158371,
  "summary_csf_n": 38002.0,
  "summary_csf_p05": 26.982149966061115,
  "summary_csf_p95": 343.06535290181637,
  "summary_csf_stdv": 99.43254053089645,
  "summary_gm_k": -0.055269917443928396,
  "summary_gm_mad": 77.27228854991172,
  "summary_gm_mean": 598.3172958309135,
  "summary_gm_median": 598.4502492472529,
  "summary_gm_n": 39055.0,
  "summary_gm_p05": 470.6286557413638,
  "summary_gm_p95": 723.3983590900898,
  "summary_gm_stdv": 76.8050553968493,
  "summary_wm_k": 0.7239757979040737,
  "summary_wm_mad": 43.62807088039264,
  "summary_wm_mean": 998.184583265057,
  "summary_wm_median": 1000.0230504088104,
  "summary_wm_n": 221708.0,
  "summary_wm_p05": 918.4078121781349,
  "summary_wm_p95": 1071.7678953185678,
  "summary_wm_stdv": 47.01171614871954,
  "tpm_overlap_csf": 0.152902560622693,
  "tpm_overlap_gm": 0.46175464005128897,
  "tpm_overlap_wm": 0.5078023975711291,
  "wm2max": 0.7823443377564552
}