{
  "bids_meta": {
    "AcquisitionDateTime": "2018-06-04T19:31:49.235000",
    "BodyPartExamined": "BRAIN",
    "ConversionSoftware": "dcm2niix",
    "ConversionSoftwareVersion": "v1.0.20170411 GCC4.2.1",
    "EchoTime": 0.00207,
    "FlipAngle": 9,
    "ImageType": [
      "ORIGINAL",
      "PRIMARY",
      "M",
      "ND",
      "NORM"
    ],
    "InversionTime": 0.9,
    "MagneticFieldStrength": 3,
    "Manufacturer": "Philips",
    "PhaseEncodingDirection": "i-",
    "ProcedureStepDescription": "funktionales_Schadel-MRT",
    "ProtocolName": "t1_mprage_sag_p2_iso_1.0",
    "RepetitionTime": 2.3,
    "ScanningSequence": "GR_IR",
    "SequenceName": "_tfl3d1_16ns",
    "SequenceVariant": "SK_SP_MP",
    "SeriesDescription": "t1_mprage_sag_p2_iso_1.0",
    "dataset": "ds002608",
    "modality": "T1w",
    "subject_id": "041"
  },
  "cjv": 0.3175817742548428,
  "cnr": 4.301803327108997,
  "efc": 0.7293841345056864,
  "fber": 1054.9431922453211,
  "fwhm_avg": 4.913532167582459,
  "fwhm_x": 4.577637698747734,
  "fwhm_y": 4.832037106632802,
  "fwhm_z": 5.330921697366839,
  "icvs_csf": 0.26151836246044013,
  "icvs_gm": 0.40090539718674273,
  "icvs_wm": 0.33757624035281714,
  "inu_med": 0.6544494032859802,
  "inu_range": 0.18699090480804437,
  "provenance": {
    "md5sum": "38a20c1e26108ccb1d6eba6a378eda20",
    "settings": {
      "testing": false
    },
    "software": "mriqc",
    "version": "22.0.6",
    "warnings": {
      "large_rot_frame": true,
      "small_air_mask": true
    },
    "webapi_port": null,
    "webapi_url": "https://mriqc.nimh.nih.gov/api/v1"
  },
  "qi_1": 0.0,
  "qi_2": 0.0013413026101269008,
  "rpve_csf": 23.764935922843176,
  "rpve_gm": 14.758387948050968,
  "rpve_wm": 20.617102203077206,
  "size_x": 240,
  "size_y": 240,
  "size_z": 220,
  "snr_csf": 1.479986912532505,
  "snr_gm": 8.764521365009273,
  "snr_total": 10.64572559374298,
  "snr_wm": 21.692668503687166,
  "snrd_csf": 14.23035233391639,
  "snrd_gm": 63.56428596035377,
  "snrd_total": 59.503167390394275,
  "snrd_wm": 100.71486387691264,
  "spacing_x": 0.9989410042762756,
  "spacing_y": 0.9989410042762756,
  "spacing_z": 0.999977171421051,
  "summary_bg_k": 23.643172150237838,
  "summary_bg_mad": 0.0,
  "summary_bg_mean": 2.3298565296442466,
  "summary_bg_median": 0.0,
  "summary_bg_n": 102940.0,
  "summary_bg_p05": 0.0,
  "summary_bg_p95": 15.167341809719801,
  "summary_bg_stdv": 6.504863321778419,
  "summary_csf_k": 0.17818873545887826,
  "summary_csf_mad": 101.9180175777645,
  "summary_csf_mean": 153.63738890010396,
  "summary_csf_median": 141.29347255453467,
  "summary_csf_n": 48789.0,
  "summary_csf_p05": 27.201115153729916,
  "summary_csf_p95": 334.15590726211656,
  "summary_csf_stdv": 95.46842836598051,
  "summary_gm_k": -0.06769668576156596,
  "summary_gm_mad": 74.10752971703864,
  "summary_gm_mean": 632.7136880509049,
  "summary_gm_median": 631.131154242903,
  "summary_gm_n": 34665.0,
  "summary_gm_p05": 516.5513528585434,
  "summary_gm_p95": 751.2512787617743,
  "summary_gm_stdv": 72.00872980994073,
  "summary_wm_k": 0.6893841312171309,
  "summary_wm_mad": 43.038504415554875,
  "summary_wm_mean": 999.3091681143984,
  "summary_wm_median": 1000.0000366196036,
  "summary_wm_n": 199194.0,
  "summary_wm_p05": 922.9882393963635,
  "summary_wm_p95": 1073.6171346716583,
  "summary_wm_stdv": 46.09840999186533,
  "tpm_overlap_csf": 0.15416855039071098,
  "tpm_overlap_gm": 0.46773324219348084,
  "tpm_overlap_wm": 0.5214514473607839,
  "wm2max": 0.7460185981426637
}