{
  "bids_meta": {
    "AcquisitionDateTime": "2018-06-04T19:31:49.235000",
    "BodyPartExamined": "BRAIN",
    "ConversionSoftware": "dcm2niix",
    "ConversionSoftwareVersion": "v1.0.20170411 GCC4.2.1",
    "EchoTime": 0.00207,
    "FlipAngle": 9,
    "ImageType": [
      "ORIGINAL",
      "PRIMARY",
      "M",
      "ND",
      "NORM"
    ],
    "InversionTime": 0.9,
    "MagneticFieldStrength": 3,
    "Manufacturer": "Philips",
    "PhaseEncodingDirection": "i-",
    "ProcedureStepDescription": "funktionales_Schadel-MRT",
    "ProtocolName": "t1_mprage_sag_p2_iso_1.0",
    "RepetitionTime": 2.3,
    "ScanningSequence": "GR_IR",
    "SequenceName": "_tfl3d1_16ns",
    "SequenceVariant": "SK_SP_MP",
    "SeriesDescription": "t1_mprage_sag_p2_iso_1.0",
    "dataset": "ds002608",
    "modality": "T1w",
    "subject_id": "033"
  },
  "cjv": 0.29579954256032004,
  "cnr": 4.527078058521323,
  "efc": 0.7267707485635224,
  "fber": -1.0,
  "fwhm_avg": 4.727269346631332,
  "fwhm_x": 4.353290115616569,
  "fwhm_y": 4.732051222008551,
  "fwhm_z": 5.096466702268878,
  "icvs_csf": 0.2550597426573654,
  "icvs_gm": 0.405989653401289,
  "icvs_wm": 0.3389506039413455,
  "inu_med": 0.6149713695049286,
  "inu_range": 0.16741437017917637,
  "provenance": {
    "md5sum": "e5f91a6c6cd49f3746fc0693e8464981",
    "settings": {
      "testing": false
    },
    "software": "mriqc",
    "version": "22.0.6",
    "warnings": {
      "large_rot_frame": true,
      "small_air_mask": true
    },
    "webapi_port": null,
    "webapi_url": "https://mriqc.nimh.nih.gov/api/v1"
  },
  "qi_1": 0.0,
  "qi_2": 0.0022939100990048097,
  "rpve_csf": 24.82781212640118,
  "rpve_gm": 15.143726550410342,
  "rpve_wm": 21.921411141856836,
  "size_x": 240,
  "size_y": 240,
  "size_z": 220,
  "snr_csf": 1.8071612711217917,
  "snr_gm": 7.881185446622366,
  "snr_total": 10.669967766329343,
  "snr_wm": 22.321556581243872,
  "snrd_csf": 14.281478561107253,
  "snrd_gm": 49.29380527498602,
  "snrd_total": 48.62348964246612,
  "snrd_wm": 82.29518509130509,
  "spacing_x": 0.9989410042762756,
  "spacing_y": 0.9989410042762756,
  "spacing_z": 1.0000457763671875,
  "summary_bg_k": 19.72595907207369,
  "summary_bg_mad": 0.0,
  "summary_bg_mean": 3.074035981625375,
  "summary_bg_median": 0.0,
  "summary_bg_n": 125033.0,
  "summary_bg_p05": 0.0,
  "summary_bg_p95": 19.49843343347311,
  "summary_bg_stdv": 7.960645498449563,
  "summary_csf_k": -0.3577543816092903,
  "summary_csf_mad": 111.02063681247046,
  "summary_csf_mean": 181.58601980945852,
  "summary_csf_median": 173.53605755791068,
  "summary_csf_n": 37153.0,
  "summary_csf_p05": 40.004977361485366,
  "summary_csf_p95": 345.723819186911,
  "summary_csf_stdv": 96.02558714082674,
  "summary_gm_k": -0.0072877463208547155,
  "summary_gm_mad": 76.36128565245545,
  "summary_gm_mean": 598.8559938597515,
  "summary_gm_median": 598.9752806648612,
  "summary_gm_n": 36189.0,
  "summary_gm_p05": 473.38462633900343,
  "summary_gm_p95": 722.9687228903174,
  "summary_gm_stdv": 75.99960805521361,
  "summary_wm_k": 0.515054608042508,
  "summary_wm_mad": 42.25549999455247,
  "summary_wm_mean": 998.6205180880692,
  "summary_wm_median": 999.9792329370975,
  "summary_wm_n": 192936.0,
  "summary_wm_p05": 922.587046617642,
  "summary_wm_p95": 1069.4061017688364,
  "summary_wm_stdv": 44.798696623821684,
  "tpm_overlap_csf": 0.14411465815402305,
  "tpm_overlap_gm": 0.48262831895767966,
  "tpm_overlap_wm": 0.5240304439913984,
  "wm2max": 0.7893245944385904
}