{
  "aor": 0.0007995,
  "aqi": 0.0068379771500000006,
  "bids_meta": {
    "AcquisitionDateTime": "2018-06-04T19:31:49.235000",
    "BodyPartExamined": "BRAIN",
    "ConversionSoftware": "dcm2niix",
    "ConversionSoftwareVersion": "v1.0.20170411 GCC4.2.1",
    "EchoTime": 0.00207,
    "FlipAngle": 9,
    "ImageType": [
      "ORIGINAL",
      "PRIMARY",
      "M",
      "ND",
      "NORM"
    ],
    "InversionTime": 0.9,
    "MagneticFieldStrength": 3,
    "Manufacturer": "Philips",
    "PhaseEncodingDirection": "i-",
    "ProcedureStepDescription": "funktionales_Schadel-MRT",
    "ProtocolName": "t1_mprage_sag_p2_iso_1.0",
    "RepetitionTime": 2.5,
    "ScanningSequence": "GR_IR",
    "SequenceName": "_tfl3d1_16ns",
    "SequenceVariant": "SK_SP_MP",
    "SeriesDescription": "t1_mprage_sag_p2_iso_1.0",
    "TaskName": "resting-state",
    "dataset": "ds002608",
    "modality": "bold",
    "subject_id": "037",
    "task_id": "rest"
  },
  "dummy_trs": 0,
  "dvars_nstd": 26.909222329497485,
  "dvars_std": 1.1439328638190953,
  "dvars_vstd": 0.9857358205025115,
  "efc": 0.39912150797952006,
  "fber": 111294.6640625,
  "fd_mean": 0.061513267296696796,
  "fd_num": 3,
  "fd_perc": 1.5,
  "fwhm_avg": 1.8343939820240633,
  "fwhm_x": 1.7966466666666667,
  "fwhm_y": 1.9988833333333333,
  "fwhm_z": 1.70765194607219,
  "gcor": 0.0179444,
  "gsr_x": -0.009882177226245403,
  "gsr_y": 0.01267173606902361,
  "provenance": {
    "md5sum": "559fe2b2cd7babbab7ba4be1785bb904",
    "settings": {
      "fd_thres": 0.2,
      "testing": false
    },
    "software": "mriqc",
    "version": "22.0.6",
    "webapi_port": null,
    "webapi_url": "https://mriqc.nimh.nih.gov/api/v1"
  },
  "size_t": 200,
  "size_x": 80,
  "size_y": 80,
  "size_z": 40,
  "snr": 4.180437212998001,
  "spacing_tr": 2.5,
  "spacing_x": 3.0,
  "spacing_y": 3.0,
  "spacing_z": 3.300168991088867,
  "summary_bg_k": 134.30560963262883,
  "summary_bg_mad": 3.112309256739858,
  "summary_bg_mean": 17.744922637939453,
  "summary_bg_median": 2.8414437770843506,
  "summary_bg_n": 177731.0,
  "summary_bg_p05": 0.2289692983031273,
  "summary_bg_p95": 79.07950592041016,
  "summary_bg_stdv": 54.9971809387207,
  "summary_fg_k": 2.6181212821028668,
  "summary_fg_mad": 198.9943738779197,
  "summary_fg_mean": 992.41943359375,
  "summary_fg_median": 959.2784423828125,
  "summary_fg_n": 34770.0,
  "summary_fg_p05": 705.1549468994141,
  "summary_fg_p95": 1408.1216125488281,
  "summary_fg_stdv": 229.46514892578125,
  "tsnr": 51.06529235839844
}