{
  "aor": 0.00116085,
  "aqi": 0.010955033300000002,
  "bids_meta": {
    "AcquisitionDateTime": "2018-06-04T19:31:49.235000",
    "BodyPartExamined": "BRAIN",
    "ConversionSoftware": "dcm2niix",
    "ConversionSoftwareVersion": "v1.0.20170411 GCC4.2.1",
    "EchoTime": 0.00207,
    "FlipAngle": 9,
    "ImageType": [
      "ORIGINAL",
      "PRIMARY",
      "M",
      "ND",
      "NORM"
    ],
    "InversionTime": 0.9,
    "MagneticFieldStrength": 3,
    "Manufacturer": "Philips",
    "PhaseEncodingDirection": "i-",
    "ProcedureStepDescription": "funktionales_Schadel-MRT",
    "ProtocolName": "t1_mprage_sag_p2_iso_1.0",
    "RepetitionTime": 2.5,
    "ScanningSequence": "GR_IR",
    "SequenceName": "_tfl3d1_16ns",
    "SequenceVariant": "SK_SP_MP",
    "SeriesDescription": "t1_mprage_sag_p2_iso_1.0",
    "TaskName": "resting-state",
    "dataset": "ds002608",
    "modality": "bold",
    "subject_id": "009",
    "task_id": "rest"
  },
  "dummy_trs": 0,
  "dvars_nstd": 33.00699230170852,
  "dvars_std": 1.1333258822110541,
  "dvars_vstd": 0.9844391156783913,
  "efc": 0.39001272374704493,
  "fber": 132233.578125,
  "fd_mean": 0.12346419019053922,
  "fd_num": 18,
  "fd_perc": 9.0,
  "fwhm_avg": 1.7938291647496338,
  "fwhm_x": 1.76121,
  "fwhm_y": 1.9385733333333333,
  "fwhm_z": 1.6817041609155678,
  "gcor": 0.0559676,
  "gsr_x": -0.013298401609063148,
  "gsr_y": 0.009926642291247845,
  "provenance": {
    "md5sum": "b908d9dff05c8c27ff479972fb43b293",
    "settings": {
      "fd_thres": 0.2,
      "testing": false
    },
    "software": "mriqc",
    "version": "22.0.6",
    "webapi_port": null,
    "webapi_url": "https://mriqc.nimh.nih.gov/api/v1"
  },
  "size_t": 200,
  "size_x": 80,
  "size_y": 80,
  "size_z": 40,
  "snr": 5.4922966830121664,
  "spacing_tr": 2.5,
  "spacing_x": 3.0,
  "spacing_y": 3.0,
  "spacing_z": 3.3001880645751953,
  "summary_bg_k": 101.89056568259494,
  "summary_bg_mad": 3.74584715376676,
  "summary_bg_mean": 19.62674331665039,
  "summary_bg_median": 3.2038252353668213,
  "summary_bg_n": 181079.0,
  "summary_bg_p05": 0.1353623867034912,
  "summary_bg_p95": 87.42568664550784,
  "summary_bg_stdv": 56.44520950317383,
  "summary_fg_k": 1.541606572146681,
  "summary_fg_mad": 212.32666346892836,
  "summary_fg_mean": 1196.4564208984375,
  "summary_fg_median": 1184.914794921875,
  "summary_fg_n": 32625.0,
  "summary_fg_p05": 878.8836791992187,
  "summary_fg_p95": 1540.4959716796875,
  "summary_fg_stdv": 215.7379150390625,
  "tsnr": 42.90977478027344
}