{
  "aor": 0.00098945,
  "aqi": 0.011494216499999998,
  "bids_meta": {
    "AcquisitionDateTime": "2018-06-04T19:31:49.235000",
    "BodyPartExamined": "BRAIN",
    "ConversionSoftware": "dcm2niix",
    "ConversionSoftwareVersion": "v1.0.20170411 GCC4.2.1",
    "EchoTime": 0.00207,
    "FlipAngle": 9,
    "ImageType": [
      "ORIGINAL",
      "PRIMARY",
      "M",
      "ND",
      "NORM"
    ],
    "InversionTime": 0.9,
    "MagneticFieldStrength": 3,
    "Manufacturer": "Philips",
    "PhaseEncodingDirection": "i-",
    "ProcedureStepDescription": "funktionales_Schadel-MRT",
    "ProtocolName": "t1_mprage_sag_p2_iso_1.0",
    "RepetitionTime": 2.5,
    "ScanningSequence": "GR_IR",
    "SequenceName": "_tfl3d1_16ns",
    "SequenceVariant": "SK_SP_MP",
    "SeriesDescription": "t1_mprage_sag_p2_iso_1.0",
    "TaskName": "resting-state",
    "dataset": "ds002608",
    "modality": "bold",
    "subject_id": "012",
    "task_id": "rest"
  },
  "dummy_trs": 0,
  "dvars_nstd": 28.42079142472364,
  "dvars_std": 1.1677386172361806,
  "dvars_vstd": 0.9758822365829148,
  "efc": 0.40972592329014507,
  "fber": 166888.140625,
  "fd_mean": 0.10013911437992604,
  "fd_num": 15,
  "fd_perc": 7.5,
  "fwhm_avg": 1.7481913190363236,
  "fwhm_x": 1.74271,
  "fwhm_y": 1.88262,
  "fwhm_z": 1.6192439571089707,
  "gcor": 0.0359022,
  "gsr_x": -0.007639242801815271,
  "gsr_y": 0.013232837431132793,
  "provenance": {
    "md5sum": "2d89ae8040db3c8bbf3fc6cd6299e2f7",
    "settings": {
      "fd_thres": 0.2,
      "testing": false
    },
    "software": "mriqc",
    "version": "22.0.6",
    "webapi_port": null,
    "webapi_url": "https://mriqc.nimh.nih.gov/api/v1"
  },
  "size_t": 200,
  "size_x": 80,
  "size_y": 80,
  "size_z": 40,
  "snr": 5.115538372743184,
  "spacing_tr": 2.5,
  "spacing_x": 3.0,
  "spacing_y": 3.0,
  "spacing_z": 3.3000030517578125,
  "summary_bg_k": 396.6902405093638,
  "summary_bg_mad": 2.754085421055956,
  "summary_bg_mean": 14.745089530944824,
  "summary_bg_median": 2.3780035972595215,
  "summary_bg_n": 174416.0,
  "summary_bg_p05": 0.10482543334364891,
  "summary_bg_p95": 61.414217948913574,
  "summary_bg_stdv": 55.212894439697266,
  "summary_fg_k": 4.408145540792168,
  "summary_fg_mad": 161.61445547464916,
  "summary_fg_mean": 1007.640869140625,
  "summary_fg_median": 985.86279296875,
  "summary_fg_n": 38572.0,
  "summary_fg_p05": 761.0455718994141,
  "summary_fg_p95": 1305.3171752929688,
  "summary_fg_stdv": 192.71676635742188,
  "tsnr": 50.83595275878906
}