{
  "aor": 0.008139299999999999,
  "aqi": 0.01163905195,
  "bids_meta": {
    "AcquisitionDateTime": "2018-06-04T19:31:49.235000",
    "BodyPartExamined": "BRAIN",
    "ConversionSoftware": "dcm2niix",
    "ConversionSoftwareVersion": "v1.0.20170411 GCC4.2.1",
    "EchoTime": 0.00207,
    "FlipAngle": 9,
    "ImageType": [
      "ORIGINAL",
      "PRIMARY",
      "M",
      "ND",
      "NORM"
    ],
    "InversionTime": 0.9,
    "MagneticFieldStrength": 3,
    "Manufacturer": "Philips",
    "PhaseEncodingDirection": "i-",
    "ProcedureStepDescription": "funktionales_Schadel-MRT",
    "ProtocolName": "t1_mprage_sag_p2_iso_1.0",
    "RepetitionTime": 2.5,
    "ScanningSequence": "GR_IR",
    "SequenceName": "_tfl3d1_16ns",
    "SequenceVariant": "SK_SP_MP",
    "SeriesDescription": "t1_mprage_sag_p2_iso_1.0",
    "TaskName": "resting-state",
    "dataset": "ds002608",
    "modality": "bold",
    "subject_id": "013",
    "task_id": "rest"
  },
  "dummy_trs": 0,
  "dvars_nstd": 36.138301763417104,
  "dvars_std": 1.1254450069849247,
  "dvars_vstd": 0.9875130695979897,
  "efc": 0.43218615683115796,
  "fber": 87540.859375,
  "fd_mean": 0.11091859283397883,
  "fd_num": 20,
  "fd_perc": 10.0,
  "fwhm_avg": 1.718281716390594,
  "fwhm_x": 1.6957333333333333,
  "fwhm_y": 1.82442,
  "fwhm_z": 1.6346918158384485,
  "gcor": 0.0189594,
  "gsr_x": -0.0060503315180540085,
  "gsr_y": 0.019905826076865196,
  "provenance": {
    "md5sum": "9a580f33cc83ea844db198d29421ab92",
    "settings": {
      "fd_thres": 0.2,
      "testing": false
    },
    "software": "mriqc",
    "version": "22.0.6",
    "webapi_port": null,
    "webapi_url": "https://mriqc.nimh.nih.gov/api/v1"
  },
  "size_t": 200,
  "size_x": 80,
  "size_y": 80,
  "size_z": 40,
  "snr": 4.503242355059866,
  "spacing_tr": 2.5,
  "spacing_x": 3.0,
  "spacing_y": 3.0,
  "spacing_z": 3.3001327514648438,
  "summary_bg_k": 130.5721782959494,
  "summary_bg_mad": 4.118914450567291,
  "summary_bg_mean": 29.61946678161621,
  "summary_bg_median": 3.431455373764038,
  "summary_bg_n": 172989.0,
  "summary_bg_p05": 0.2338809221982956,
  "summary_bg_p95": 127.03737335205078,
  "summary_bg_stdv": 93.36438751220703,
  "summary_fg_k": 1.5867740712433607,
  "summary_fg_mad": 217.01399942573818,
  "summary_fg_mean": 1050.2352294921875,
  "summary_fg_median": 1021.7958374023438,
  "summary_fg_n": 39118.0,
  "summary_fg_p05": 746.2682342529297,
  "summary_fg_p95": 1437.8444519042969,
  "summary_fg_stdv": 226.89935302734375,
  "tsnr": 37.63129425048828
}