{
  "bids_meta": {
    "AcquisitionDateTime": "2018-06-04T19:31:49.235000",
    "BodyPartExamined": "BRAIN",
    "ConversionSoftware": "dcm2niix",
    "ConversionSoftwareVersion": "v1.0.20170411 GCC4.2.1",
    "EchoTime": 0.00207,
    "FlipAngle": 9,
    "ImageType": [
      "ORIGINAL",
      "PRIMARY",
      "M",
      "ND",
      "NORM"
    ],
    "InversionTime": 0.9,
    "MagneticFieldStrength": 3,
    "Manufacturer": "Philips",
    "PhaseEncodingDirection": "i-",
    "ProcedureStepDescription": "funktionales_Schadel-MRT",
    "ProtocolName": "t1_mprage_sag_p2_iso_1.0",
    "RepetitionTime": 2.3,
    "ScanningSequence": "GR_IR",
    "SequenceName": "_tfl3d1_16ns",
    "SequenceVariant": "SK_SP_MP",
    "SeriesDescription": "t1_mprage_sag_p2_iso_1.0",
    "dataset": "ds002608",
    "modality": "T1w",
    "subject_id": "019"
  },
  "cjv": 0.3270562338979887,
  "cnr": 4.183233203150223,
  "efc": 0.7487809576232689,
  "fber": 2016.106560295988,
  "fwhm_avg": 4.401059576505145,
  "fwhm_x": 4.140765052483527,
  "fwhm_y": 4.339855888827849,
  "fwhm_z": 4.72255778820406,
  "icvs_csf": 0.23351732988718188,
  "icvs_gm": 0.40668361627335414,
  "icvs_wm": 0.35979905383946403,
  "inu_med": 0.6782598793506622,
  "inu_range": 0.24428350627422324,
  "provenance": {
    "md5sum": "cc87c46b3a4cd3f28ae8dbe69ea969a8",
    "settings": {
      "testing": false
    },
    "software": "mriqc",
    "version": "22.0.6",
    "warnings": {
      "large_rot_frame": true,
      "small_air_mask": true
    },
    "webapi_port": null,
    "webapi_url": "https://mriqc.nimh.nih.gov/api/v1"
  },
  "qi_1": 0.0,
  "qi_2": 0.005210780837637715,
  "rpve_csf": 19.427682903403703,
  "rpve_gm": 11.27632838863096,
  "rpve_wm": 15.773538912184259,
  "size_x": 240,
  "size_y": 240,
  "size_z": 220,
  "snr_csf": 1.6908122974164346,
  "snr_gm": 7.201858079733977,
  "snr_total": 8.805754947174172,
  "snr_wm": 17.524594464372104,
  "snrd_csf": 20.484489364073323,
  "snrd_gm": 70.50585954868573,
  "snrd_total": 70.54547180754786,
  "snrd_wm": 120.6460665098845,
  "spacing_x": 0.9989410042762756,
  "spacing_y": 0.9989410042762756,
  "spacing_z": 1.0000534057617188,
  "summary_bg_k": 41.42493786575073,
  "summary_bg_mad": 0.0,
  "summary_bg_mean": 1.3254245524841923,
  "summary_bg_median": 0.0,
  "summary_bg_n": 117460.0,
  "summary_bg_p05": 0.0,
  "summary_bg_p95": 11.500196665525436,
  "summary_bg_stdv": 5.43036779208244,
  "summary_csf_k": 0.060697365066917364,
  "summary_csf_mad": 103.9442570748902,
  "summary_csf_mean": 181.59514561372717,
  "summary_csf_median": 169.7941242158413,
  "summary_csf_n": 26518.0,
  "summary_csf_p05": 37.94818642735481,
  "summary_csf_p95": 363.28554875552646,
  "summary_csf_stdv": 100.41973491497201,
  "summary_gm_k": 0.009070849456928265,
  "summary_gm_mad": 81.30799455770301,
  "summary_gm_mean": 583.4754108163336,
  "summary_gm_median": 584.4168463945389,
  "summary_gm_n": 32639.0,
  "summary_gm_p05": 447.4487653374672,
  "summary_gm_p95": 714.4897345900536,
  "summary_gm_stdv": 81.14682171150442,
  "summary_wm_k": 0.4416504158863983,
  "summary_wm_mad": 54.61911084792264,
  "summary_wm_mean": 998.1091768203979,
  "summary_wm_median": 1000.0245961248875,
  "summary_wm_n": 253354.0,
  "summary_wm_p05": 901.2755840718746,
  "summary_wm_p95": 1087.5935454666615,
  "summary_wm_stdv": 57.063952297683976,
  "tpm_overlap_csf": 0.15833147880352513,
  "tpm_overlap_gm": 0.45720523965553533,
  "tpm_overlap_wm": 0.516117703677439,
  "wm2max": 0.671478407729552
}