{
  "bids_meta": {
    "AcquisitionDateTime": "2018-06-04T19:31:49.235000",
    "BodyPartExamined": "BRAIN",
    "ConversionSoftware": "dcm2niix",
    "ConversionSoftwareVersion": "v1.0.20170411 GCC4.2.1",
    "EchoTime": 0.00207,
    "FlipAngle": 9,
    "ImageType": [
      "ORIGINAL",
      "PRIMARY",
      "M",
      "ND",
      "NORM"
    ],
    "InversionTime": 0.9,
    "MagneticFieldStrength": 3,
    "Manufacturer": "Philips",
    "PhaseEncodingDirection": "i-",
    "ProcedureStepDescription": "funktionales_Schadel-MRT",
    "ProtocolName": "t1_mprage_sag_p2_iso_1.0",
    "RepetitionTime": 2.3,
    "ScanningSequence": "GR_IR",
    "SequenceName": "_tfl3d1_16ns",
    "SequenceVariant": "SK_SP_MP",
    "SeriesDescription": "t1_mprage_sag_p2_iso_1.0",
    "dataset": "ds002608",
    "modality": "T1w",
    "subject_id": "014"
  },
  "cjv": 0.30931806776396303,
  "cnr": 4.30866451487559,
  "efc": 0.7308617167826608,
  "fber": 2430.660002972652,
  "fwhm_avg": 4.675642774580074,
  "fwhm_x": 4.332287874332861,
  "fwhm_y": 4.574324189755881,
  "fwhm_z": 5.120316259651479,
  "icvs_csf": 0.2517038051468938,
  "icvs_gm": 0.4132612429053362,
  "icvs_wm": 0.33503495194777,
  "inu_med": 0.6333873867988586,
  "inu_range": 0.19604825973510742,
  "provenance": {
    "md5sum": "7379ea0166d8edacfb87a3259e59cde2",
    "settings": {
      "testing": false
    },
    "software": "mriqc",
    "version": "22.0.6",
    "warnings": {
      "large_rot_frame": true,
      "small_air_mask": true
    },
    "webapi_port": null,
    "webapi_url": "https://mriqc.nimh.nih.gov/api/v1"
  },
  "qi_1": 0.0,
  "qi_2": 0.0035968064643893366,
  "rpve_csf": 24.94248296312741,
  "rpve_gm": 14.838170332413487,
  "rpve_wm": 21.922363927678607,
  "size_x": 240,
  "size_y": 240,
  "size_z": 220,
  "snr_csf": 1.887229336773203,
  "snr_gm": 7.918531223463013,
  "snr_total": 10.482695549487303,
  "snr_wm": 21.642326088225694,
  "snrd_csf": 19.627098808806505,
  "snrd_gm": 68.54253459085537,
  "snrd_total": 66.75525093486942,
  "snrd_wm": 112.09611940494638,
  "spacing_x": 0.9989410042762756,
  "spacing_y": 0.9989410042762756,
  "spacing_z": 0.999969482421875,
  "summary_bg_k": 26.759460218446854,
  "summary_bg_mad": 0.0,
  "summary_bg_mean": 1.845304402225004,
  "summary_bg_median": 0.0,
  "summary_bg_n": 127528.0,
  "summary_bg_p05": 0.0,
  "summary_bg_p95": 13.698024861514568,
  "summary_bg_stdv": 5.844416424335288,
  "summary_csf_k": 0.03937552265577926,
  "summary_csf_mad": 96.18800370383661,
  "summary_csf_mean": 181.78726237349758,
  "summary_csf_median": 175.09168875403702,
  "summary_csf_n": 35784.0,
  "summary_csf_p05": 43.46803066739813,
  "summary_csf_p95": 344.1231061862781,
  "summary_csf_stdv": 92.7758162811598,
  "summary_gm_k": 0.0010800752628457033,
  "summary_gm_mad": 77.10763177893116,
  "summary_gm_mean": 612.3658817112753,
  "summary_gm_median": 611.4621549472213,
  "summary_gm_n": 27942.0,
  "summary_gm_p05": 486.9658885062672,
  "summary_gm_p95": 741.2829762133769,
  "summary_gm_stdv": 77.21775616741914,
  "summary_wm_k": 0.6347721119313903,
  "summary_wm_mad": 43.07414434549468,
  "summary_wm_mean": 999.2213451779453,
  "summary_wm_median": 1000.0000020675361,
  "summary_wm_n": 182138.0,
  "summary_wm_p05": 921.5898565296084,
  "summary_wm_p95": 1073.5274645499885,
  "summary_wm_stdv": 46.20562747349778,
  "tpm_overlap_csf": 0.13533247748646784,
  "tpm_overlap_gm": 0.4747141523722391,
  "tpm_overlap_wm": 0.509273808426096,
  "wm2max": 0.7466512640493833
}