{
  "bids_meta": {
    "AcquisitionDateTime": "2018-06-04T19:31:49.235000",
    "BodyPartExamined": "BRAIN",
    "ConversionSoftware": "dcm2niix",
    "ConversionSoftwareVersion": "v1.0.20170411 GCC4.2.1",
    "EchoTime": 0.00207,
    "FlipAngle": 9,
    "ImageType": [
      "ORIGINAL",
      "PRIMARY",
      "M",
      "ND",
      "NORM"
    ],
    "InversionTime": 0.9,
    "MagneticFieldStrength": 3,
    "Manufacturer": "Philips",
    "PhaseEncodingDirection": "i-",
    "ProcedureStepDescription": "funktionales_Schadel-MRT",
    "ProtocolName": "t1_mprage_sag_p2_iso_1.0",
    "RepetitionTime": 2.3,
    "ScanningSequence": "GR_IR",
    "SequenceName": "_tfl3d1_16ns",
    "SequenceVariant": "SK_SP_MP",
    "SeriesDescription": "t1_mprage_sag_p2_iso_1.0",
    "dataset": "ds002608",
    "modality": "T1w",
    "subject_id": "007"
  },
  "cjv": 0.3098703120374939,
  "cnr": 4.444608986300473,
  "efc": 0.7651702847942767,
  "fber": 2351.017110744039,
  "fwhm_avg": 4.470841202460354,
  "fwhm_x": 4.271022995087726,
  "fwhm_y": 4.299483134253399,
  "fwhm_z": 4.842017478039937,
  "icvs_csf": 0.21643059973559556,
  "icvs_gm": 0.4412136418103616,
  "icvs_wm": 0.34235575845404287,
  "inu_med": 0.6120348572731018,
  "inu_range": 0.20814611911773684,
  "provenance": {
    "md5sum": "5e437fe0c6bcaa2450e4399a5920ba65",
    "settings": {
      "testing": false
    },
    "software": "mriqc",
    "version": "22.0.6",
    "warnings": {
      "large_rot_frame": true,
      "small_air_mask": true
    },
    "webapi_port": null,
    "webapi_url": "https://mriqc.nimh.nih.gov/api/v1"
  },
  "qi_1": 0.0,
  "qi_2": 0.00127737739527143,
  "rpve_csf": 24.191501270404856,
  "rpve_gm": 12.414823604709175,
  "rpve_wm": 18.486905588936395,
  "size_x": 240,
  "size_y": 240,
  "size_z": 220,
  "snr_csf": 1.6770065642622975,
  "snr_gm": 8.539782888234427,
  "snr_total": 10.21605325174463,
  "snr_wm": 20.431370302737164,
  "snrd_csf": 28.959409536350194,
  "snrd_gm": 104.90691873382806,
  "snrd_total": 101.6365138269042,
  "snrd_wm": 171.0432132105344,
  "spacing_x": 0.9989410042762756,
  "spacing_y": 0.9989410042762756,
  "spacing_z": 0.9999695420265198,
  "summary_bg_k": 185.65946744814664,
  "summary_bg_mad": 0.0,
  "summary_bg_mean": 0.7110151444222078,
  "summary_bg_median": 0.0,
  "summary_bg_n": 176372.0,
  "summary_bg_p05": 0.0,
  "summary_bg_p95": 0.0,
  "summary_bg_stdv": 3.8302390688377814,
  "summary_csf_k": 0.24129346895607195,
  "summary_csf_mad": 104.04698956097566,
  "summary_csf_mean": 181.6225940535801,
  "summary_csf_median": 169.31048529222608,
  "summary_csf_n": 27693.0,
  "summary_csf_p05": 39.407299529761076,
  "summary_csf_p95": 363.15167364813385,
  "summary_csf_stdv": 100.95811904031264,
  "summary_gm_k": -0.059013565171873505,
  "summary_gm_mad": 73.31808590825229,
  "summary_gm_mean": 614.3195008191332,
  "summary_gm_median": 613.3357553109527,
  "summary_gm_n": 43031.0,
  "summary_gm_p05": 498.00008915551007,
  "summary_gm_p95": 732.9553176378831,
  "summary_gm_stdv": 71.82016646363215,
  "summary_wm_k": 0.5670839710461641,
  "summary_wm_mad": 46.49768315872617,
  "summary_wm_mean": 998.6615636400817,
  "summary_wm_median": 999.9999964870512,
  "summary_wm_n": 215558.0,
  "summary_wm_p05": 916.318573209364,
  "summary_wm_p95": 1075.8829106334597,
  "summary_wm_stdv": 48.944229491502895,
  "tpm_overlap_csf": 0.14491462685017087,
  "tpm_overlap_gm": 0.4892362906029918,
  "tpm_overlap_wm": 0.521548437540409,
  "wm2max": 0.730044962089161
}