{
  "aor": 0.0006166,
  "aqi": 0.01017001305,
  "bids_meta": {
    "AcquisitionDateTime": "2018-06-04T19:31:49.235000",
    "BodyPartExamined": "BRAIN",
    "ConversionSoftware": "dcm2niix",
    "ConversionSoftwareVersion": "v1.0.20170411 GCC4.2.1",
    "EchoTime": 0.00207,
    "FlipAngle": 9,
    "ImageType": [
      "ORIGINAL",
      "PRIMARY",
      "M",
      "ND",
      "NORM"
    ],
    "InversionTime": 0.9,
    "MagneticFieldStrength": 3,
    "Manufacturer": "Philips",
    "PhaseEncodingDirection": "i-",
    "ProcedureStepDescription": "funktionales_Schadel-MRT",
    "ProtocolName": "t1_mprage_sag_p2_iso_1.0",
    "RepetitionTime": 2.5,
    "ScanningSequence": "GR_IR",
    "SequenceName": "_tfl3d1_16ns",
    "SequenceVariant": "SK_SP_MP",
    "SeriesDescription": "t1_mprage_sag_p2_iso_1.0",
    "TaskName": "resting-state",
    "dataset": "ds002608",
    "modality": "bold",
    "subject_id": "039",
    "task_id": "rest"
  },
  "dummy_trs": 0,
  "dvars_nstd": 30.907115936180926,
  "dvars_std": 1.1239530422613069,
  "dvars_vstd": 0.9675357497487438,
  "efc": 0.42174959752277513,
  "fber": 106240.8828125,
  "fd_mean": 0.08535477380644052,
  "fd_num": 9,
  "fd_perc": 4.5,
  "fwhm_avg": 1.8366482594417963,
  "fwhm_x": 1.7921366666666667,
  "fwhm_y": 2.0016866666666666,
  "fwhm_z": 1.7161214449920557,
  "gcor": 0.0153157,
  "gsr_x": -0.019322935491800308,
  "gsr_y": 0.024053938686847687,
  "provenance": {
    "md5sum": "dbf770f45cc3d7c28c21b53151a5e696",
    "settings": {
      "fd_thres": 0.2,
      "testing": false
    },
    "software": "mriqc",
    "version": "22.0.6",
    "webapi_port": null,
    "webapi_url": "https://mriqc.nimh.nih.gov/api/v1"
  },
  "size_t": 200,
  "size_x": 80,
  "size_y": 80,
  "size_z": 40,
  "snr": 4.820967729800393,
  "spacing_tr": 2.5,
  "spacing_x": 3.0,
  "spacing_y": 3.0,
  "spacing_z": 3.2999820709228516,
  "summary_bg_k": 99.67077186431382,
  "summary_bg_mad": 3.4666839170818826,
  "summary_bg_mean": 25.514963150024414,
  "summary_bg_median": 3.0020999908447266,
  "summary_bg_n": 175760.0,
  "summary_bg_p05": 0.13463521450757981,
  "summary_bg_p95": 136.52186660766597,
  "summary_bg_stdv": 69.44339752197266,
  "summary_fg_k": 3.692058766579817,
  "summary_fg_mad": 182.4668520887035,
  "summary_fg_mean": 1020.295166015625,
  "summary_fg_median": 1003.057373046875,
  "summary_fg_n": 36465.0,
  "summary_fg_p05": 738.3127685546875,
  "summary_fg_p95": 1346.3124267578123,
  "summary_fg_stdv": 208.05856323242188,
  "tsnr": 45.7364501953125
}