{
  "bids_meta": {
    "AcquisitionDateTime": "2018-06-04T19:31:49.235000",
    "BodyPartExamined": "BRAIN",
    "ConversionSoftware": "dcm2niix",
    "ConversionSoftwareVersion": "v1.0.20170411 GCC4.2.1",
    "EchoTime": 0.00207,
    "FlipAngle": 9,
    "ImageType": [
      "ORIGINAL",
      "PRIMARY",
      "M",
      "ND",
      "NORM"
    ],
    "InversionTime": 0.9,
    "MagneticFieldStrength": 3,
    "Manufacturer": "Philips",
    "PhaseEncodingDirection": "i-",
    "ProcedureStepDescription": "funktionales_Schadel-MRT",
    "ProtocolName": "t1_mprage_sag_p2_iso_1.0",
    "RepetitionTime": 2.3,
    "ScanningSequence": "GR_IR",
    "SequenceName": "_tfl3d1_16ns",
    "SequenceVariant": "SK_SP_MP",
    "SeriesDescription": "t1_mprage_sag_p2_iso_1.0",
    "dataset": "ds002608",
    "modality": "T1w",
    "subject_id": "032"
  },
  "cjv": 0.2803128876028888,
  "cnr": 4.784212553566684,
  "efc": 0.7562861715230351,
  "fber": 1908.4270057678223,
  "fwhm_avg": 4.457809954680491,
  "fwhm_x": 4.100802732557616,
  "fwhm_y": 4.4637871314838575,
  "fwhm_z": 4.80884,
  "icvs_csf": 0.24028583566040085,
  "icvs_gm": 0.44201449099255197,
  "icvs_wm": 0.31769967334704724,
  "inu_med": 0.6557227373123169,
  "inu_range": 0.2201562941074371,
  "provenance": {
    "md5sum": "40b86eaf79f9b07dc98a34cc1782e10e",
    "settings": {
      "testing": false
    },
    "software": "mriqc",
    "version": "22.0.6",
    "warnings": {
      "large_rot_frame": true,
      "small_air_mask": true
    },
    "webapi_port": null,
    "webapi_url": "https://mriqc.nimh.nih.gov/api/v1"
  },
  "qi_1": 0.0,
  "qi_2": 0.0034342068582950995,
  "rpve_csf": 22.557201519056406,
  "rpve_gm": 12.661718406312149,
  "rpve_wm": 20.46167819169678,
  "size_x": 240,
  "size_y": 240,
  "size_z": 220,
  "snr_csf": 1.441263673376957,
  "snr_gm": 7.750884620218883,
  "snr_total": 10.175383541403827,
  "snr_wm": 21.33400233061564,
  "snrd_csf": 22.038610880640253,
  "snrd_gm": 96.2264732703324,
  "snrd_total": 94.90372292885745,
  "snrd_wm": 166.44608463559968,
  "spacing_x": 0.9989410042762756,
  "spacing_y": 0.9989410042762756,
  "spacing_z": 1.0,
  "summary_bg_k": 63.880454731093806,
  "summary_bg_mad": 0.0,
  "summary_bg_mean": 0.7314818653196978,
  "summary_bg_median": 0.0,
  "summary_bg_n": 57907.0,
  "summary_bg_p05": 0.0,
  "summary_bg_p95": 0.0,
  "summary_bg_stdv": 3.936027748060245,
  "summary_csf_k": 0.5431176220794183,
  "summary_csf_mad": 86.95057299181198,
  "summary_csf_mean": 151.76081267064643,
  "summary_csf_median": 132.40690634027123,
  "summary_csf_n": 32309.0,
  "summary_csf_p05": 33.308001693338156,
  "summary_csf_p95": 326.5052692718803,
  "summary_csf_stdv": 91.86719938803417,
  "summary_gm_k": 0.003011674810659226,
  "summary_gm_mad": 75.12001557807969,
  "summary_gm_mean": 579.3328630722069,
  "summary_gm_median": 578.1239889739081,
  "summary_gm_n": 42262.0,
  "summary_gm_p05": 459.1901041790843,
  "summary_gm_p95": 703.6369640640914,
  "summary_gm_stdv": 74.58724745611862,
  "summary_wm_k": 0.7712789616433011,
  "summary_wm_mad": 43.13727056979935,
  "summary_wm_mean": 999.4146315989822,
  "summary_wm_median": 1000.0000117253512,
  "summary_wm_n": 184183.0,
  "summary_wm_p05": 921.7891759369522,
  "summary_wm_p95": 1074.8235931042582,
  "summary_wm_stdv": 46.873403383630865,
  "tpm_overlap_csf": 0.16682351081231198,
  "tpm_overlap_gm": 0.48364934950496563,
  "tpm_overlap_wm": 0.513792482125227,
  "wm2max": 0.769519958562382
}