{
  "aor": 0.0009583000000000001,
  "aqi": 0.0092324449,
  "bids_meta": {
    "AcquisitionDateTime": "2018-06-04T19:31:49.235000",
    "BodyPartExamined": "BRAIN",
    "ConversionSoftware": "dcm2niix",
    "ConversionSoftwareVersion": "v1.0.20170411 GCC4.2.1",
    "EchoTime": 0.00207,
    "FlipAngle": 9,
    "ImageType": [
      "ORIGINAL",
      "PRIMARY",
      "M",
      "ND",
      "NORM"
    ],
    "InversionTime": 0.9,
    "MagneticFieldStrength": 3,
    "Manufacturer": "Philips",
    "PhaseEncodingDirection": "i-",
    "ProcedureStepDescription": "funktionales_Schadel-MRT",
    "ProtocolName": "t1_mprage_sag_p2_iso_1.0",
    "RepetitionTime": 2.5,
    "ScanningSequence": "GR_IR",
    "SequenceName": "_tfl3d1_16ns",
    "SequenceVariant": "SK_SP_MP",
    "SeriesDescription": "t1_mprage_sag_p2_iso_1.0",
    "TaskName": "resting-state",
    "dataset": "ds002608",
    "modality": "bold",
    "subject_id": "041",
    "task_id": "rest"
  },
  "dummy_trs": 0,
  "dvars_nstd": 29.191932936683408,
  "dvars_std": 1.108604093969849,
  "dvars_vstd": 0.9969598771859295,
  "efc": 0.3878787593861302,
  "fber": 130177.765625,
  "fd_mean": 0.0621464633517268,
  "fd_num": 2,
  "fd_perc": 1.0,
  "fwhm_avg": 1.7842637417242189,
  "fwhm_x": 1.76198,
  "fwhm_y": 1.9207866666666666,
  "fwhm_z": 1.6700245585059899,
  "gcor": 0.0104032,
  "gsr_x": -0.00790427066385746,
  "gsr_y": 0.00992976501584053,
  "provenance": {
    "md5sum": "9e459ab09d01b53293f0ae12b985bed4",
    "settings": {
      "fd_thres": 0.2,
      "testing": false
    },
    "software": "mriqc",
    "version": "22.0.6",
    "webapi_port": null,
    "webapi_url": "https://mriqc.nimh.nih.gov/api/v1"
  },
  "size_t": 200,
  "size_x": 80,
  "size_y": 80,
  "size_z": 40,
  "snr": 4.823521722302877,
  "spacing_tr": 2.5,
  "spacing_x": 3.0,
  "spacing_y": 3.0,
  "spacing_z": 3.3001251220703125,
  "summary_bg_k": 179.3714620429166,
  "summary_bg_mad": 3.425414695236422,
  "summary_bg_mean": 20.580284118652344,
  "summary_bg_median": 2.938729763031006,
  "summary_bg_n": 181632.0,
  "summary_bg_p05": 0.18264919370412835,
  "summary_bg_p95": 86.93977050781236,
  "summary_bg_stdv": 63.58268737792969,
  "summary_fg_k": 2.96632698993243,
  "summary_fg_mad": 173.32569183431568,
  "summary_fg_mean": 1092.4769287109375,
  "summary_fg_median": 1062.88134765625,
  "summary_fg_n": 31988.0,
  "summary_fg_p05": 803.8180786132813,
  "summary_fg_p95": 1494.2826538085938,
  "summary_fg_stdv": 220.35035705566406,
  "tsnr": 48.5377197265625
}