{
  "bids_meta": {
    "AcquisitionDateTime": "2018-06-04T19:31:49.235000",
    "BodyPartExamined": "BRAIN",
    "ConversionSoftware": "dcm2niix",
    "ConversionSoftwareVersion": "v1.0.20170411 GCC4.2.1",
    "EchoTime": 0.00207,
    "FlipAngle": 9,
    "ImageType": [
      "ORIGINAL",
      "PRIMARY",
      "M",
      "ND",
      "NORM"
    ],
    "InversionTime": 0.9,
    "MagneticFieldStrength": 3,
    "Manufacturer": "Philips",
    "PhaseEncodingDirection": "i-",
    "ProcedureStepDescription": "funktionales_Schadel-MRT",
    "ProtocolName": "t1_mprage_sag_p2_iso_1.0",
    "RepetitionTime": 2.3,
    "ScanningSequence": "GR_IR",
    "SequenceName": "_tfl3d1_16ns",
    "SequenceVariant": "SK_SP_MP",
    "SeriesDescription": "t1_mprage_sag_p2_iso_1.0",
    "dataset": "ds002608",
    "modality": "T1w",
    "subject_id": "026"
  },
  "cjv": 0.2940778139851601,
  "cnr": 4.577409449735161,
  "efc": 0.7329185263305777,
  "fber": 2144.627824066656,
  "fwhm_avg": 4.67477870767556,
  "fwhm_x": 4.34678348421022,
  "fwhm_y": 4.620162732576709,
  "fwhm_z": 5.057389906239749,
  "icvs_csf": 0.2554505201305374,
  "icvs_gm": 0.4184740078727345,
  "icvs_wm": 0.32607547199672815,
  "inu_med": 0.6499032378196716,
  "inu_range": 0.1798757135868071,
  "provenance": {
    "md5sum": "dcb8aceebc78e2a2fdac704cd07f751e",
    "settings": {
      "testing": false
    },
    "software": "mriqc",
    "version": "22.0.6",
    "warnings": {
      "large_rot_frame": true,
      "small_air_mask": true
    },
    "webapi_port": null,
    "webapi_url": "https://mriqc.nimh.nih.gov/api/v1"
  },
  "qi_1": 0.0,
  "qi_2": 0.00499072619535377,
  "rpve_csf": 24.58738792599843,
  "rpve_gm": 14.708177855397587,
  "rpve_wm": 22.405308444444444,
  "size_x": 240,
  "size_y": 240,
  "size_z": 220,
  "snr_csf": 1.775410470903204,
  "snr_gm": 7.4413489273089155,
  "snr_total": 10.21487191490956,
  "snr_wm": 21.42785634651656,
  "snrd_csf": 26.224395307388107,
  "snrd_gm": 94.20620073074456,
  "snrd_total": 94.05672594820051,
  "snrd_wm": 161.7395818064689,
  "spacing_x": 0.9989409446716309,
  "spacing_y": 0.9989410042762756,
  "spacing_z": 1.0000534057617188,
  "summary_bg_k": 39.498020829577264,
  "summary_bg_mad": 0.0,
  "summary_bg_mean": 0.9353922315383635,
  "summary_bg_median": 0.0,
  "summary_bg_n": 48962.0,
  "summary_bg_p05": 0.0,
  "summary_bg_p95": 9.797381851822138,
  "summary_bg_stdv": 4.050478794998583,
  "summary_csf_k": 0.13628616953371653,
  "summary_csf_mad": 93.79841895657681,
  "summary_csf_mean": 173.62580684309458,
  "summary_csf_median": 162.1362469010055,
  "summary_csf_n": 24412.0,
  "summary_csf_p05": 40.25264756567776,
  "summary_csf_p95": 338.8643391132355,
  "summary_csf_stdv": 91.3213753626419,
  "summary_gm_k": -0.022001944167128418,
  "summary_gm_mad": 78.87102641752357,
  "summary_gm_mean": 582.6858578645757,
  "summary_gm_median": 582.4439283441752,
  "summary_gm_n": 35633.0,
  "summary_gm_p05": 453.368633819744,
  "summary_gm_p95": 710.0808838307858,
  "summary_gm_stdv": 78.27018476892457,
  "summary_wm_k": 0.675465252432693,
  "summary_wm_mad": 43.91682152793926,
  "summary_wm_mean": 999.0095023129353,
  "summary_wm_median": 999.9791591782123,
  "summary_wm_n": 178400.0,
  "summary_wm_p05": 921.0789670310915,
  "summary_wm_p95": 1073.0843041874468,
  "summary_wm_stdv": 46.66712061025528,
  "tpm_overlap_csf": 0.141037963299582,
  "tpm_overlap_gm": 0.48425392477676993,
  "tpm_overlap_wm": 0.5183819549298805,
  "wm2max": 0.7983856137273261
}