{
  "aor": 0.0012506000000000001,
  "aqi": 0.0067360591000000004,
  "bids_meta": {
    "AcquisitionDateTime": "2018-06-04T19:31:49.235000",
    "BodyPartExamined": "BRAIN",
    "ConversionSoftware": "dcm2niix",
    "ConversionSoftwareVersion": "v1.0.20170411 GCC4.2.1",
    "EchoTime": 0.00207,
    "FlipAngle": 9,
    "ImageType": [
      "ORIGINAL",
      "PRIMARY",
      "M",
      "ND",
      "NORM"
    ],
    "InversionTime": 0.9,
    "MagneticFieldStrength": 3,
    "Manufacturer": "Philips",
    "PhaseEncodingDirection": "i-",
    "ProcedureStepDescription": "funktionales_Schadel-MRT",
    "ProtocolName": "t1_mprage_sag_p2_iso_1.0",
    "RepetitionTime": 2.5,
    "ScanningSequence": "GR_IR",
    "SequenceName": "_tfl3d1_16ns",
    "SequenceVariant": "SK_SP_MP",
    "SeriesDescription": "t1_mprage_sag_p2_iso_1.0",
    "TaskName": "resting-state",
    "dataset": "ds002608",
    "modality": "bold",
    "subject_id": "016",
    "task_id": "rest"
  },
  "dummy_trs": 0,
  "dvars_nstd": 28.654861354522616,
  "dvars_std": 1.1530801061809053,
  "dvars_vstd": 1.0093911918090455,
  "efc": 0.43028223888882866,
  "fber": 103949.25,
  "fd_mean": 0.06204005424233038,
  "fd_num": 2,
  "fd_perc": 1.0,
  "fwhm_avg": 1.8021163302494088,
  "fwhm_x": 1.7084433333333333,
  "fwhm_y": 1.9969999999999999,
  "fwhm_z": 1.7009056574148933,
  "gcor": 0.021277,
  "gsr_x": -0.014387908391654491,
  "gsr_y": 0.02474534697830677,
  "provenance": {
    "md5sum": "366a41a09cd5bf00a4cfd3e51d8dd6cd",
    "settings": {
      "fd_thres": 0.2,
      "testing": false
    },
    "software": "mriqc",
    "version": "22.0.6",
    "webapi_port": null,
    "webapi_url": "https://mriqc.nimh.nih.gov/api/v1"
  },
  "size_t": 200,
  "size_x": 80,
  "size_y": 80,
  "size_z": 40,
  "snr": 5.196744074049662,
  "spacing_tr": 2.5,
  "spacing_x": 3.0,
  "spacing_y": 3.0,
  "spacing_z": 3.299853801727295,
  "summary_bg_k": 181.23907454320735,
  "summary_bg_mad": 3.1541263724524975,
  "summary_bg_mean": 22.4254150390625,
  "summary_bg_median": 3.146012306213379,
  "summary_bg_n": 172098.0,
  "summary_bg_p05": 0.4236495599150658,
  "summary_bg_p95": 107.31088943481436,
  "summary_bg_stdv": 67.51071166992188,
  "summary_fg_k": 2.2387512357324706,
  "summary_fg_mad": 182.8023921904014,
  "summary_fg_mean": 1058.545654296875,
  "summary_fg_median": 1040.10498046875,
  "summary_fg_n": 39994.0,
  "summary_fg_p05": 783.5101135253906,
  "summary_fg_p95": 1387.282666015625,
  "summary_fg_stdv": 200.14300537109375,
  "tsnr": 54.974945068359375
}