{
  "bids_meta": {
    "AcquisitionDateTime": "2018-06-04T19:31:49.235000",
    "BodyPartExamined": "BRAIN",
    "ConversionSoftware": "dcm2niix",
    "ConversionSoftwareVersion": "v1.0.20170411 GCC4.2.1",
    "EchoTime": 0.00207,
    "FlipAngle": 9,
    "ImageType": [
      "ORIGINAL",
      "PRIMARY",
      "M",
      "ND",
      "NORM"
    ],
    "InversionTime": 0.9,
    "MagneticFieldStrength": 3,
    "Manufacturer": "Philips",
    "PhaseEncodingDirection": "i-",
    "ProcedureStepDescription": "funktionales_Schadel-MRT",
    "ProtocolName": "t1_mprage_sag_p2_iso_1.0",
    "RepetitionTime": 2.3,
    "ScanningSequence": "GR_IR",
    "SequenceName": "_tfl3d1_16ns",
    "SequenceVariant": "SK_SP_MP",
    "SeriesDescription": "t1_mprage_sag_p2_iso_1.0",
    "dataset": "ds002608",
    "modality": "T1w",
    "subject_id": "043"
  },
  "cjv": 0.30719031329316004,
  "cnr": 4.460989191450951,
  "efc": 0.7492652601423567,
  "fber": -1.0,
  "fwhm_avg": 4.470490544569864,
  "fwhm_x": 4.280523055611196,
  "fwhm_y": 4.366524130381614,
  "fwhm_z": 4.764424447716782,
  "icvs_csf": 0.2410425483884717,
  "icvs_gm": 0.4180584218052626,
  "icvs_wm": 0.3408990298062657,
  "inu_med": 0.604509174823761,
  "inu_range": 0.18843570351600647,
  "provenance": {
    "md5sum": "c01d1d2393d66b36e534adde2483bf67",
    "settings": {
      "testing": false
    },
    "software": "mriqc",
    "version": "22.0.6",
    "warnings": {
      "large_rot_frame": true,
      "small_air_mask": true
    },
    "webapi_port": null,
    "webapi_url": "https://mriqc.nimh.nih.gov/api/v1"
  },
  "qi_1": 0.0,
  "qi_2": 0.001902293257070764,
  "rpve_csf": 21.762620322430337,
  "rpve_gm": 12.592282368419195,
  "rpve_wm": 18.624762930460587,
  "size_x": 240,
  "size_y": 240,
  "size_z": 220,
  "snr_csf": 1.520744348062965,
  "snr_gm": 8.191921755520681,
  "snr_total": 10.25399501509873,
  "snr_wm": 21.04931894171254,
  "snrd_csf": 24.573736447294856,
  "snrd_gm": 99.75984277313856,
  "snrd_total": 96.23071849882463,
  "snrd_wm": 164.35857627604048,
  "spacing_x": 0.9989410042762756,
  "spacing_y": 0.9989410042762756,
  "spacing_z": 0.9999465942382812,
  "summary_bg_k": 51.919983340703844,
  "summary_bg_mad": 0.0,
  "summary_bg_mean": 0.8468376465352282,
  "summary_bg_median": 0.0,
  "summary_bg_n": 85439.0,
  "summary_bg_p05": 0.0,
  "summary_bg_p95": 9.544771246612072,
  "summary_bg_stdv": 3.986019022642635,
  "summary_csf_k": 0.3039535070198389,
  "summary_csf_mad": 98.76691717011845,
  "summary_csf_mean": 167.88928338212526,
  "summary_csf_median": 149.51295781508088,
  "summary_csf_n": 32446.0,
  "summary_csf_p05": 33.897012954577804,
  "summary_csf_p95": 352.79152489546686,
  "summary_csf_stdv": 98.314127525895,
  "summary_gm_k": -0.003640988224312469,
  "summary_gm_mad": 75.5048365804929,
  "summary_gm_mean": 605.0553927421888,
  "summary_gm_median": 606.9646427668631,
  "summary_gm_n": 41141.0,
  "summary_gm_p05": 481.03032077103853,
  "summary_gm_p95": 723.746444389224,
  "summary_gm_stdv": 74.09217082348256,
  "summary_wm_k": 0.5550045456663417,
  "summary_wm_mad": 45.231823368716334,
  "summary_wm_mean": 997.4407951477434,
  "summary_wm_median": 1000.0000176616013,
  "summary_wm_n": 215683.0,
  "summary_wm_p05": 915.2977999482304,
  "summary_wm_p95": 1070.6705499738455,
  "summary_wm_stdv": 47.507366020294725,
  "tpm_overlap_csf": 0.1509499820146233,
  "tpm_overlap_gm": 0.4639324383420319,
  "tpm_overlap_wm": 0.5014391305994386,
  "wm2max": 0.7906035180814224
}