{
  "aor": 0.0009356000000000001,
  "aqi": 0.009222852299999999,
  "bids_meta": {
    "AcquisitionDateTime": "2018-06-04T19:31:49.235000",
    "BodyPartExamined": "BRAIN",
    "ConversionSoftware": "dcm2niix",
    "ConversionSoftwareVersion": "v1.0.20170411 GCC4.2.1",
    "EchoTime": 0.00207,
    "FlipAngle": 9,
    "ImageType": [
      "ORIGINAL",
      "PRIMARY",
      "M",
      "ND",
      "NORM"
    ],
    "InversionTime": 0.9,
    "MagneticFieldStrength": 3,
    "Manufacturer": "Philips",
    "PhaseEncodingDirection": "i-",
    "ProcedureStepDescription": "funktionales_Schadel-MRT",
    "ProtocolName": "t1_mprage_sag_p2_iso_1.0",
    "RepetitionTime": 2.5,
    "ScanningSequence": "GR_IR",
    "SequenceName": "_tfl3d1_16ns",
    "SequenceVariant": "SK_SP_MP",
    "SeriesDescription": "t1_mprage_sag_p2_iso_1.0",
    "TaskName": "resting-state",
    "dataset": "ds002608",
    "modality": "bold",
    "subject_id": "023",
    "task_id": "rest"
  },
  "dummy_trs": 0,
  "dvars_nstd": 28.464833475276365,
  "dvars_std": 1.1502526038190954,
  "dvars_vstd": 0.9852206041206029,
  "efc": 0.4005956727083527,
  "fber": 171005.1875,
  "fd_mean": 0.10305019214668915,
  "fd_num": 2,
  "fd_perc": 1.0,
  "fwhm_avg": 1.698347056697143,
  "fwhm_x": 1.6543866666666667,
  "fwhm_y": 1.8955366666666666,
  "fwhm_z": 1.5451178367580964,
  "gcor": 0.0114468,
  "gsr_x": -0.014576779678463936,
  "gsr_y": 0.016936585307121277,
  "provenance": {
    "md5sum": "b00cf4ae0e35a31b9f398dba7a7a42da",
    "settings": {
      "fd_thres": 0.2,
      "testing": false
    },
    "software": "mriqc",
    "version": "22.0.6",
    "webapi_port": null,
    "webapi_url": "https://mriqc.nimh.nih.gov/api/v1"
  },
  "size_t": 200,
  "size_x": 80,
  "size_y": 80,
  "size_z": 40,
  "snr": 6.089901964975115,
  "spacing_tr": 2.5,
  "spacing_x": 3.0,
  "spacing_y": 3.0,
  "spacing_z": 3.29998779296875,
  "summary_bg_k": 168.12827154418343,
  "summary_bg_mad": 3.3430954974623512,
  "summary_bg_mean": 25.249948501586914,
  "summary_bg_median": 3.0296621322631836,
  "summary_bg_n": 179755.0,
  "summary_bg_p05": 0.27047626078128817,
  "summary_bg_p95": 115.9121353149414,
  "summary_bg_stdv": 78.43382263183594,
  "summary_fg_k": 2.6110791304572,
  "summary_fg_mad": 188.97595000003935,
  "summary_fg_mean": 1277.6864013671875,
  "summary_fg_median": 1267.3575439453125,
  "summary_fg_n": 33706.0,
  "summary_fg_p05": 972.9251861572266,
  "summary_fg_p95": 1599.0846557617188,
  "summary_fg_stdv": 208.10494995117188,
  "tsnr": 53.229278564453125
}