{
  "aor": 0.0024381,
  "aqi": 0.0096267295,
  "bids_meta": {
    "AcquisitionDateTime": "2018-06-04T19:31:49.235000",
    "BodyPartExamined": "BRAIN",
    "ConversionSoftware": "dcm2niix",
    "ConversionSoftwareVersion": "v1.0.20170411 GCC4.2.1",
    "EchoTime": 0.00207,
    "FlipAngle": 9,
    "ImageType": [
      "ORIGINAL",
      "PRIMARY",
      "M",
      "ND",
      "NORM"
    ],
    "InversionTime": 0.9,
    "MagneticFieldStrength": 3,
    "Manufacturer": "Philips",
    "PhaseEncodingDirection": "i-",
    "ProcedureStepDescription": "funktionales_Schadel-MRT",
    "ProtocolName": "t1_mprage_sag_p2_iso_1.0",
    "RepetitionTime": 2.5,
    "ScanningSequence": "GR_IR",
    "SequenceName": "_tfl3d1_16ns",
    "SequenceVariant": "SK_SP_MP",
    "SeriesDescription": "t1_mprage_sag_p2_iso_1.0",
    "TaskName": "resting-state",
    "dataset": "ds002608",
    "modality": "bold",
    "subject_id": "008",
    "task_id": "rest"
  },
  "dummy_trs": 0,
  "dvars_nstd": 33.57637030587941,
  "dvars_std": 1.1187906057788943,
  "dvars_vstd": 1.0242525534170857,
  "efc": 0.4378819465138885,
  "fber": 118161.8828125,
  "fd_mean": 0.06848033490150131,
  "fd_num": 1,
  "fd_perc": 0.5,
  "fwhm_avg": 1.7858886801107035,
  "fwhm_x": 1.76191,
  "fwhm_y": 1.9273766666666667,
  "fwhm_z": 1.6683793736654435,
  "gcor": 0.0254618,
  "gsr_x": -0.012295175343751907,
  "gsr_y": 0.01912793144583702,
  "provenance": {
    "md5sum": "024c5927a6005adc260a412534771ff7",
    "settings": {
      "fd_thres": 0.2,
      "testing": false
    },
    "software": "mriqc",
    "version": "22.0.6",
    "webapi_port": null,
    "webapi_url": "https://mriqc.nimh.nih.gov/api/v1"
  },
  "size_t": 200,
  "size_x": 80,
  "size_y": 80,
  "size_z": 40,
  "snr": 4.982003654864325,
  "spacing_tr": 2.5,
  "spacing_x": 3.0,
  "spacing_y": 3.0,
  "spacing_z": 3.300112724304199,
  "summary_bg_k": 113.79754559985572,
  "summary_bg_mad": 3.62081768490657,
  "summary_bg_mean": 32.284786224365234,
  "summary_bg_median": 3.4350569248199463,
  "summary_bg_n": 171740.0,
  "summary_bg_p05": 0.5205440819263458,
  "summary_bg_p95": 153.08966751098632,
  "summary_bg_stdv": 95.7045669555664,
  "summary_fg_k": 1.7174009569257604,
  "summary_fg_mad": 226.88718547642728,
  "summary_fg_mean": 1215.107666015625,
  "summary_fg_median": 1197.506591796875,
  "summary_fg_n": 40299.0,
  "summary_fg_p05": 874.5329833984375,
  "summary_fg_p95": 1615.948876953125,
  "summary_fg_stdv": 240.3634796142578,
  "tsnr": 42.18012237548828
}