{
  "bids_meta": {
    "AcquisitionDateTime": "2018-06-04T19:31:49.235000",
    "BodyPartExamined": "BRAIN",
    "ConversionSoftware": "dcm2niix",
    "ConversionSoftwareVersion": "v1.0.20170411 GCC4.2.1",
    "EchoTime": 0.00207,
    "FlipAngle": 9,
    "ImageType": [
      "ORIGINAL",
      "PRIMARY",
      "M",
      "ND",
      "NORM"
    ],
    "InversionTime": 0.9,
    "MagneticFieldStrength": 3,
    "Manufacturer": "Philips",
    "PhaseEncodingDirection": "i-",
    "ProcedureStepDescription": "funktionales_Schadel-MRT",
    "ProtocolName": "t1_mprage_sag_p2_iso_1.0",
    "RepetitionTime": 2.3,
    "ScanningSequence": "GR_IR",
    "SequenceName": "_tfl3d1_16ns",
    "SequenceVariant": "SK_SP_MP",
    "SeriesDescription": "t1_mprage_sag_p2_iso_1.0",
    "dataset": "ds002608",
    "modality": "T1w",
    "subject_id": "020"
  },
  "cjv": 0.27619047132452923,
  "cnr": 4.7989646243957855,
  "efc": 0.7484165069780049,
  "fber": 4931.733168738135,
  "fwhm_avg": 4.805260694323987,
  "fwhm_x": 4.508003956912904,
  "fwhm_y": 4.64488919465128,
  "fwhm_z": 5.262888931407777,
  "icvs_csf": 0.2507448132664467,
  "icvs_gm": 0.41336482141587205,
  "icvs_wm": 0.33589036531768124,
  "inu_med": 0.5576801896095276,
  "inu_range": 0.15591433048248282,
  "provenance": {
    "md5sum": "d1e851c48baea46bfc22528928e0e047",
    "settings": {
      "testing": false
    },
    "software": "mriqc",
    "version": "22.0.6",
    "warnings": {
      "large_rot_frame": true,
      "small_air_mask": true
    },
    "webapi_port": null,
    "webapi_url": "https://mriqc.nimh.nih.gov/api/v1"
  },
  "qi_1": 0.0,
  "qi_2": 0.004519500025665313,
  "rpve_csf": 20.89123873098549,
  "rpve_gm": 12.59045144527444,
  "rpve_wm": 18.726956239831775,
  "size_x": 240,
  "size_y": 240,
  "size_z": 220,
  "snr_csf": 1.5522320062932606,
  "snr_gm": 8.26486883475273,
  "snr_total": 11.127129196973648,
  "snr_wm": 23.564286749874952,
  "snrd_csf": 29.366879088751773,
  "snrd_gm": 138.5722108838577,
  "snrd_total": 133.2879325302438,
  "snrd_wm": 231.92470761812194,
  "spacing_x": 0.9989410042762756,
  "spacing_y": 0.9989409446716309,
  "spacing_z": 1.0000534057617188,
  "summary_bg_k": 67.86502971086205,
  "summary_bg_mad": 0.0,
  "summary_bg_mean": 0.48907411463860745,
  "summary_bg_median": 0.0,
  "summary_bg_n": 73896.0,
  "summary_bg_p05": 0.0,
  "summary_bg_p95": 0.0,
  "summary_bg_stdv": 2.824780547661066,
  "summary_csf_k": 0.8367069232833435,
  "summary_csf_mad": 76.294299537949,
  "summary_csf_mean": 143.27707293004957,
  "summary_csf_median": 126.62246945127845,
  "summary_csf_n": 51694.0,
  "summary_csf_p05": 39.797915410250425,
  "summary_csf_p95": 300.6310168094933,
  "summary_csf_stdv": 81.57365922180227,
  "summary_gm_k": 0.12169809633618822,
  "summary_gm_mad": 71.46854446434182,
  "summary_gm_mean": 598.1524424391368,
  "summary_gm_median": 597.4879212193191,
  "summary_gm_n": 49922.0,
  "summary_gm_p05": 480.8518729906529,
  "summary_gm_p95": 716.8407313102856,
  "summary_gm_stdv": 72.29176275156695,
  "summary_wm_k": 0.6063796268296162,
  "summary_wm_mad": 39.70145738470687,
  "summary_wm_mean": 998.258557357059,
  "summary_wm_median": 1000.0000039711595,
  "summary_wm_n": 230939.0,
  "summary_wm_p05": 925.4762607142329,
  "summary_wm_p95": 1064.6391671337187,
  "summary_wm_stdv": 42.43700857613353,
  "tpm_overlap_csf": 0.15576543089566114,
  "tpm_overlap_gm": 0.4667470139096951,
  "tpm_overlap_wm": 0.5016193559950521,
  "wm2max": 0.869258801690153
}