{
  "bids_meta": {
    "AcquisitionDateTime": "2018-06-04T19:31:49.235000",
    "BodyPartExamined": "BRAIN",
    "ConversionSoftware": "dcm2niix",
    "ConversionSoftwareVersion": "v1.0.20170411 GCC4.2.1",
    "EchoTime": 0.00207,
    "FlipAngle": 9,
    "ImageType": [
      "ORIGINAL",
      "PRIMARY",
      "M",
      "ND",
      "NORM"
    ],
    "InversionTime": 0.9,
    "MagneticFieldStrength": 3,
    "Manufacturer": "Philips",
    "PhaseEncodingDirection": "i-",
    "ProcedureStepDescription": "funktionales_Schadel-MRT",
    "ProtocolName": "t1_mprage_sag_p2_iso_1.0",
    "RepetitionTime": 2.3,
    "ScanningSequence": "GR_IR",
    "SequenceName": "_tfl3d1_16ns",
    "SequenceVariant": "SK_SP_MP",
    "SeriesDescription": "t1_mprage_sag_p2_iso_1.0",
    "dataset": "ds002608",
    "modality": "T1w",
    "subject_id": "016"
  },
  "cjv": 0.29543701294756336,
  "cnr": 4.603101835875724,
  "efc": 0.7457902076847096,
  "fber": -1.0,
  "fwhm_avg": 4.591832856293152,
  "fwhm_x": 4.2009187549972555,
  "fwhm_y": 4.529066261803714,
  "fwhm_z": 5.045513552078486,
  "icvs_csf": 0.23592086076834545,
  "icvs_gm": 0.4232076558003281,
  "icvs_wm": 0.34087148343132645,
  "inu_med": 0.6490710079669952,
  "inu_range": 0.22488369941711417,
  "provenance": {
    "md5sum": "c5c01991150cd2ac577aa15b95a12d54",
    "settings": {
      "testing": false
    },
    "software": "mriqc",
    "version": "22.0.6",
    "warnings": {
      "large_rot_frame": true,
      "small_air_mask": true
    },
    "webapi_port": null,
    "webapi_url": "https://mriqc.nimh.nih.gov/api/v1"
  },
  "qi_1": 0.0,
  "qi_2": 0.004735189373110382,
  "rpve_csf": 19.893257136338647,
  "rpve_gm": 11.289655297335482,
  "rpve_wm": 16.686755201404814,
  "size_x": 240,
  "size_y": 240,
  "size_z": 220,
  "snr_csf": 1.7214375038000929,
  "snr_gm": 7.836778005677276,
  "snr_total": 9.968400942621392,
  "snr_wm": 20.3469873183868,
  "snrd_csf": 31.281543435426755,
  "snrd_gm": 110.58125227173151,
  "snrd_total": 110.05982256004192,
  "snrd_wm": 188.3166719729675,
  "spacing_x": 0.9989410042762756,
  "spacing_y": 0.9989410042762756,
  "spacing_z": 1.0000686645507812,
  "summary_bg_k": 53.876823773107795,
  "summary_bg_mad": 0.0,
  "summary_bg_mean": 0.6512894756731317,
  "summary_bg_median": 0.0,
  "summary_bg_n": 127040.0,
  "summary_bg_p05": 0.0,
  "summary_bg_p95": 0.0,
  "summary_bg_stdv": 3.478908182116647,
  "summary_csf_k": 0.03229443233881302,
  "summary_csf_mad": 101.82836081907514,
  "summary_csf_mean": 176.54394613723755,
  "summary_csf_median": 166.11138902790844,
  "summary_csf_n": 36571.0,
  "summary_csf_p05": 38.089235700666904,
  "summary_csf_p95": 348.0370145095512,
  "summary_csf_stdv": 96.49442257702312,
  "summary_gm_k": -0.03255951618461461,
  "summary_gm_mad": 76.06254811755892,
  "summary_gm_mean": 587.5273900404093,
  "summary_gm_median": 587.2090503852814,
  "summary_gm_n": 42043.0,
  "summary_gm_p05": 463.8242389932275,
  "summary_gm_p95": 708.968540963158,
  "summary_gm_stdv": 74.92901629778667,
  "summary_wm_k": 0.6969509896380002,
  "summary_wm_mad": 45.89118194894406,
  "summary_wm_mean": 998.1289676866546,
  "summary_wm_median": 1000.0000167228281,
  "summary_wm_n": 240792.0,
  "summary_wm_p05": 914.3442591335624,
  "summary_wm_p95": 1074.8728287443519,
  "summary_wm_stdv": 49.1472238416363,
  "tpm_overlap_csf": 0.15850014622890987,
  "tpm_overlap_gm": 0.474725959790254,
  "tpm_overlap_wm": 0.5103650319915588,
  "wm2max": 0.7499155918698089
}