{
  "aor": 0.0036804499999999996,
  "aqi": 0.020963729200000003,
  "bids_meta": {
    "AcquisitionDateTime": "2018-06-04T19:31:49.235000",
    "BodyPartExamined": "BRAIN",
    "ConversionSoftware": "dcm2niix",
    "ConversionSoftwareVersion": "v1.0.20170411 GCC4.2.1",
    "EchoTime": 0.00207,
    "FlipAngle": 9,
    "ImageType": [
      "ORIGINAL",
      "PRIMARY",
      "M",
      "ND",
      "NORM"
    ],
    "InversionTime": 0.9,
    "MagneticFieldStrength": 3,
    "Manufacturer": "Philips",
    "PhaseEncodingDirection": "i-",
    "ProcedureStepDescription": "funktionales_Schadel-MRT",
    "ProtocolName": "t1_mprage_sag_p2_iso_1.0",
    "RepetitionTime": 2.5,
    "ScanningSequence": "GR_IR",
    "SequenceName": "_tfl3d1_16ns",
    "SequenceVariant": "SK_SP_MP",
    "SeriesDescription": "t1_mprage_sag_p2_iso_1.0",
    "TaskName": "resting-state",
    "dataset": "ds002608",
    "modality": "bold",
    "subject_id": "027",
    "task_id": "rest"
  },
  "dummy_trs": 0,
  "dvars_nstd": 32.046361817889455,
  "dvars_std": 1.042379813467336,
  "dvars_vstd": 0.9599534949748746,
  "efc": 0.42020619025562145,
  "fber": 129923.8984375,
  "fd_mean": 0.11033645416391083,
  "fd_num": 27,
  "fd_perc": 13.5,
  "fwhm_avg": 1.7529348312372248,
  "fwhm_x": 1.7519033333333331,
  "fwhm_y": 1.8724366666666665,
  "fwhm_z": 1.634464493711675,
  "gcor": 0.0103853,
  "gsr_x": -0.006475093308836222,
  "gsr_y": 0.018208615481853485,
  "provenance": {
    "md5sum": "281348603ef23b4d7912ad02ad571e84",
    "settings": {
      "fd_thres": 0.2,
      "testing": false
    },
    "software": "mriqc",
    "version": "22.0.6",
    "webapi_port": null,
    "webapi_url": "https://mriqc.nimh.nih.gov/api/v1"
  },
  "size_t": 200,
  "size_x": 80,
  "size_y": 80,
  "size_z": 40,
  "snr": 4.870929948735833,
  "spacing_tr": 2.5,
  "spacing_x": 3.0,
  "spacing_y": 3.0,
  "spacing_z": 3.299924850463867,
  "summary_bg_k": 119.3466575947676,
  "summary_bg_mad": 3.474192581606622,
  "summary_bg_mean": 27.096595764160156,
  "summary_bg_median": 3.084507942199707,
  "summary_bg_n": 175708.0,
  "summary_bg_p05": 0.3120377972722054,
  "summary_bg_p95": 132.3590476989746,
  "summary_bg_stdv": 75.34107971191406,
  "summary_fg_k": 1.2573371433936158,
  "summary_fg_mad": 220.18136043966228,
  "summary_fg_mean": 1135.8145751953125,
  "summary_fg_median": 1114.39501953125,
  "summary_fg_n": 36841.0,
  "summary_fg_p05": 816.204833984375,
  "summary_fg_p95": 1527.2982177734375,
  "summary_fg_stdv": 228.78175354003906,
  "tsnr": 30.743507385253906
}