{
  "bids_meta": {
    "AcquisitionDateTime": "2018-06-04T19:31:49.235000",
    "BodyPartExamined": "BRAIN",
    "ConversionSoftware": "dcm2niix",
    "ConversionSoftwareVersion": "v1.0.20170411 GCC4.2.1",
    "EchoTime": 0.00207,
    "FlipAngle": 9,
    "ImageType": [
      "ORIGINAL",
      "PRIMARY",
      "M",
      "ND",
      "NORM"
    ],
    "InversionTime": 0.9,
    "MagneticFieldStrength": 3,
    "Manufacturer": "Philips",
    "PhaseEncodingDirection": "i-",
    "ProcedureStepDescription": "funktionales_Schadel-MRT",
    "ProtocolName": "t1_mprage_sag_p2_iso_1.0",
    "RepetitionTime": 2.3,
    "ScanningSequence": "GR_IR",
    "SequenceName": "_tfl3d1_16ns",
    "SequenceVariant": "SK_SP_MP",
    "SeriesDescription": "t1_mprage_sag_p2_iso_1.0",
    "dataset": "ds002608",
    "modality": "T1w",
    "subject_id": "034"
  },
  "cjv": 0.2964291645126638,
  "cnr": 4.462591808281052,
  "efc": 0.7387120920826551,
  "fber": 527.7977549850318,
  "fwhm_avg": 4.542220360638729,
  "fwhm_x": 4.331917482089059,
  "fwhm_y": 4.404514361874307,
  "fwhm_z": 4.890229237952819,
  "icvs_csf": 0.2875324327348305,
  "icvs_gm": 0.40335539721155955,
  "icvs_wm": 0.3091121700536099,
  "inu_med": 0.6421397924423218,
  "inu_range": 0.18088451623916624,
  "provenance": {
    "md5sum": "77b2bc32c1f603adc928a14a185d1cf4",
    "settings": {
      "testing": false
    },
    "software": "mriqc",
    "version": "22.0.6",
    "warnings": {
      "large_rot_frame": true,
      "small_air_mask": true
    },
    "webapi_port": null,
    "webapi_url": "https://mriqc.nimh.nih.gov/api/v1"
  },
  "qi_1": 0.0,
  "qi_2": 0.004775406976975034,
  "rpve_csf": 23.74002690307159,
  "rpve_gm": 15.873973436459885,
  "rpve_wm": 24.961785936305933,
  "size_x": 240,
  "size_y": 240,
  "size_z": 220,
  "snr_csf": 1.6716725197866984,
  "snr_gm": 7.591583297820073,
  "snr_total": 10.445742521067906,
  "snr_wm": 22.073971745596946,
  "snrd_csf": 14.223670045049067,
  "snrd_gm": 59.09706821358291,
  "snrd_total": 57.549685930831714,
  "snrd_wm": 99.32831953386318,
  "spacing_x": 0.9989410042762756,
  "spacing_y": 0.9989410042762756,
  "spacing_z": 0.999969482421875,
  "summary_bg_k": 21.176656531189586,
  "summary_bg_mad": 0.0,
  "summary_bg_mean": 2.304106626078602,
  "summary_bg_median": 0.0,
  "summary_bg_n": 83648.0,
  "summary_bg_p05": 0.0,
  "summary_bg_p95": 19.388222163543105,
  "summary_bg_stdv": 6.595665989328405,
  "summary_csf_k": 0.3668597936342599,
  "summary_csf_mad": 85.49564181063458,
  "summary_csf_mean": 157.72273489318655,
  "summary_csf_median": 143.19854118861258,
  "summary_csf_n": 44840.0,
  "summary_csf_p05": 40.314202569425106,
  "summary_csf_p95": 315.4721424416636,
  "summary_csf_stdv": 85.66088316488369,
  "summary_gm_k": 0.061185836945300665,
  "summary_gm_mad": 77.73171325702019,
  "summary_gm_mean": 592.810619545247,
  "summary_gm_median": 594.9669761676341,
  "summary_gm_n": 27061.0,
  "summary_gm_p05": 460.5585935804993,
  "summary_gm_p95": 718.0499771051109,
  "summary_gm_stdv": 78.37047420215316,
  "summary_wm_k": 0.5912652308396638,
  "summary_wm_mad": 42.331896161373656,
  "summary_wm_mean": 999.2873541528763,
  "summary_wm_median": 1000.0000288896263,
  "summary_wm_n": 150515.0,
  "summary_wm_p05": 923.5692881420255,
  "summary_wm_p95": 1071.8382754269987,
  "summary_wm_stdv": 45.302074247487106,
  "tpm_overlap_csf": 0.15370095242585194,
  "tpm_overlap_gm": 0.469545305309727,
  "tpm_overlap_wm": 0.5043731639996495,
  "wm2max": 0.8296467138027896
}