{
  "bids_meta": {
    "AcquisitionDateTime": "2018-06-04T19:31:49.235000",
    "BodyPartExamined": "BRAIN",
    "ConversionSoftware": "dcm2niix",
    "ConversionSoftwareVersion": "v1.0.20170411 GCC4.2.1",
    "EchoTime": 0.00207,
    "FlipAngle": 9,
    "ImageType": [
      "ORIGINAL",
      "PRIMARY",
      "M",
      "ND",
      "NORM"
    ],
    "InversionTime": 0.9,
    "MagneticFieldStrength": 3,
    "Manufacturer": "Philips",
    "PhaseEncodingDirection": "i-",
    "ProcedureStepDescription": "funktionales_Schadel-MRT",
    "ProtocolName": "t1_mprage_sag_p2_iso_1.0",
    "RepetitionTime": 2.3,
    "ScanningSequence": "GR_IR",
    "SequenceName": "_tfl3d1_16ns",
    "SequenceVariant": "SK_SP_MP",
    "SeriesDescription": "t1_mprage_sag_p2_iso_1.0",
    "dataset": "ds002608",
    "modality": "T1w",
    "subject_id": "004"
  },
  "cjv": 0.2892144629005749,
  "cnr": 4.652526838317754,
  "efc": 0.7496851376432797,
  "fber": -1.0,
  "fwhm_avg": 4.647600641250627,
  "fwhm_x": 4.296860356743231,
  "fwhm_y": 4.578758886080323,
  "fwhm_z": 5.0671826809283305,
  "icvs_csf": 0.24435108981401235,
  "icvs_gm": 0.4183755707756425,
  "icvs_wm": 0.33727333941034515,
  "inu_med": 0.5980800092220306,
  "inu_range": 0.18869559466838837,
  "provenance": {
    "md5sum": "0d0d1fe56a13aac755f9d7c827c39d46",
    "settings": {
      "testing": false
    },
    "software": "mriqc",
    "version": "22.0.6",
    "warnings": {
      "large_rot_frame": true,
      "small_air_mask": true
    },
    "webapi_port": null,
    "webapi_url": "https://mriqc.nimh.nih.gov/api/v1"
  },
  "qi_1": 0.0,
  "qi_2": 0.00046280481373569095,
  "rpve_csf": 21.285425756330643,
  "rpve_gm": 12.448919209824622,
  "rpve_wm": 18.579402359101046,
  "size_x": 240,
  "size_y": 240,
  "size_z": 220,
  "snr_csf": 1.8047440483672854,
  "snr_gm": 7.91144270572899,
  "snr_total": 10.314305731519877,
  "snr_wm": 21.226730440463353,
  "snrd_csf": 31.175540295531952,
  "snrd_gm": 104.06758152278807,
  "snrd_total": 103.92668155144774,
  "snrd_wm": 176.53692283602317,
  "spacing_x": 0.9989410042762756,
  "spacing_y": 0.9989410042762756,
  "spacing_z": 1.0000152587890625,
  "summary_bg_k": 80.02102380366773,
  "summary_bg_mad": 0.0,
  "summary_bg_mean": 0.7100447230413293,
  "summary_bg_median": 0.0,
  "summary_bg_n": 153959.0,
  "summary_bg_p05": 0.0,
  "summary_bg_p95": 0.0,
  "summary_bg_stdv": 3.7110445252992386,
  "summary_csf_k": 0.0998361835956123,
  "summary_csf_mad": 108.23342915944545,
  "summary_csf_mean": 182.89630416898262,
  "summary_csf_median": 176.59500851575285,
  "summary_csf_n": 32654.0,
  "summary_csf_p05": 42.73412378504872,
  "summary_csf_p95": 350.26949399895966,
  "summary_csf_stdv": 97.84894684732875,
  "summary_gm_k": 0.0518057763274804,
  "summary_gm_mad": 74.43734589639166,
  "summary_gm_mean": 589.207837034571,
  "summary_gm_median": 589.4946894589812,
  "summary_gm_n": 46594.0,
  "summary_gm_p05": 466.53852234538647,
  "summary_gm_p95": 710.553590323124,
  "summary_gm_stdv": 74.51085541368609,
  "summary_wm_k": 0.5140548491052783,
  "summary_wm_mad": 44.28671862355894,
  "summary_wm_mean": 998.1439562985038,
  "summary_wm_median": 999.999971004203,
  "summary_wm_n": 215563.0,
  "summary_wm_p05": 917.5166697688401,
  "summary_wm_p95": 1071.8963762465864,
  "summary_wm_stdv": 47.1103005853326,
  "tpm_overlap_csf": 0.13974385162161668,
  "tpm_overlap_gm": 0.46729657804032243,
  "tpm_overlap_wm": 0.5033987390450022,
  "wm2max": 0.803835597521189
}