{
  "bids_meta": {
    "AcquisitionDateTime": "2018-06-04T19:31:49.235000",
    "BodyPartExamined": "BRAIN",
    "ConversionSoftware": "dcm2niix",
    "ConversionSoftwareVersion": "v1.0.20170411 GCC4.2.1",
    "EchoTime": 0.00207,
    "FlipAngle": 9,
    "ImageType": [
      "ORIGINAL",
      "PRIMARY",
      "M",
      "ND",
      "NORM"
    ],
    "InversionTime": 0.9,
    "MagneticFieldStrength": 3,
    "Manufacturer": "Philips",
    "PhaseEncodingDirection": "i-",
    "ProcedureStepDescription": "funktionales_Schadel-MRT",
    "ProtocolName": "t1_mprage_sag_p2_iso_1.0",
    "RepetitionTime": 2.3,
    "ScanningSequence": "GR_IR",
    "SequenceName": "_tfl3d1_16ns",
    "SequenceVariant": "SK_SP_MP",
    "SeriesDescription": "t1_mprage_sag_p2_iso_1.0",
    "dataset": "ds002608",
    "modality": "T1w",
    "subject_id": "040"
  },
  "cjv": 0.3094188221893188,
  "cnr": 4.365808540194128,
  "efc": 0.7405960972652462,
  "fber": -1.0,
  "fwhm_avg": 4.6803963663185355,
  "fwhm_x": 4.446999353298548,
  "fwhm_y": 4.53366139826085,
  "fwhm_z": 5.060528347396207,
  "icvs_csf": 0.26232916503592957,
  "icvs_gm": 0.404641159598613,
  "icvs_wm": 0.3330296753654574,
  "inu_med": 0.6356847286224365,
  "inu_range": 0.19666676521301263,
  "provenance": {
    "md5sum": "52f0dad1ed117e01f2a68f4988cd163b",
    "settings": {
      "testing": false
    },
    "software": "mriqc",
    "version": "22.0.6",
    "warnings": {
      "large_rot_frame": true,
      "small_air_mask": true
    },
    "webapi_port": null,
    "webapi_url": "https://mriqc.nimh.nih.gov/api/v1"
  },
  "qi_1": 0.0,
  "qi_2": 0.0007358335980532136,
  "rpve_csf": 20.7276420148462,
  "rpve_gm": 12.969474332695802,
  "rpve_wm": 19.248925516760714,
  "size_x": 240,
  "size_y": 240,
  "size_z": 220,
  "snr_csf": 1.78608859508892,
  "snr_gm": 7.588462677698496,
  "snr_total": 10.126949771117316,
  "snr_wm": 21.006298040564527,
  "snrd_csf": 10.82655814516002,
  "snrd_gm": 41.01054104603692,
  "snrd_total": 40.192586989921615,
  "snrd_wm": 68.7406617785679,
  "spacing_x": 0.9989410042762756,
  "spacing_y": 0.9989409446716309,
  "spacing_z": 1.0000457763671875,
  "summary_bg_k": 804.340244396023,
  "summary_bg_mad": 0.0,
  "summary_bg_mean": 1.0524760739404202,
  "summary_bg_median": 0.0,
  "summary_bg_n": 166200.0,
  "summary_bg_p05": 0.0,
  "summary_bg_p95": 0.0,
  "summary_bg_stdv": 9.530550880679268,
  "summary_csf_k": 0.10028415268701707,
  "summary_csf_mad": 89.43054195528242,
  "summary_csf_mean": 168.12945396665106,
  "summary_csf_median": 157.49859611690044,
  "summary_csf_n": 42328.0,
  "summary_csf_p05": 42.148723155260086,
  "summary_csf_p95": 329.7266656650231,
  "summary_csf_stdv": 88.17968833401794,
  "summary_gm_k": -0.03154777963005806,
  "summary_gm_mad": 79.77013047134282,
  "summary_gm_mean": 594.3074405547218,
  "summary_gm_median": 596.597972702235,
  "summary_gm_n": 34159.0,
  "summary_gm_p05": 461.4188458520919,
  "summary_gm_p95": 720.3345813937485,
  "summary_gm_stdv": 78.61793163061297,
  "summary_wm_k": 0.6013481553108071,
  "summary_wm_mad": 45.05003771223318,
  "summary_wm_mean": 998.3203477615182,
  "summary_wm_median": 999.999961309135,
  "summary_wm_n": 217369.0,
  "summary_wm_p05": 918.0766063436866,
  "summary_wm_p95": 1073.6312001273036,
  "summary_wm_stdv": 47.604659285492076,
  "tpm_overlap_csf": 0.15889777277078718,
  "tpm_overlap_gm": 0.49136421147756826,
  "tpm_overlap_wm": 0.5397942098249223,
  "wm2max": 0.7714845046121176
}