{
  "aor": 0.00329115,
  "aqi": 0.0059703776,
  "bids_meta": {
    "AcquisitionDateTime": "2018-06-04T19:31:49.235000",
    "BodyPartExamined": "BRAIN",
    "ConversionSoftware": "dcm2niix",
    "ConversionSoftwareVersion": "v1.0.20170411 GCC4.2.1",
    "EchoTime": 0.00207,
    "FlipAngle": 9,
    "ImageType": [
      "ORIGINAL",
      "PRIMARY",
      "M",
      "ND",
      "NORM"
    ],
    "InversionTime": 0.9,
    "MagneticFieldStrength": 3,
    "Manufacturer": "Philips",
    "PhaseEncodingDirection": "i-",
    "ProcedureStepDescription": "funktionales_Schadel-MRT",
    "ProtocolName": "t1_mprage_sag_p2_iso_1.0",
    "RepetitionTime": 2.5,
    "ScanningSequence": "GR_IR",
    "SequenceName": "_tfl3d1_16ns",
    "SequenceVariant": "SK_SP_MP",
    "SeriesDescription": "t1_mprage_sag_p2_iso_1.0",
    "TaskName": "resting-state",
    "dataset": "ds002608",
    "modality": "bold",
    "subject_id": "006",
    "task_id": "rest"
  },
  "dummy_trs": 0,
  "dvars_nstd": 28.52323432422113,
  "dvars_std": 1.1219871082914576,
  "dvars_vstd": 1.041122060452261,
  "efc": 0.393673859995395,
  "fber": 116713.6484375,
  "fd_mean": 0.07466268851323292,
  "fd_num": 0,
  "fd_perc": 0.0,
  "fwhm_avg": 1.8726076567665924,
  "fwhm_x": 1.8113166666666667,
  "fwhm_y": 2.0605433333333334,
  "fwhm_z": 1.7459629702997768,
  "gcor": 0.0200644,
  "gsr_x": -0.014386756345629692,
  "gsr_y": 0.0164794959127903,
  "provenance": {
    "md5sum": "d47ebfffe0b1898307180c56e6a58f72",
    "settings": {
      "fd_thres": 0.2,
      "testing": false
    },
    "software": "mriqc",
    "version": "22.0.6",
    "webapi_port": null,
    "webapi_url": "https://mriqc.nimh.nih.gov/api/v1"
  },
  "size_t": 200,
  "size_x": 80,
  "size_y": 80,
  "size_z": 40,
  "snr": 4.688013750833182,
  "spacing_tr": 2.5,
  "spacing_x": 3.0,
  "spacing_y": 3.0,
  "spacing_z": 3.2998809814453125,
  "summary_bg_k": 160.14042991677854,
  "summary_bg_mad": 2.768389648563306,
  "summary_bg_mean": 17.613605499267578,
  "summary_bg_median": 2.705989360809326,
  "summary_bg_n": 180824.0,
  "summary_bg_p05": 0.18109222128987312,
  "summary_bg_p95": 82.31503601074223,
  "summary_bg_stdv": 51.529842376708984,
  "summary_fg_k": 3.474068416623827,
  "summary_fg_mad": 174.08862025864556,
  "summary_fg_mean": 960.232421875,
  "summary_fg_median": 941.2296142578125,
  "summary_fg_n": 32948.0,
  "summary_fg_p05": 691.4529327392578,
  "summary_fg_p95": 1280.1537170410156,
  "summary_fg_stdv": 200.77059936523438,
  "tsnr": 51.552001953125
}