{
  "aor": 0.0007173,
  "aqi": 0.006440351500000001,
  "bids_meta": {
    "AcquisitionDateTime": "2018-06-04T19:31:49.235000",
    "BodyPartExamined": "BRAIN",
    "ConversionSoftware": "dcm2niix",
    "ConversionSoftwareVersion": "v1.0.20170411 GCC4.2.1",
    "EchoTime": 0.00207,
    "FlipAngle": 9,
    "ImageType": [
      "ORIGINAL",
      "PRIMARY",
      "M",
      "ND",
      "NORM"
    ],
    "InversionTime": 0.9,
    "MagneticFieldStrength": 3,
    "Manufacturer": "Philips",
    "PhaseEncodingDirection": "i-",
    "ProcedureStepDescription": "funktionales_Schadel-MRT",
    "ProtocolName": "t1_mprage_sag_p2_iso_1.0",
    "RepetitionTime": 2.5,
    "ScanningSequence": "GR_IR",
    "SequenceName": "_tfl3d1_16ns",
    "SequenceVariant": "SK_SP_MP",
    "SeriesDescription": "t1_mprage_sag_p2_iso_1.0",
    "TaskName": "resting-state",
    "dataset": "ds002608",
    "modality": "bold",
    "subject_id": "038",
    "task_id": "rest"
  },
  "dummy_trs": 0,
  "dvars_nstd": 39.28396311246231,
  "dvars_std": 1.445121731457286,
  "dvars_vstd": 1.0016537306532665,
  "efc": 0.3983901021858167,
  "fber": 152680.359375,
  "fd_mean": 0.06182747512185316,
  "fd_num": 1,
  "fd_perc": 0.5,
  "fwhm_avg": 1.7414982672783463,
  "fwhm_x": 1.7329833333333333,
  "fwhm_y": 1.8508566666666668,
  "fwhm_z": 1.6406548018350393,
  "gcor": 0.0162319,
  "gsr_x": -0.01536786463111639,
  "gsr_y": 0.014205217361450195,
  "provenance": {
    "md5sum": "969d87caeb9d3b40fee282425539b178",
    "settings": {
      "fd_thres": 0.2,
      "testing": false
    },
    "software": "mriqc",
    "version": "22.0.6",
    "webapi_port": null,
    "webapi_url": "https://mriqc.nimh.nih.gov/api/v1"
  },
  "size_t": 200,
  "size_x": 80,
  "size_y": 80,
  "size_z": 40,
  "snr": 4.349248526133748,
  "spacing_tr": 2.5,
  "spacing_x": 3.0,
  "spacing_y": 3.0,
  "spacing_z": 3.2999019622802734,
  "summary_bg_k": 152.14879518194869,
  "summary_bg_mad": 2.5670884930429994,
  "summary_bg_mean": 16.59686851501465,
  "summary_bg_median": 2.4406235218048096,
  "summary_bg_n": 177759.0,
  "summary_bg_p05": 0.11096489652991293,
  "summary_bg_p95": 78.41233596801759,
  "summary_bg_stdv": 53.48875045776367,
  "summary_fg_k": 1.9037171848920078,
  "summary_fg_mad": 196.8136346894574,
  "summary_fg_mean": 999.0554809570312,
  "summary_fg_median": 969.4757080078125,
  "summary_fg_n": 35201.0,
  "summary_fg_p05": 700.7952270507812,
  "summary_fg_p95": 1398.0213623046875,
  "summary_fg_stdv": 222.9033203125,
  "tsnr": 56.11545181274414
}