{
  "bids_meta": {
    "AcquisitionDateTime": "2018-06-04T19:31:49.235000",
    "BodyPartExamined": "BRAIN",
    "ConversionSoftware": "dcm2niix",
    "ConversionSoftwareVersion": "v1.0.20170411 GCC4.2.1",
    "EchoTime": 0.00207,
    "FlipAngle": 9,
    "ImageType": [
      "ORIGINAL",
      "PRIMARY",
      "M",
      "ND",
      "NORM"
    ],
    "InversionTime": 0.9,
    "MagneticFieldStrength": 3,
    "Manufacturer": "Philips",
    "PhaseEncodingDirection": "i-",
    "ProcedureStepDescription": "funktionales_Schadel-MRT",
    "ProtocolName": "t1_mprage_sag_p2_iso_1.0",
    "RepetitionTime": 2.3,
    "ScanningSequence": "GR_IR",
    "SequenceName": "_tfl3d1_16ns",
    "SequenceVariant": "SK_SP_MP",
    "SeriesDescription": "t1_mprage_sag_p2_iso_1.0",
    "dataset": "ds002608",
    "modality": "T1w",
    "subject_id": "018"
  },
  "cjv": 0.31040487782490805,
  "cnr": 4.336322824719672,
  "efc": 0.7506309488718313,
  "fber": -1.0,
  "fwhm_avg": 4.587261984791446,
  "fwhm_x": 4.19660443628931,
  "fwhm_y": 4.582863506015234,
  "fwhm_z": 4.982318012069794,
  "icvs_csf": 0.2319871900272905,
  "icvs_gm": 0.40915607815676996,
  "icvs_wm": 0.35885673181593947,
  "inu_med": 0.570144534111023,
  "inu_range": 0.18255286216735844,
  "provenance": {
    "md5sum": "eecc73df79460b4f5f226891bee5a0bd",
    "settings": {
      "testing": false
    },
    "software": "mriqc",
    "version": "22.0.6",
    "warnings": {
      "large_rot_frame": true,
      "small_air_mask": true
    },
    "webapi_port": null,
    "webapi_url": "https://mriqc.nimh.nih.gov/api/v1"
  },
  "qi_1": 0.0,
  "qi_2": 0.005170326968606111,
  "rpve_csf": 19.921214334481828,
  "rpve_gm": 11.551524856100166,
  "rpve_wm": 16.296506982797133,
  "size_x": 240,
  "size_y": 240,
  "size_z": 220,
  "snr_csf": 1.8020962585429265,
  "snr_gm": 7.555070049051124,
  "snr_total": 10.333256649260017,
  "snr_wm": 21.642603640186,
  "snrd_csf": 22.590013359123756,
  "snrd_gm": 75.29914628343018,
  "snrd_total": 74.41886424072703,
  "snrd_wm": 125.36743307962716,
  "spacing_x": 0.9989409446716309,
  "spacing_y": 0.9989409446716309,
  "spacing_z": 0.9999923706054688,
  "summary_bg_k": 33.11204823528932,
  "summary_bg_mad": 0.0,
  "summary_bg_mean": 1.3659335859055899,
  "summary_bg_median": 0.0,
  "summary_bg_n": 77134.0,
  "summary_bg_p05": 0.0,
  "summary_bg_p95": 10.618175510317087,
  "summary_bg_stdv": 5.225618000048733,
  "summary_csf_k": 0.01882405013658639,
  "summary_csf_mad": 106.78789460248838,
  "summary_csf_mean": 190.14926341837798,
  "summary_csf_median": 180.18656943924725,
  "summary_csf_n": 35069.0,
  "summary_csf_p05": 45.18957933783531,
  "summary_csf_p95": 365.3598123975098,
  "summary_csf_stdv": 99.98578019213464,
  "summary_gm_k": 0.016562740050065194,
  "summary_gm_mad": 79.7005444347429,
  "summary_gm_mean": 601.1445513420803,
  "summary_gm_median": 600.614733370021,
  "summary_gm_n": 36137.0,
  "summary_gm_p05": 471.17616469971836,
  "summary_gm_p95": 731.7341549247502,
  "summary_gm_stdv": 79.49713492620344,
  "summary_wm_k": 0.5108429336511615,
  "summary_wm_mad": 44.26391692117468,
  "summary_wm_mean": 999.0670233636645,
  "summary_wm_median": 999.9785005394369,
  "summary_wm_n": 267992.0,
  "summary_wm_p05": 921.7393125686795,
  "summary_wm_p95": 1072.3164332746524,
  "summary_wm_stdv": 46.20408207234901,
  "tpm_overlap_csf": 0.16358123123692214,
  "tpm_overlap_gm": 0.47558585159811945,
  "tpm_overlap_wm": 0.5302855259628945,
  "wm2max": 0.7945993953782302
}