{
  "aor": 0.001263,
  "aqi": 0.00945737865,
  "bids_meta": {
    "AcquisitionDateTime": "2018-06-04T19:31:49.235000",
    "BodyPartExamined": "BRAIN",
    "ConversionSoftware": "dcm2niix",
    "ConversionSoftwareVersion": "v1.0.20170411 GCC4.2.1",
    "EchoTime": 0.00207,
    "FlipAngle": 9,
    "ImageType": [
      "ORIGINAL",
      "PRIMARY",
      "M",
      "ND",
      "NORM"
    ],
    "InversionTime": 0.9,
    "MagneticFieldStrength": 3,
    "Manufacturer": "Philips",
    "PhaseEncodingDirection": "i-",
    "ProcedureStepDescription": "funktionales_Schadel-MRT",
    "ProtocolName": "t1_mprage_sag_p2_iso_1.0",
    "RepetitionTime": 2.5,
    "ScanningSequence": "GR_IR",
    "SequenceName": "_tfl3d1_16ns",
    "SequenceVariant": "SK_SP_MP",
    "SeriesDescription": "t1_mprage_sag_p2_iso_1.0",
    "TaskName": "resting-state",
    "dataset": "ds002608",
    "modality": "bold",
    "subject_id": "043",
    "task_id": "rest"
  },
  "dummy_trs": 0,
  "dvars_nstd": 35.92340454974873,
  "dvars_std": 1.1906928175879394,
  "dvars_vstd": 1.0067813608542708,
  "efc": 0.42345830342925594,
  "fber": 80352.671875,
  "fd_mean": 0.0818942870947165,
  "fd_num": 8,
  "fd_perc": 4.0,
  "fwhm_avg": 1.6759505056651387,
  "fwhm_x": 1.6606966666666667,
  "fwhm_y": 1.80445,
  "fwhm_z": 1.5627048503287495,
  "gcor": 0.0171236,
  "gsr_x": -0.009164303541183472,
  "gsr_y": 0.015281970612704754,
  "provenance": {
    "md5sum": "7fe9eea1c19746e629688115419c19f5",
    "settings": {
      "fd_thres": 0.2,
      "testing": false
    },
    "software": "mriqc",
    "version": "22.0.6",
    "webapi_port": null,
    "webapi_url": "https://mriqc.nimh.nih.gov/api/v1"
  },
  "size_t": 200,
  "size_x": 80,
  "size_y": 80,
  "size_z": 40,
  "snr": 4.880808431523074,
  "spacing_tr": 2.5,
  "spacing_x": 3.0,
  "spacing_y": 3.0,
  "spacing_z": 3.300079345703125,
  "summary_bg_k": 217.9551596145898,
  "summary_bg_mad": 4.13096723194544,
  "summary_bg_mean": 21.649761199951172,
  "summary_bg_median": 3.5023396015167236,
  "summary_bg_n": 173339.0,
  "summary_bg_p05": 0.286473348736763,
  "summary_bg_p95": 97.10921173095707,
  "summary_bg_stdv": 64.72126770019531,
  "summary_fg_k": 2.289493676741171,
  "summary_fg_mad": 198.7318598986787,
  "summary_fg_mean": 1027.7152099609375,
  "summary_fg_median": 1008.37109375,
  "summary_fg_n": 38497.0,
  "summary_fg_p05": 744.9237915039063,
  "summary_fg_p95": 1351.7979492187499,
  "summary_fg_stdv": 206.5965118408203,
  "tsnr": 44.6715087890625
}