{
  "bids_meta": {
    "AcquisitionDateTime": "2018-06-04T19:31:49.235000",
    "BodyPartExamined": "BRAIN",
    "ConversionSoftware": "dcm2niix",
    "ConversionSoftwareVersion": "v1.0.20170411 GCC4.2.1",
    "EchoTime": 0.00207,
    "FlipAngle": 9,
    "ImageType": [
      "ORIGINAL",
      "PRIMARY",
      "M",
      "ND",
      "NORM"
    ],
    "InversionTime": 0.9,
    "MagneticFieldStrength": 3,
    "Manufacturer": "Philips",
    "PhaseEncodingDirection": "i-",
    "ProcedureStepDescription": "funktionales_Schadel-MRT",
    "ProtocolName": "t1_mprage_sag_p2_iso_1.0",
    "RepetitionTime": 2.3,
    "ScanningSequence": "GR_IR",
    "SequenceName": "_tfl3d1_16ns",
    "SequenceVariant": "SK_SP_MP",
    "SeriesDescription": "t1_mprage_sag_p2_iso_1.0",
    "dataset": "ds002608",
    "modality": "T1w",
    "subject_id": "035"
  },
  "cjv": 0.2896403510557071,
  "cnr": 4.64102158977428,
  "efc": 0.7426282813696943,
  "fber": -1.0,
  "fwhm_avg": 4.894130204800639,
  "fwhm_x": 4.5758658223381925,
  "fwhm_y": 4.867494656025983,
  "fwhm_z": 5.239030136037743,
  "icvs_csf": 0.2504439250067997,
  "icvs_gm": 0.41373360893952965,
  "icvs_wm": 0.3358224660536707,
  "inu_med": 0.6721157431602478,
  "inu_range": 0.2163277268409729,
  "provenance": {
    "md5sum": "0d66b1df722c6d5357f4996d88fae3bc",
    "settings": {
      "testing": false
    },
    "software": "mriqc",
    "version": "22.0.6",
    "warnings": {
      "large_rot_frame": true,
      "small_air_mask": true
    },
    "webapi_port": null,
    "webapi_url": "https://mriqc.nimh.nih.gov/api/v1"
  },
  "qi_1": 0.0,
  "qi_2": 0.002001939417112918,
  "rpve_csf": 22.409449506460827,
  "rpve_gm": 13.276403813975724,
  "rpve_wm": 19.519147465473498,
  "size_x": 240,
  "size_y": 240,
  "size_z": 220,
  "snr_csf": 1.6309100111905872,
  "snr_gm": 7.753844544921386,
  "snr_total": 10.50814159150974,
  "snr_wm": 22.139670218417248,
  "snrd_csf": 28.223912861062967,
  "snrd_gm": 114.430620612741,
  "snrd_total": 112.27160810214936,
  "snrd_wm": 194.16029083264414,
  "spacing_x": 0.9989410042762756,
  "spacing_y": 0.9989410042762756,
  "spacing_z": 0.9999541640281677,
  "summary_bg_k": 182.3311340838557,
  "summary_bg_mad": 0.0,
  "summary_bg_mean": 0.5109523595515156,
  "summary_bg_median": 0.0,
  "summary_bg_n": 99826.0,
  "summary_bg_p05": 0.0,
  "summary_bg_p95": 0.0,
  "summary_bg_stdv": 3.374126835308195,
  "summary_csf_k": 0.47497202256759286,
  "summary_csf_mad": 88.1763353956004,
  "summary_csf_mean": 157.94859763863647,
  "summary_csf_median": 145.36066349223256,
  "summary_csf_n": 27277.0,
  "summary_csf_p05": 36.46126167885959,
  "summary_csf_p95": 322.57180873677135,
  "summary_csf_stdv": 89.12692787607764,
  "summary_gm_k": 0.01931269162730853,
  "summary_gm_mad": 76.48949877958728,
  "summary_gm_mean": 589.9650549317187,
  "summary_gm_median": 589.3481537438929,
  "summary_gm_n": 46303.0,
  "summary_gm_p05": 466.2211371621117,
  "summary_gm_p95": 714.5772107282654,
  "summary_gm_stdv": 76.00639737573681,
  "summary_wm_k": 0.5087083647377351,
  "summary_wm_mad": 42.445235593809954,
  "summary_wm_mean": 998.7000315714071,
  "summary_wm_median": 999.9771767370403,
  "summary_wm_n": 211011.0,
  "summary_wm_p05": 921.9960474539548,
  "summary_wm_p95": 1070.5326198153198,
  "summary_wm_stdv": 45.16665322375726,
  "tpm_overlap_csf": 0.14518279567202302,
  "tpm_overlap_gm": 0.46639157024309796,
  "tpm_overlap_wm": 0.5173672164092827,
  "wm2max": 0.7481367521367521
}