{
  "aor": 0.0011211,
  "aqi": 0.011186163950000001,
  "bids_meta": {
    "AcquisitionDateTime": "2018-06-04T19:31:49.235000",
    "BodyPartExamined": "BRAIN",
    "ConversionSoftware": "dcm2niix",
    "ConversionSoftwareVersion": "v1.0.20170411 GCC4.2.1",
    "EchoTime": 0.00207,
    "FlipAngle": 9,
    "ImageType": [
      "ORIGINAL",
      "PRIMARY",
      "M",
      "ND",
      "NORM"
    ],
    "InversionTime": 0.9,
    "MagneticFieldStrength": 3,
    "Manufacturer": "Philips",
    "PhaseEncodingDirection": "i-",
    "ProcedureStepDescription": "funktionales_Schadel-MRT",
    "ProtocolName": "t1_mprage_sag_p2_iso_1.0",
    "RepetitionTime": 2.5,
    "ScanningSequence": "GR_IR",
    "SequenceName": "_tfl3d1_16ns",
    "SequenceVariant": "SK_SP_MP",
    "SeriesDescription": "t1_mprage_sag_p2_iso_1.0",
    "TaskName": "resting-state",
    "dataset": "ds002608",
    "modality": "bold",
    "subject_id": "030",
    "task_id": "rest"
  },
  "dummy_trs": 0,
  "dvars_nstd": 31.33539024417086,
  "dvars_std": 1.1339802518592972,
  "dvars_vstd": 0.9611073590954773,
  "efc": 0.3918485615887419,
  "fber": 145963.875,
  "fd_mean": 0.07544144942951922,
  "fd_num": 3,
  "fd_perc": 1.5,
  "fwhm_avg": 1.7399264691756489,
  "fwhm_x": 1.7742866666666668,
  "fwhm_y": 1.8517833333333333,
  "fwhm_z": 1.5937094075269465,
  "gcor": 0.010562,
  "gsr_x": -0.002197353634983301,
  "gsr_y": 0.006053568329662085,
  "provenance": {
    "md5sum": "848fb49ffff8f19d44f99751fafb73d6",
    "settings": {
      "fd_thres": 0.2,
      "testing": false
    },
    "software": "mriqc",
    "version": "22.0.6",
    "webapi_port": null,
    "webapi_url": "https://mriqc.nimh.nih.gov/api/v1"
  },
  "size_t": 200,
  "size_x": 80,
  "size_y": 80,
  "size_z": 40,
  "snr": 4.6771465239914845,
  "spacing_tr": 2.5,
  "spacing_x": 3.0,
  "spacing_y": 3.0,
  "spacing_z": 3.2999114990234375,
  "summary_bg_k": 120.47066975421977,
  "summary_bg_mad": 3.338938838780014,
  "summary_bg_mean": 20.43514060974121,
  "summary_bg_median": 2.64656400680542,
  "summary_bg_n": 181098.0,
  "summary_bg_p05": 0.06063601076602937,
  "summary_bg_p95": 96.79745254516597,
  "summary_bg_stdv": 59.585628509521484,
  "summary_fg_k": 1.8990618474805334,
  "summary_fg_mad": 199.1221469695048,
  "summary_fg_mean": 1041.1402587890625,
  "summary_fg_median": 1014.1875610351562,
  "summary_fg_n": 32638.0,
  "summary_fg_p05": 751.1300415039062,
  "summary_fg_p95": 1420.1168395996092,
  "summary_fg_stdv": 216.83563232421875,
  "tsnr": 44.84259796142578
}