{
  "bids_meta": {
    "AcquisitionDateTime": "2018-06-04T19:31:49.235000",
    "BodyPartExamined": "BRAIN",
    "ConversionSoftware": "dcm2niix",
    "ConversionSoftwareVersion": "v1.0.20170411 GCC4.2.1",
    "EchoTime": 0.00207,
    "FlipAngle": 9,
    "ImageType": [
      "ORIGINAL",
      "PRIMARY",
      "M",
      "ND",
      "NORM"
    ],
    "InversionTime": 0.9,
    "MagneticFieldStrength": 3,
    "Manufacturer": "Philips",
    "PhaseEncodingDirection": "i-",
    "ProcedureStepDescription": "funktionales_Schadel-MRT",
    "ProtocolName": "t1_mprage_sag_p2_iso_1.0",
    "RepetitionTime": 2.3,
    "ScanningSequence": "GR_IR",
    "SequenceName": "_tfl3d1_16ns",
    "SequenceVariant": "SK_SP_MP",
    "SeriesDescription": "t1_mprage_sag_p2_iso_1.0",
    "dataset": "ds002608",
    "modality": "T1w",
    "subject_id": "045"
  },
  "cjv": 0.27345837057646694,
  "cnr": 4.6655965579196526,
  "efc": 0.7273208377539218,
  "fber": 446.66112925706767,
  "fwhm_avg": 4.64976933909464,
  "fwhm_x": 4.356073062745679,
  "fwhm_y": 4.669715208436745,
  "fwhm_z": 4.923519746101499,
  "icvs_csf": 0.2700141827701458,
  "icvs_gm": 0.43476845599283154,
  "icvs_wm": 0.29521736123702264,
  "inu_med": 0.7535178065299988,
  "inu_range": 0.23969155550003052,
  "provenance": {
    "md5sum": "c3953ab8d3266a48b92aadad6bef05d2",
    "settings": {
      "testing": false
    },
    "software": "mriqc",
    "version": "22.0.6",
    "warnings": {
      "large_rot_frame": true,
      "small_air_mask": true
    },
    "webapi_port": null,
    "webapi_url": "https://mriqc.nimh.nih.gov/api/v1"
  },
  "qi_1": 0.032981627142521716,
  "qi_2": 0.0002341530637791108,
  "rpve_csf": 25.35391146124769,
  "rpve_gm": 15.372586934170263,
  "rpve_wm": 25.27248612536892,
  "size_x": 240,
  "size_y": 240,
  "size_z": 220,
  "snr_csf": 1.6054562199466622,
  "snr_gm": 8.198810365394138,
  "snr_total": 10.076881954171554,
  "snr_wm": 20.42637927717386,
  "snrd_csf": 2.8029719895256116,
  "snrd_gm": 11.414149972538162,
  "snrd_total": 11.37642833826697,
  "snrd_wm": 19.912163052737135,
  "spacing_x": 0.9989410042762756,
  "spacing_y": 0.9989410042762756,
  "spacing_z": 1.000030517578125,
  "summary_bg_k": 37.64167827048236,
  "summary_bg_mad": 0.0,
  "summary_bg_mean": 9.43447579034166,
  "summary_bg_median": 0.0,
  "summary_bg_n": 116634.0,
  "summary_bg_p05": 0.0,
  "summary_bg_p95": 52.58588439738357,
  "summary_bg_stdv": 32.90093400237008,
  "summary_csf_k": 0.004256400132073512,
  "summary_csf_mad": 87.53218119605118,
  "summary_csf_mean": 156.15978990355703,
  "summary_csf_median": 140.7651848345995,
  "summary_csf_n": 38732.0,
  "summary_csf_p05": 35.60968678444624,
  "summary_csf_p95": 319.47490830579767,
  "summary_csf_stdv": 87.67811037443103,
  "summary_gm_k": -0.15425370403497762,
  "summary_gm_mad": 72.12789576509256,
  "summary_gm_mean": 575.457763719581,
  "summary_gm_median": 573.2183327618986,
  "summary_gm_n": 37929.0,
  "summary_gm_p05": 463.1444210540503,
  "summary_gm_p95": 691.4648070503025,
  "summary_gm_stdv": 69.91389612648923,
  "summary_wm_k": 0.9329816715141046,
  "summary_wm_mad": 44.57593558153236,
  "summary_wm_mean": 996.7150717718265,
  "summary_wm_median": 999.9883420346305,
  "summary_wm_n": 135920.0,
  "summary_wm_p05": 910.3249172493815,
  "summary_wm_p95": 1070.8009469881654,
  "summary_wm_stdv": 48.95555153789418,
  "tpm_overlap_csf": 0.15289912792390684,
  "tpm_overlap_gm": 0.47628122296375064,
  "tpm_overlap_wm": 0.4784286892931981,
  "wm2max": 0.70826610911725
}