{
  "aor": 0.00263265,
  "aqi": 0.016608204550000002,
  "bids_meta": {
    "AcquisitionDateTime": "2018-06-04T19:31:49.235000",
    "BodyPartExamined": "BRAIN",
    "ConversionSoftware": "dcm2niix",
    "ConversionSoftwareVersion": "v1.0.20170411 GCC4.2.1",
    "EchoTime": 0.00207,
    "FlipAngle": 9,
    "ImageType": [
      "ORIGINAL",
      "PRIMARY",
      "M",
      "ND",
      "NORM"
    ],
    "InversionTime": 0.9,
    "MagneticFieldStrength": 3,
    "Manufacturer": "Philips",
    "PhaseEncodingDirection": "i-",
    "ProcedureStepDescription": "funktionales_Schadel-MRT",
    "ProtocolName": "t1_mprage_sag_p2_iso_1.0",
    "RepetitionTime": 2.5,
    "ScanningSequence": "GR_IR",
    "SequenceName": "_tfl3d1_16ns",
    "SequenceVariant": "SK_SP_MP",
    "SeriesDescription": "t1_mprage_sag_p2_iso_1.0",
    "TaskName": "resting-state",
    "dataset": "ds002608",
    "modality": "bold",
    "subject_id": "028",
    "task_id": "rest"
  },
  "dummy_trs": 0,
  "dvars_nstd": 31.29614073793971,
  "dvars_std": 1.0913587282914574,
  "dvars_vstd": 0.9433559348241212,
  "efc": 0.4378605189124942,
  "fber": 90292.34375,
  "fd_mean": 0.09111136243338917,
  "fd_num": 3,
  "fd_perc": 1.5,
  "fwhm_avg": 1.7411509541990569,
  "fwhm_x": 1.71574,
  "fwhm_y": 1.9046366666666668,
  "fwhm_z": 1.6030761959305033,
  "gcor": 0.00521843,
  "gsr_x": -0.005348794162273407,
  "gsr_y": 0.01802218146622181,
  "provenance": {
    "md5sum": "619d62e720fb4e3695dc537b6ee21b85",
    "settings": {
      "fd_thres": 0.2,
      "testing": false
    },
    "software": "mriqc",
    "version": "22.0.6",
    "webapi_port": null,
    "webapi_url": "https://mriqc.nimh.nih.gov/api/v1"
  },
  "size_t": 200,
  "size_x": 80,
  "size_y": 80,
  "size_z": 40,
  "snr": 4.587301115175628,
  "spacing_tr": 2.5,
  "spacing_x": 3.0,
  "spacing_y": 3.0,
  "spacing_z": 3.299793243408203,
  "summary_bg_k": 166.88035858416302,
  "summary_bg_mad": 4.104291472547213,
  "summary_bg_mean": 24.690765380859375,
  "summary_bg_median": 3.547595739364624,
  "summary_bg_n": 170084.0,
  "summary_bg_p05": 0.3449500635266304,
  "summary_bg_p95": 109.3714855194093,
  "summary_bg_stdv": 69.04060363769531,
  "summary_fg_k": 1.733593141280294,
  "summary_fg_mad": 212.10287957693834,
  "summary_fg_mean": 1092.4056396484375,
  "summary_fg_median": 1070.9482421875,
  "summary_fg_n": 41664.0,
  "summary_fg_p05": 767.4657196044922,
  "summary_fg_p95": 1494.8865417480467,
  "summary_fg_stdv": 233.45652770996094,
  "tsnr": 38.258750915527344
}