{
  "bids_meta": {
    "AcquisitionDateTime": "2018-06-04T19:31:49.235000",
    "BodyPartExamined": "BRAIN",
    "ConversionSoftware": "dcm2niix",
    "ConversionSoftwareVersion": "v1.0.20170411 GCC4.2.1",
    "EchoTime": 0.00207,
    "FlipAngle": 9,
    "ImageType": [
      "ORIGINAL",
      "PRIMARY",
      "M",
      "ND",
      "NORM"
    ],
    "InversionTime": 0.9,
    "MagneticFieldStrength": 3,
    "Manufacturer": "Philips",
    "PhaseEncodingDirection": "i-",
    "ProcedureStepDescription": "funktionales_Schadel-MRT",
    "ProtocolName": "t1_mprage_sag_p2_iso_1.0",
    "RepetitionTime": 2.3,
    "ScanningSequence": "GR_IR",
    "SequenceName": "_tfl3d1_16ns",
    "SequenceVariant": "SK_SP_MP",
    "SeriesDescription": "t1_mprage_sag_p2_iso_1.0",
    "dataset": "ds002608",
    "modality": "T1w",
    "subject_id": "044"
  },
  "cjv": 0.2996872634700151,
  "cnr": 4.52188741742315,
  "efc": 0.7365199731974343,
  "fber": 241.09579330559953,
  "fwhm_avg": 4.526263533652593,
  "fwhm_x": 4.134848787183874,
  "fwhm_y": 4.478773001456074,
  "fwhm_z": 4.965168812317834,
  "icvs_csf": 0.24441044654396252,
  "icvs_gm": 0.415207578537708,
  "icvs_wm": 0.3403819749183295,
  "inu_med": 0.6384510397911072,
  "inu_range": 0.20728555917739866,
  "provenance": {
    "md5sum": "8492eb394fa9d40fe96cdb44182736a9",
    "settings": {
      "testing": false
    },
    "software": "mriqc",
    "version": "22.0.6",
    "warnings": {
      "large_rot_frame": true,
      "small_air_mask": true
    },
    "webapi_port": null,
    "webapi_url": "https://mriqc.nimh.nih.gov/api/v1"
  },
  "qi_1": 0.0,
  "qi_2": 0.006516802496105319,
  "rpve_csf": 21.004766138358388,
  "rpve_gm": 12.29226176003591,
  "rpve_wm": 17.838236502588543,
  "size_x": 240,
  "size_y": 240,
  "size_z": 220,
  "snr_csf": 1.5579841500463736,
  "snr_gm": 7.9687753385802305,
  "snr_total": 10.110908012409302,
  "snr_wm": 20.805964548601303,
  "snrd_csf": 19.675934468251032,
  "snrd_gm": 78.9810737180401,
  "snrd_total": 76.99002103844492,
  "snrd_wm": 132.31305492904366,
  "spacing_x": 0.9989410042762756,
  "spacing_y": 0.9989410042762756,
  "spacing_z": 0.9999237060546875,
  "summary_bg_k": 41.20845668172467,
  "summary_bg_mad": 0.0,
  "summary_bg_mean": 1.1543805326716141,
  "summary_bg_median": 0.0,
  "summary_bg_n": 89471.0,
  "summary_bg_p05": 0.0,
  "summary_bg_p95": 10.480290725827217,
  "summary_bg_stdv": 4.95141184233236,
  "summary_csf_k": 0.4954880170319207,
  "summary_csf_mad": 90.8227139761921,
  "summary_csf_mean": 168.48844618973834,
  "summary_csf_median": 148.7074370086193,
  "summary_csf_n": 45173.0,
  "summary_csf_p05": 43.04807588458061,
  "summary_csf_p95": 348.9418431729079,
  "summary_csf_stdv": 95.44756345441326,
  "summary_gm_k": -0.00687381626116057,
  "summary_gm_mad": 74.98387423199966,
  "summary_gm_mean": 597.4675676533831,
  "summary_gm_median": 596.9258061796427,
  "summary_gm_n": 45117.0,
  "summary_gm_p05": 474.98480630218984,
  "summary_gm_p95": 721.4992747813462,
  "summary_gm_stdv": 74.90726811482467,
  "summary_wm_k": 0.5804509451042588,
  "summary_wm_mad": 45.81234027275915,
  "summary_wm_mean": 998.7229585292098,
  "summary_wm_median": 1000.00004132092,
  "summary_wm_n": 234934.0,
  "summary_wm_p05": 918.2988501787186,
  "summary_wm_p95": 1074.6467572003603,
  "summary_wm_stdv": 48.063040323141145,
  "tpm_overlap_csf": 0.1653381323438343,
  "tpm_overlap_gm": 0.46988110372423,
  "tpm_overlap_wm": 0.5031864415959599,
  "wm2max": 0.732609012659458
}