{
  "aor": 0.0027187500000000002,
  "aqi": 0.019127204499999998,
  "bids_meta": {
    "AcquisitionDateTime": "2018-06-04T19:31:49.235000",
    "BodyPartExamined": "BRAIN",
    "ConversionSoftware": "dcm2niix",
    "ConversionSoftwareVersion": "v1.0.20170411 GCC4.2.1",
    "EchoTime": 0.00207,
    "FlipAngle": 9,
    "ImageType": [
      "ORIGINAL",
      "PRIMARY",
      "M",
      "ND",
      "NORM"
    ],
    "InversionTime": 0.9,
    "MagneticFieldStrength": 3,
    "Manufacturer": "Philips",
    "PhaseEncodingDirection": "i-",
    "ProcedureStepDescription": "funktionales_Schadel-MRT",
    "ProtocolName": "t1_mprage_sag_p2_iso_1.0",
    "RepetitionTime": 2.5,
    "ScanningSequence": "GR_IR",
    "SequenceName": "_tfl3d1_16ns",
    "SequenceVariant": "SK_SP_MP",
    "SeriesDescription": "t1_mprage_sag_p2_iso_1.0",
    "TaskName": "resting-state",
    "dataset": "ds002608",
    "modality": "bold",
    "subject_id": "014",
    "task_id": "rest"
  },
  "dummy_trs": 0,
  "dvars_nstd": 35.301382745728645,
  "dvars_std": 1.1477886121105527,
  "dvars_vstd": 0.972688369396986,
  "efc": 0.3794839056341056,
  "fber": 169043.21875,
  "fd_mean": 0.21259329078140574,
  "fd_num": 94,
  "fd_perc": 47.0,
  "fwhm_avg": 1.7275141567450856,
  "fwhm_x": 1.72051,
  "fwhm_y": 1.84703,
  "fwhm_z": 1.615002470235257,
  "gcor": 0.014604,
  "gsr_x": -0.01504694577306509,
  "gsr_y": 0.011170832440257072,
  "provenance": {
    "md5sum": "98907fcc2ff9531774b876ecd0d8512e",
    "settings": {
      "fd_thres": 0.2,
      "testing": false
    },
    "software": "mriqc",
    "version": "22.0.6",
    "webapi_port": null,
    "webapi_url": "https://mriqc.nimh.nih.gov/api/v1"
  },
  "size_t": 200,
  "size_x": 80,
  "size_y": 80,
  "size_z": 40,
  "snr": 5.060811798692494,
  "spacing_tr": 2.5,
  "spacing_x": 3.0,
  "spacing_y": 3.0,
  "spacing_z": 3.3000011444091797,
  "summary_bg_k": 209.9939933057571,
  "summary_bg_mad": 2.8232216296108645,
  "summary_bg_mean": 16.72003936767578,
  "summary_bg_median": 2.529944658279419,
  "summary_bg_n": 182571.0,
  "summary_bg_p05": 0.08278241753578186,
  "summary_bg_p95": 68.57546615600586,
  "summary_bg_stdv": 58.58417892456055,
  "summary_fg_k": 1.851830392840995,
  "summary_fg_mad": 193.00396956500146,
  "summary_fg_mean": 1060.7740478515625,
  "summary_fg_median": 1045.237548828125,
  "summary_fg_n": 31952.0,
  "summary_fg_p05": 764.1200408935547,
  "summary_fg_p95": 1402.5208068847653,
  "summary_fg_stdv": 206.53231811523438,
  "tsnr": 36.308170318603516
}