{
  "aor": 0.0007934,
  "aqi": 0.0078122198,
  "bids_meta": {
    "AcquisitionDateTime": "2018-06-04T19:31:49.235000",
    "BodyPartExamined": "BRAIN",
    "ConversionSoftware": "dcm2niix",
    "ConversionSoftwareVersion": "v1.0.20170411 GCC4.2.1",
    "EchoTime": 0.00207,
    "FlipAngle": 9,
    "ImageType": [
      "ORIGINAL",
      "PRIMARY",
      "M",
      "ND",
      "NORM"
    ],
    "InversionTime": 0.9,
    "MagneticFieldStrength": 3,
    "Manufacturer": "Philips",
    "PhaseEncodingDirection": "i-",
    "ProcedureStepDescription": "funktionales_Schadel-MRT",
    "ProtocolName": "t1_mprage_sag_p2_iso_1.0",
    "RepetitionTime": 2.5,
    "ScanningSequence": "GR_IR",
    "SequenceName": "_tfl3d1_16ns",
    "SequenceVariant": "SK_SP_MP",
    "SeriesDescription": "t1_mprage_sag_p2_iso_1.0",
    "TaskName": "resting-state",
    "dataset": "ds002608",
    "modality": "bold",
    "subject_id": "036",
    "task_id": "rest"
  },
  "dummy_trs": 0,
  "dvars_nstd": 32.66907666070351,
  "dvars_std": 1.2622940501005027,
  "dvars_vstd": 1.0012656298492462,
  "efc": 0.3575818746711861,
  "fber": 220883.203125,
  "fd_mean": 0.0853431644868946,
  "fd_num": 4,
  "fd_perc": 2.0,
  "fwhm_avg": 1.7281533728894232,
  "fwhm_x": 1.69988,
  "fwhm_y": 1.8588466666666665,
  "fwhm_z": 1.6257334520016022,
  "gcor": 0.0292974,
  "gsr_x": -0.014132984913885593,
  "gsr_y": 0.00706311734393239,
  "provenance": {
    "md5sum": "1cf76cd3b0ee8eeabedb3e6862ba6f71",
    "settings": {
      "fd_thres": 0.2,
      "testing": false
    },
    "software": "mriqc",
    "version": "22.0.6",
    "webapi_port": null,
    "webapi_url": "https://mriqc.nimh.nih.gov/api/v1"
  },
  "size_t": 200,
  "size_x": 80,
  "size_y": 80,
  "size_z": 40,
  "snr": 5.901936508765375,
  "spacing_tr": 2.5,
  "spacing_x": 3.0,
  "spacing_y": 3.0,
  "spacing_z": 3.2998828887939453,
  "summary_bg_k": 233.73315159787074,
  "summary_bg_mad": 2.989487004834592,
  "summary_bg_mean": 20.313920974731445,
  "summary_bg_median": 2.6088991165161133,
  "summary_bg_n": 188286.0,
  "summary_bg_p05": 0.05386766791343689,
  "summary_bg_p95": 87.22602272033691,
  "summary_bg_stdv": 73.80714416503906,
  "summary_fg_k": 1.2422115237842872,
  "summary_fg_mad": 206.34901836699703,
  "summary_fg_mean": 1256.6639404296875,
  "summary_fg_median": 1245.8079833984375,
  "summary_fg_n": 26381.0,
  "summary_fg_p05": 939.6058349609375,
  "summary_fg_p95": 1597.9365234375,
  "summary_fg_stdv": 211.0806121826172,
  "tsnr": 55.1218376159668
}