{
  "bids_meta": {
    "AcquisitionDateTime": "2018-06-04T19:31:49.235000",
    "BodyPartExamined": "BRAIN",
    "ConversionSoftware": "dcm2niix",
    "ConversionSoftwareVersion": "v1.0.20170411 GCC4.2.1",
    "EchoTime": 0.00207,
    "FlipAngle": 9,
    "ImageType": [
      "ORIGINAL",
      "PRIMARY",
      "M",
      "ND",
      "NORM"
    ],
    "InversionTime": 0.9,
    "MagneticFieldStrength": 3,
    "Manufacturer": "Philips",
    "PhaseEncodingDirection": "i-",
    "ProcedureStepDescription": "funktionales_Schadel-MRT",
    "ProtocolName": "t1_mprage_sag_p2_iso_1.0",
    "RepetitionTime": 2.3,
    "ScanningSequence": "GR_IR",
    "SequenceName": "_tfl3d1_16ns",
    "SequenceVariant": "SK_SP_MP",
    "SeriesDescription": "t1_mprage_sag_p2_iso_1.0",
    "dataset": "ds002608",
    "modality": "T1w",
    "subject_id": "010"
  },
  "cjv": 0.29099235671342477,
  "cnr": 4.668397898333599,
  "efc": 0.7375057647240162,
  "fber": -1.0,
  "fwhm_avg": 4.7659053011281065,
  "fwhm_x": 4.396575955135518,
  "fwhm_y": 4.655239879124904,
  "fwhm_z": 5.245900069123897,
  "icvs_csf": 0.24750185645306882,
  "icvs_gm": 0.4106634363697744,
  "icvs_wm": 0.3418347071771567,
  "inu_med": 0.606215238571167,
  "inu_range": 0.17835797071456905,
  "provenance": {
    "md5sum": "4dc69d9019745596c485fac9c242a29d",
    "settings": {
      "testing": false
    },
    "software": "mriqc",
    "version": "22.0.6",
    "warnings": {
      "large_rot_frame": true,
      "small_air_mask": true
    },
    "webapi_port": null,
    "webapi_url": "https://mriqc.nimh.nih.gov/api/v1"
  },
  "qi_1": 0.0,
  "qi_2": 0.0015420218803718045,
  "rpve_csf": 22.74742171046442,
  "rpve_gm": 13.606802685539911,
  "rpve_wm": 19.82581240076602,
  "size_x": 240,
  "size_y": 240,
  "size_z": 220,
  "snr_csf": 1.788496807787617,
  "snr_gm": 7.856746511658861,
  "snr_total": 10.85688844857313,
  "snr_wm": 22.925422026272916,
  "snrd_csf": 24.21783193424834,
  "snrd_gm": 87.31533733563141,
  "snrd_total": 86.28567289563642,
  "snrd_wm": 147.32384941702952,
  "spacing_x": 0.9989410042762756,
  "spacing_y": 0.9989410042762756,
  "spacing_z": 0.9999771118164062,
  "summary_bg_k": 69.16481338670633,
  "summary_bg_mad": 0.0,
  "summary_bg_mean": 1.0171129318072973,
  "summary_bg_median": 0.0,
  "summary_bg_n": 145918.0,
  "summary_bg_p05": 0.0,
  "summary_bg_p95": 9.787584006786346,
  "summary_bg_stdv": 4.4469133514124435,
  "summary_csf_k": 0.21513468102371336,
  "summary_csf_mad": 94.16573990991195,
  "summary_csf_mean": 174.74800700129455,
  "summary_csf_median": 164.38500466570258,
  "summary_csf_n": 33666.0,
  "summary_csf_p05": 38.5016976473853,
  "summary_csf_p95": 340.8357378914952,
  "summary_csf_stdv": 91.91101852796419,
  "summary_gm_k": -0.01301061432691819,
  "summary_gm_mad": 75.99559879810231,
  "summary_gm_mean": 593.7715982822103,
  "summary_gm_median": 592.6761806868017,
  "summary_gm_n": 40151.0,
  "summary_gm_p05": 469.45598246343434,
  "summary_gm_p95": 717.0987329799682,
  "summary_gm_stdv": 75.43437976150021,
  "summary_wm_k": 0.2909787516522644,
  "summary_wm_mad": 42.532516199760956,
  "summary_wm_mean": 998.7033663924084,
  "summary_wm_median": 999.9999892450869,
  "summary_wm_n": 222663.0,
  "summary_wm_p05": 924.8634068481624,
  "summary_wm_p95": 1067.9857290163636,
  "summary_wm_stdv": 43.6196002215626,
  "tpm_overlap_csf": 0.15298620670378288,
  "tpm_overlap_gm": 0.48512148031195873,
  "tpm_overlap_wm": 0.530386958311338,
  "wm2max": 0.7884740059170428
}